{
  "aor": 0.0009009629629629631,
  "aqi": 0.0038000334074074077,
  "bids_meta": {
    "AcquisitionMatrixPE": 112,
    "AcquisitionNumber": 1,
    "AcquisitionTime": "11:13:30.280000",
    "BandwidthPerPixelPhaseEncode": 33.069,
    "BaseResolution": 112,
    "BidsGuess": [
      "func",
      "_acq-epfid2m2_dir-PA_run-12_bold"
    ],
    "BodyPart": "HEAD",
    "CoilCombinationMethod": "Sum of Squares",
    "ConsistencyInfo": "N4_VE11E_LATEST_20181129",
    "ConversionSoftware": "dcm2niix",
    "ConversionSoftwareVersion": "v1.0.20250505",
    "DerivedVendorReportedEchoSpacing": 0.000539996,
    "DeviceSerialNumber": "166231",
    "DwellTime": 2e-6,
    "EchoTime": 0.03,
    "EchoTrainLength": 55,
    "EffectiveEchoSpacing": 0.000269998,
    "FileSize": 0.10592113714665174,
    "FileSizeUnits": "GB",
    "FlipAngle": 90,
    "ImageOrientationPatientDICOM": [
      0.999001,
      -0.00412595,
      0.0444952,
      0.00697444,
      0.997922,
      -0.0640542
    ],
    "ImageOrientationText": "Tra>Cor(-3.7)>Sag(2.5)",
    "ImageType": [
      "ORIGINAL",
      "PRIMARY",
      "M",
      "ND",
      "MOSAIC",
      "MAGNITUDE"
    ],
    "ImagingFrequency": 123.243037,
    "InPlanePhaseEncodingDirectionDICOM": "COL",
    "InstitutionAddress": "Street StreetNo,Chengdu,District,CN,ZIP",
    "InstitutionName": "Sichuan Normal University",
    "InstitutionalDepartmentName": "Department",
    "MRAcquisitionType": "2D",
    "MagneticFieldStrength": 3,
    "Manufacturer": "Siemens",
    "ManufacturersModelName": "Prisma",
    "Modality": "MR",
    "MultibandAccelerationFactor": 2,
    "NonlinearGradientCorrection": false,
    "NumberOfVolumes": 135,
    "ParallelReductionFactorInPlane": 2,
    "PartialFourier": 1,
    "PatientPosition": "HFS",
    "PercentPhaseFOV": 100,
    "PercentSampling": 100,
    "PhaseEncodingDirection": "j",
    "PhaseEncodingSteps": 111,
    "PhaseResolution": 1,
    "PixelBandwidth": 2230,
    "ProcedureStepDescription": "PKU_ALL^WeiZijie",
    "ProtocolName": "sms_bold_2mm_run6",
    "PulseSequenceDetails": "%SiemensSeq%\\ep2d_bold",
    "ReceiveCoilActiveElements": "HC1-7",
    "ReceiveCoilName": "HeadNeck_64",
    "ReconMatrixPE": 112,
    "RefLinesPE": 32,
    "RepetitionTime": 2,
    "SAR": 0.213175,
    "ScanOptions": "FS",
    "ScanningSequence": "EP",
    "SequenceName": "*epfid2d1_112",
    "SequenceVariant": "SK",
    "SeriesDescription": "sms_bold_2mm_run6",
    "SeriesNumber": 12,
    "ShimSetting": [
      -126,
      -8285,
      10030,
      320,
      -43,
      -45,
      47,
      9
    ],
    "SliceThickness": 2,
    "SliceTiming": [
      0.9575,
      0,
      1.02,
      0.0625,
      1.085,
      0.1275,
      1.1475,
      0.19,
      1.2125,
      0.255,
      1.2775,
      0.3175,
      1.34,
      0.3825,
      1.405,
      0.445,
      1.4675,
      0.51,
      1.5325,
      0.575,
      1.595,
      0.6375,
      1.66,
      0.7025,
      1.7225,
      0.765,
      1.7875,
      0.83,
      1.85,
      0.8925,
      1.915,
      0.9575,
      0,
      1.02,
      0.0625,
      1.085,
      0.1275,
      1.1475,
      0.19,
      1.2125,
      0.255,
      1.2775,
      0.3175,
      1.34,
      0.3825,
      1.405,
      0.445,
      1.4675,
      0.51,
      1.5325,
      0.575,
      1.595,
      0.6375,
      1.66,
      0.7025,
      1.7225,
      0.765,
      1.7875,
      0.83,
      1.85,
      0.8925,
      1.915
    ],
    "SoftwareVersions": "syngo MR E11",
    "SpacingBetweenSlices": 2.3,
    "StationName": "AWP166231",
    "StudyDescription": "PKU_ALL^WeiZijie",
    "TablePosition": [
      0,
      0,
      0
    ],
    "TaskName": "sms_bold_2mm_run6",
    "TotalReadoutTime": 0.0299698,
    "TxRefAmp": 305.157,
    "VendorReportedEchoSpacing": 0.00054,
    "dataset": "<unset>",
    "datatype": "func",
    "direction": "PA",
    "extension": ".nii.gz",
    "modality": "bold",
    "subject": "062",
    "suffix": "bold",
    "task": "smsbold2mmrun6"
  },
  "dummy_trs": 0,
  "dvars_nstd": 39.25044962216418,
  "dvars_std": 1.0849435990298506,
  "dvars_vstd": 1.016289895746269,
  "efc": 0.5301,
  "fber": 217.8529,
  "fd_mean": 0.05677087125570965,
  "fd_num": 0,
  "fd_perc": 0.0,
  "fwhm_avg": 3.1423169058846443,
  "fwhm_x": 2.99728,
  "fwhm_y": 3.271275,
  "fwhm_z": 3.1583957176539323,
  "gcor": 0.00321533,
  "gsr_x": -0.019096143543720245,
  "gsr_y": 0.03539322689175606,
  "provenance": {
    "md5sum": "4c81b17412814a1e6a914e543443ba13",
    "settings": {
      "fd_thres": 0.5,
      "testing": false
    },
    "software": "mriqc",
    "version": "25.1.0.dev45+g699d1691"
  },
  "size_t": 135,
  "size_x": 112,
  "size_y": 112,
  "size_z": 62,
  "snr": 1.9265932986308416,
  "spacing_tr": 2.0,
  "spacing_x": 2.0,
  "spacing_y": 2.0,
  "spacing_z": 2.299999952316284,
  "summary_bg_k": 34.3903,
  "summary_bg_mad": 5.0463,
  "summary_bg_mean": 64.6815,
  "summary_bg_median": 37.0,
  "summary_bg_n": 627726.0,
  "summary_bg_p05": 33.0,
  "summary_bg_p95": 230.0,
  "summary_bg_stdv": 89.746,
  "summary_fg_k": 0.5547,
  "summary_fg_mad": 265.7098,
  "summary_fg_mean": 586.6303,
  "summary_fg_median": 547.0,
  "summary_fg_n": 150002.0,
  "summary_fg_p05": 161.0,
  "summary_fg_p95": 1110.0,
  "summary_fg_stdv": 283.9199,
  "tsnr": 40.61097631417215
}
