{
  "bids_meta": {
    "AcquisitionMatrixPE": 224,
    "AcquisitionNumber": 1,
    "AcquisitionTime": "18:50:35.127500",
    "BaseResolution": 256,
    "BidsGuess": [
      "anat",
      "_acq-tfl3p2_run-18_T1w"
    ],
    "BodyPart": "HEAD",
    "CoilCombinationMethod": "Adaptive Combine",
    "ConsistencyInfo": "N4_VE11E_LATEST_20181129",
    "ConversionSoftware": "dcm2niix",
    "ConversionSoftwareVersion": "v1.0.20250505",
    "Defaced": true,
    "DeviceSerialNumber": "166231",
    "DwellTime": 8.2e-6,
    "EchoTime": 0.00298,
    "FileSize": 0.03298625722527504,
    "FileSizeUnits": "GB",
    "FlipAngle": 7,
    "ImageOrientationPatientDICOM": [
      -0.0611284,
      0.995693,
      0.0697037,
      0.0346507,
      0.0719092,
      -0.996809
    ],
    "ImageOrientationText": "Sag>Cor(-3.4)>Tra(-2.2)",
    "ImageType": [
      "ORIGINAL",
      "PRIMARY",
      "M",
      "ND",
      "NORM",
      "MAGNITUDE"
    ],
    "ImagingFrequency": 123.243073,
    "InPlanePhaseEncodingDirectionDICOM": "ROW",
    "InstitutionAddress": "Street StreetNo,Chengdu,District,CN,ZIP",
    "InstitutionName": "Sichuan Normal University",
    "InstitutionalDepartmentName": "Department",
    "Interpolation2D": 1,
    "InversionTime": 1.1,
    "MRAcquisitionType": "3D",
    "MagneticFieldStrength": 3,
    "Manufacturer": "Siemens",
    "ManufacturersModelName": "Prisma",
    "MatrixCoilMode": "GRAPPA",
    "Modality": "MR",
    "NonlinearGradientCorrection": false,
    "NumberOfVolumes": 1,
    "ParallelReductionFactorInPlane": 2,
    "PartialFourier": 1,
    "PatientPosition": "HFS",
    "PercentPhaseFOV": 87.5,
    "PercentSampling": 100,
    "PhaseEncodingSteps": 250,
    "PhaseOversampling": 0.12,
    "PhaseResolution": 1,
    "PixelBandwidth": 240,
    "ProcedureStepDescription": "PKU_ALL^WeiZijie",
    "ProtocolName": "t1_mprage_sag_iso_mww64CH",
    "PulseSequenceDetails": "%SiemensSeq%\\tfl",
    "ReceiveCoilActiveElements": "HC1-7;NC1,2",
    "ReceiveCoilName": "HeadNeck_64",
    "ReconMatrixPE": 448,
    "RefLinesPE": 32,
    "RepetitionTime": 2.53,
    "SAR": 0.0698669,
    "ScanOptions": "IR",
    "ScanningSequence": "GR\\IR",
    "SequenceName": "*tfl3d1_16ns",
    "SequenceVariant": "SK\\SP\\MP\\OSP",
    "SeriesDescription": "t1_mprage_sag_iso_mww64CH",
    "SeriesNumber": 18,
    "ShimSetting": [
      -141,
      -8240,
      10084,
      301,
      -4,
      28,
      -133,
      74
    ],
    "SliceThickness": 1,
    "SoftwareVersions": "syngo MR E11",
    "SpoilingState": true,
    "StationName": "AWP166231",
    "StudyDescription": "PKU_ALL^WeiZijie",
    "TablePosition": [
      0,
      0,
      0
    ],
    "TxRefAmp": 257.941,
    "acquisition": "t1mpragesagisomww64CH",
    "dataset": "<unset>",
    "datatype": "anat",
    "extension": ".nii.gz",
    "modality": "T1w",
    "subject": "049",
    "suffix": "T1w"
  },
  "cjv": 0.5117979591836734,
  "cnr": 2.0034699807434455,
  "efc": 0.5754,
  "fber": -1.0,
  "fwhm_avg": 6.823453333333333,
  "fwhm_x": 4.24634,
  "fwhm_y": 8.1819,
  "fwhm_z": 8.04212,
  "icvs_csf": 0.26943166694862,
  "icvs_gm": 0.38625627972085685,
  "icvs_wm": 0.34431205333052317,
  "inu_med": 0.4275614619255066,
  "inu_range": 0.14409592449665065,
  "provenance": {
    "md5sum": "51c4a55e8503d7108a62b19858a62cc3",
    "settings": {
      "testing": false
    },
    "software": "mriqc",
    "version": "25.1.0.dev45+g699d1691",
    "warnings": {
      "large_rot_frame": true,
      "small_air_mask": false
    }
  },
  "qi_1": 0.0,
  "qi_2": 0.0019920810280245568,
  "rpve_csf": 6.8777215791856685,
  "rpve_gm": 6.818972781931425,
  "rpve_wm": 6.88521505008973,
  "size_x": 192,
  "size_y": 448,
  "size_z": 512,
  "snr_csf": 1.9616958172827368,
  "snr_gm": 7.600805318077195,
  "snr_total": 7.964268523660627,
  "snr_wm": 14.330304435621947,
  "snrd_csf": 7.945035597912634,
  "snrd_gm": 14.666214702207412,
  "snrd_total": 14.064318066001912,
  "snrd_wm": 19.58170389788569,
  "spacing_x": 1.0,
  "spacing_y": 0.5,
  "spacing_z": 0.5,
  "summary_bg_k": 250.1272,
  "summary_bg_mad": 0.0,
  "summary_bg_mean": 6.16,
  "summary_bg_median": 0.0,
  "summary_bg_n": 11040958.0,
  "summary_bg_p05": 0.0,
  "summary_bg_p95": 19.0,
  "summary_bg_stdv": 32.6536,
  "summary_csf_k": -0.1498,
  "summary_csf_mad": 172.1754,
  "summary_csf_mean": 399.4684,
  "summary_csf_median": 396.0,
  "summary_csf_n": 1707208.49434712,
  "summary_csf_p05": 74.0,
  "summary_csf_p95": 741.0,
  "summary_csf_stdv": 201.8661,
  "summary_gm_k": -0.2669,
  "summary_gm_mad": 74.103,
  "summary_gm_mean": 730.5509,
  "summary_gm_median": 731.0,
  "summary_gm_n": 2447448.0271842508,
  "summary_gm_p05": 568.0,
  "summary_gm_p95": 893.0,
  "summary_gm_stdv": 96.174,
  "summary_wm_k": 0.2386,
  "summary_wm_mad": 51.2875,
  "summary_wm_mean": 961.1619,
  "summary_wm_median": 976.0,
  "summary_wm_n": 2181675.4830977693,
  "summary_wm_p05": 826.0,
  "summary_wm_p95": 1049.0,
  "summary_wm_stdv": 68.1074,
  "tpm_overlap_csf": 0.17647717407091054,
  "tpm_overlap_gm": 0.507946079437765,
  "tpm_overlap_wm": 0.5345517970155,
  "wm2max": 0.652972271105915
}
