{
  "bids_meta": {
    "AcquisitionMatrixPE": 224,
    "AcquisitionNumber": 1,
    "AcquisitionTime": "17:35:16.872500",
    "BaseResolution": 256,
    "BidsGuess": [
      "anat",
      "_acq-tfl3p2_run-15_T1w"
    ],
    "BodyPart": "HEAD",
    "CoilCombinationMethod": "Adaptive Combine",
    "ConsistencyInfo": "N4_VE11E_LATEST_20181129",
    "ConversionSoftware": "dcm2niix",
    "ConversionSoftwareVersion": "v1.0.20250505",
    "Defaced": true,
    "DeviceSerialNumber": "166231",
    "DwellTime": 8.2e-6,
    "EchoTime": 0.00298,
    "FileSize": 0.03764223400503397,
    "FileSizeUnits": "GB",
    "FlipAngle": 7,
    "ImageOrientationPatientDICOM": [
      0.00563157,
      0.99997,
      0.00523592,
      0.00315328,
      0.00521822,
      -0.999981
    ],
    "ImageOrientationText": "Sag>Cor(0.3)>Tra(-0.2)",
    "ImageType": [
      "ORIGINAL",
      "PRIMARY",
      "M",
      "ND",
      "NORM",
      "MAGNITUDE"
    ],
    "ImagingFrequency": 123.243017,
    "InPlanePhaseEncodingDirectionDICOM": "ROW",
    "InstitutionAddress": "Street StreetNo,Chengdu,District,CN,ZIP",
    "InstitutionName": "Sichuan Normal University",
    "InstitutionalDepartmentName": "Department",
    "Interpolation2D": 1,
    "InversionTime": 1.1,
    "MRAcquisitionType": "3D",
    "MagneticFieldStrength": 3,
    "Manufacturer": "Siemens",
    "ManufacturersModelName": "Prisma",
    "MatrixCoilMode": "GRAPPA",
    "Modality": "MR",
    "NonlinearGradientCorrection": false,
    "NumberOfVolumes": 1,
    "ParallelReductionFactorInPlane": 2,
    "PartialFourier": 1,
    "PatientPosition": "HFS",
    "PercentPhaseFOV": 87.5,
    "PercentSampling": 100,
    "PhaseEncodingSteps": 250,
    "PhaseOversampling": 0.12,
    "PhaseResolution": 1,
    "PixelBandwidth": 240,
    "ProcedureStepDescription": "PKU_ALL^WeiZijie",
    "ProtocolName": "t1_mprage_sag_iso_mww64CH",
    "PulseSequenceDetails": "%SiemensSeq%\\tfl",
    "ReceiveCoilActiveElements": "HC1-7;NC1,2",
    "ReceiveCoilName": "HeadNeck_64",
    "ReconMatrixPE": 448,
    "RefLinesPE": 32,
    "RepetitionTime": 2.53,
    "SAR": 0.054096,
    "ScanOptions": "IR",
    "ScanningSequence": "GR\\IR",
    "SequenceName": "*tfl3d1_16ns",
    "SequenceVariant": "SK\\SP\\MP\\OSP",
    "SeriesDescription": "t1_mprage_sag_iso_mww64CH",
    "SeriesNumber": 15,
    "ShimSetting": [
      -169,
      -8345,
      10080,
      -129,
      44,
      -374,
      37,
      15
    ],
    "SliceThickness": 1,
    "SoftwareVersions": "syngo MR E11",
    "SpoilingState": true,
    "StationName": "AWP166231",
    "StudyDescription": "PKU_ALL^WeiZijie",
    "TablePosition": [
      0,
      0,
      0
    ],
    "TxRefAmp": 253.267,
    "acquisition": "t1mpragesagisomww64CH",
    "dataset": "<unset>",
    "datatype": "anat",
    "extension": ".nii.gz",
    "modality": "T1w",
    "subject": "029",
    "suffix": "T1w"
  },
  "cjv": 0.5364908713692946,
  "cnr": 1.784939473201758,
  "efc": 0.613,
  "fber": -1.0,
  "fwhm_avg": 6.717656666666667,
  "fwhm_x": 4.30767,
  "fwhm_y": 8.2045,
  "fwhm_z": 7.6408,
  "icvs_csf": 0.2653948840394698,
  "icvs_gm": 0.3857676364045474,
  "icvs_wm": 0.34883747955598277,
  "inu_med": 0.5055059492588043,
  "inu_range": 0.250365175306797,
  "provenance": {
    "md5sum": "8f58b31f9cc54f0096a73612b3e4bff7",
    "settings": {
      "testing": false
    },
    "software": "mriqc",
    "version": "25.1.0.dev45+g699d1691",
    "warnings": {
      "large_rot_frame": true,
      "small_air_mask": false
    }
  },
  "qi_1": 0.0,
  "qi_2": 0.0006821431342600442,
  "rpve_csf": 6.808448914604903,
  "rpve_gm": 6.7300467253693315,
  "rpve_wm": 6.804718170205856,
  "size_x": 192,
  "size_y": 448,
  "size_z": 512,
  "snr_csf": 2.167137874396858,
  "snr_gm": 7.330881496139429,
  "snr_total": 7.221390033620544,
  "snr_wm": 12.166150730325345,
  "snrd_csf": 6.113001256588286,
  "snrd_gm": 10.481490362121896,
  "snrd_total": 10.183529609049197,
  "snrd_wm": 13.956097208437408,
  "spacing_x": 1.0,
  "spacing_y": 0.5,
  "spacing_z": 0.5,
  "summary_bg_k": 174.9332,
  "summary_bg_mad": 0.0,
  "summary_bg_mean": 8.211,
  "summary_bg_median": 0.0,
  "summary_bg_n": 9447642.0,
  "summary_bg_p05": 0.0,
  "summary_bg_p95": 20.0,
  "summary_bg_stdv": 45.4405,
  "summary_csf_k": -0.1786,
  "summary_csf_mad": 159.7026,
  "summary_csf_mean": 432.707,
  "summary_csf_median": 424.0,
  "summary_csf_n": 1695788.3838275713,
  "summary_csf_p05": 122.0,
  "summary_csf_p95": 754.0,
  "summary_csf_stdv": 195.6497,
  "summary_gm_k": -0.5154,
  "summary_gm_mad": 71.8198,
  "summary_gm_mean": 729.3491,
  "summary_gm_median": 727.0,
  "summary_gm_n": 2464931.7526940694,
  "summary_gm_p05": 567.0,
  "summary_gm_p95": 907.0,
  "summary_gm_stdv": 99.1695,
  "summary_wm_k": -0.246,
  "summary_wm_mad": 57.4745,
  "summary_wm_mean": 947.3864,
  "summary_wm_median": 968.0,
  "summary_wm_n": 2228959.867917977,
  "summary_wm_p05": 787.0,
  "summary_wm_p95": 1045.0,
  "summary_wm_stdv": 79.565,
  "tpm_overlap_csf": 0.1965009047849255,
  "tpm_overlap_gm": 0.5071290897731289,
  "tpm_overlap_wm": 0.5273075872165446,
  "wm2max": 0.48542319283304686
}
