{
  "aor": 0.0010094074074074074,
  "aqi": 0.003167115111111111,
  "bids_meta": {
    "AcquisitionMatrixPE": 112,
    "AcquisitionNumber": 1,
    "AcquisitionTime": "15:17:2.582500",
    "BandwidthPerPixelPhaseEncode": 33.069,
    "BaseResolution": 112,
    "BidsGuess": [
      "func",
      "_acq-epfid2m2_dir-AP_run-6_bold"
    ],
    "BodyPart": "HEAD",
    "CoilCombinationMethod": "Sum of Squares",
    "ConsistencyInfo": "N4_VE11E_LATEST_20181129",
    "ConversionSoftware": "dcm2niix",
    "ConversionSoftwareVersion": "v1.0.20250505",
    "DerivedVendorReportedEchoSpacing": 0.000539996,
    "DeviceSerialNumber": "166231",
    "DwellTime": 2e-6,
    "EchoTime": 0.03,
    "EchoTrainLength": 55,
    "EffectiveEchoSpacing": 0.000269998,
    "FileSize": 0.10638764221221209,
    "FileSizeUnits": "GB",
    "FlipAngle": 90,
    "ImageOrientationPatientDICOM": [
      0.995525,
      0.0245057,
      0.0912629,
      -0.0208532,
      0.998951,
      -0.0407625
    ],
    "ImageOrientationText": "Tra>Sag(5.3)>Cor(-2.2)",
    "ImageType": [
      "ORIGINAL",
      "PRIMARY",
      "M",
      "ND",
      "MOSAIC",
      "MAGNITUDE"
    ],
    "ImagingFrequency": 123.243055,
    "InPlanePhaseEncodingDirectionDICOM": "COL",
    "InstitutionAddress": "Street StreetNo,Chengdu,District,CN,ZIP",
    "InstitutionName": "Sichuan Normal University",
    "InstitutionalDepartmentName": "Department",
    "MRAcquisitionType": "2D",
    "MagneticFieldStrength": 3,
    "Manufacturer": "Siemens",
    "ManufacturersModelName": "Prisma",
    "Modality": "MR",
    "MultibandAccelerationFactor": 2,
    "NonlinearGradientCorrection": false,
    "NumberOfVolumes": 135,
    "ParallelReductionFactorInPlane": 2,
    "PartialFourier": 1,
    "PatientPosition": "HFS",
    "PercentPhaseFOV": 100,
    "PercentSampling": 100,
    "PhaseEncodingDirection": "j-",
    "PhaseEncodingSteps": 111,
    "PhaseResolution": 1,
    "PixelBandwidth": 2230,
    "ProcedureStepDescription": "PKU_ALL^WeiZijie",
    "ProtocolName": "sms_bold_2mm_run4",
    "PulseSequenceDetails": "%SiemensSeq%\\ep2d_bold",
    "ReceiveCoilActiveElements": "HC1-6",
    "ReceiveCoilName": "HeadNeck_64",
    "ReconMatrixPE": 112,
    "RefLinesPE": 32,
    "RepetitionTime": 2,
    "SAR": 0.082446,
    "ScanOptions": "FS",
    "ScanningSequence": "EP",
    "SequenceName": "*epfid2d1_112",
    "SequenceVariant": "SK",
    "SeriesDescription": "sms_bold_2mm_run4",
    "SeriesNumber": 6,
    "ShimSetting": [
      -144,
      -8327,
      10195,
      537,
      -47,
      -300,
      23,
      62
    ],
    "SliceThickness": 2,
    "SliceTiming": [
      0.9575,
      0,
      1.0225,
      0.0625,
      1.085,
      0.1275,
      1.15,
      0.19,
      1.2125,
      0.255,
      1.2775,
      0.3175,
      1.34,
      0.3825,
      1.405,
      0.4475,
      1.4675,
      0.51,
      1.5325,
      0.575,
      1.595,
      0.6375,
      1.66,
      0.7025,
      1.725,
      0.765,
      1.7875,
      0.83,
      1.8525,
      0.8925,
      1.915,
      0.9575,
      0,
      1.0225,
      0.0625,
      1.085,
      0.1275,
      1.15,
      0.19,
      1.2125,
      0.255,
      1.2775,
      0.3175,
      1.34,
      0.3825,
      1.405,
      0.4475,
      1.4675,
      0.51,
      1.5325,
      0.575,
      1.595,
      0.6375,
      1.66,
      0.7025,
      1.725,
      0.765,
      1.7875,
      0.83,
      1.8525,
      0.8925,
      1.915
    ],
    "SoftwareVersions": "syngo MR E11",
    "SpacingBetweenSlices": 2.3,
    "StationName": "AWP166231",
    "StudyDescription": "PKU_ALL^WeiZijie",
    "TablePosition": [
      0,
      0,
      0
    ],
    "TaskName": "sms_bold_2mm_run4",
    "TotalReadoutTime": 0.0299698,
    "TxRefAmp": 220.718,
    "VendorReportedEchoSpacing": 0.00054,
    "dataset": "<unset>",
    "datatype": "func",
    "direction": "AP",
    "extension": ".nii.gz",
    "modality": "bold",
    "subject": "011",
    "suffix": "bold",
    "task": "smsbold2mmrun4"
  },
  "dummy_trs": 0,
  "dvars_nstd": 36.466137999776116,
  "dvars_std": 1.0815735090298508,
  "dvars_vstd": 1.0171599031343284,
  "efc": 0.5073,
  "fber": 313.2995,
  "fd_mean": 0.09422381350201638,
  "fd_num": 0,
  "fd_perc": 0.0,
  "fwhm_avg": 3.5924607490479583,
  "fwhm_x": 3.51889,
  "fwhm_y": 3.72624,
  "fwhm_z": 3.5322522471438753,
  "gcor": 0.00459795,
  "gsr_x": -0.002247660420835018,
  "gsr_y": 0.02966637723147869,
  "provenance": {
    "md5sum": "74ed520048e62bca88545dce24b87df5",
    "settings": {
      "fd_thres": 0.5,
      "testing": false
    },
    "software": "mriqc",
    "version": "25.1.0.dev45+g699d1691"
  },
  "size_t": 135,
  "size_x": 112,
  "size_y": 112,
  "size_z": 62,
  "snr": 1.9295179815823382,
  "spacing_tr": 2.0,
  "spacing_x": 2.0,
  "spacing_y": 2.0,
  "spacing_z": 2.299999952316284,
  "summary_bg_k": 58.9322,
  "summary_bg_mad": 5.3374,
  "summary_bg_mean": 56.0882,
  "summary_bg_median": 33.0,
  "summary_bg_n": 622834.0,
  "summary_bg_p05": 28.0,
  "summary_bg_p95": 180.0,
  "summary_bg_stdv": 78.996,
  "summary_fg_k": 0.9493,
  "summary_fg_mad": 278.883,
  "summary_fg_mean": 637.2259,
  "summary_fg_median": 589.0,
  "summary_fg_n": 154894.0,
  "summary_fg_p05": 206.0,
  "summary_fg_p95": 1195.0,
  "summary_fg_stdv": 305.2566,
  "tsnr": 43.543337412178516
}
