{
    "Modality": "MR",
    "MagneticFieldStrength": 3,
    "ImagingFrequency": 123.243065,
    "Manufacturer": "Siemens",
    "ManufacturersModelName": "Prisma",
    "InstitutionName": "Sichuan Normal University",
    "InstitutionalDepartmentName": "Department",
    "InstitutionAddress": "Street StreetNo,Chengdu,District,CN,ZIP",
    "DeviceSerialNumber": "166231",
    "StationName": "AWP166231",
    "BodyPart": "HEAD",
    "PatientPosition": "HFS",
    "ProcedureStepDescription": "PKU_ALL^WeiZijie",
    "SoftwareVersions": "syngo MR E11",
    "MRAcquisitionType": "2D",
    "StudyDescription": "PKU_ALL^WeiZijie",
    "SeriesDescription": "sms_bold_2mm_run6",
    "ProtocolName": "sms_bold_2mm_run6",
    "ScanningSequence": "EP",
    "SequenceVariant": "SK",
    "ScanOptions": "FS",
    "SequenceName": "*epfid2d1_112",
    "ImageType": [
        "ORIGINAL",
        "PRIMARY",
        "M",
        "ND",
        "MOSAIC",
        "MAGNITUDE"
    ],
    "NonlinearGradientCorrection": false,
    "SeriesNumber": 8,
    "AcquisitionTime": "14:47:19.730000",
    "AcquisitionNumber": 1,
    "SliceThickness": 2,
    "SpacingBetweenSlices": 2.3,
    "SAR": 0.117904,
    "TablePosition": [
        0,
        0,
        0
    ],
    "EchoTime": 0.03,
    "RepetitionTime": 2,
    "FlipAngle": 90,
    "PartialFourier": 1,
    "BaseResolution": 112,
    "ShimSetting": [
        -115,
        -8339,
        10152,
        489,
        87,
        -268,
        26,
        10
    ],
    "TxRefAmp": 254.267,
    "PhaseResolution": 1,
    "VendorReportedEchoSpacing": 0.00054,
    "ReceiveCoilName": "HeadNeck_64",
    "ReceiveCoilActiveElements": "HC1-6",
    "PulseSequenceDetails": "%SiemensSeq%\\ep2d_bold",
    "RefLinesPE": 32,
    "CoilCombinationMethod": "Sum of Squares",
    "ConsistencyInfo": "N4_VE11E_LATEST_20181129",
    "MultibandAccelerationFactor": 2,
    "PercentPhaseFOV": 100,
    "PercentSampling": 100,
    "EchoTrainLength": 55,
    "PhaseEncodingSteps": 111,
    "AcquisitionMatrixPE": 112,
    "ReconMatrixPE": 112,
    "BandwidthPerPixelPhaseEncode": 33.069,
    "ParallelReductionFactorInPlane": 2,
    "EffectiveEchoSpacing": 0.000269998,
    "DerivedVendorReportedEchoSpacing": 0.000539996,
    "TotalReadoutTime": 0.0299698,
    "PixelBandwidth": 2230,
    "DwellTime": 2e-06,
    "PhaseEncodingDirection": "j",
    "SliceTiming": [
        0.96,
        0,
        1.0225,
        0.065,
        1.0875,
        0.1275,
        1.15,
        0.1925,
        1.215,
        0.2575,
        1.2775,
        0.32,
        1.3425,
        0.385,
        1.405,
        0.4475,
        1.47,
        0.5125,
        1.535,
        0.575,
        1.5975,
        0.64,
        1.6625,
        0.7025,
        1.725,
        0.7675,
        1.79,
        0.8325,
        1.8525,
        0.895,
        1.9175,
        0.96,
        0,
        1.0225,
        0.065,
        1.0875,
        0.1275,
        1.15,
        0.1925,
        1.215,
        0.2575,
        1.2775,
        0.32,
        1.3425,
        0.385,
        1.405,
        0.4475,
        1.47,
        0.5125,
        1.535,
        0.575,
        1.5975,
        0.64,
        1.6625,
        0.7025,
        1.725,
        0.7675,
        1.79,
        0.8325,
        1.8525,
        0.895,
        1.9175
    ],
    "ImageOrientationPatientDICOM": [
        0.999408,
        -0.00481,
        0.0340752,
        0.00697727,
        0.99794,
        -0.0637721
    ],
    "ImageOrientationText": "Tra>Cor(-3.7)>Sag(1.9)",
    "InPlanePhaseEncodingDirectionDICOM": "COL",
    "BidsGuess": [
        "func",
        "_acq-epfid2m2_dir-PA_run-8_bold"
    ],
    "ConversionSoftware": "dcm2niix",
    "ConversionSoftwareVersion": "v1.0.20250505",
    "TaskName": "sms_bold_2mm_run6"
}