{
  "bids_meta": {
    "AcquisitionMatrixPE": 224,
    "AcquisitionNumber": 1,
    "AcquisitionTime": "15:06:14.880000",
    "BaseResolution": 256,
    "BidsGuess": [
      "anat",
      "_acq-tfl3p2_run-9_T1w"
    ],
    "BodyPart": "HEAD",
    "CoilCombinationMethod": "Adaptive Combine",
    "ConsistencyInfo": "N4_VE11E_LATEST_20181129",
    "ConversionSoftware": "dcm2niix",
    "ConversionSoftwareVersion": "v1.0.20250505",
    "Defaced": true,
    "DeviceSerialNumber": "166231",
    "DwellTime": 8.2e-6,
    "EchoTime": 0.00298,
    "FileSize": 0.03104974702000618,
    "FileSizeUnits": "GB",
    "FlipAngle": 7,
    "ImageOrientationPatientDICOM": [
      0.00536043,
      0.999972,
      0.00523143,
      0.0415371,
      0.00500434,
      -0.999124
    ],
    "ImageOrientationText": "Sag>Tra(-2.4)>Cor(0.3)",
    "ImageType": [
      "ORIGINAL",
      "PRIMARY",
      "M",
      "ND",
      "NORM",
      "MAGNITUDE"
    ],
    "ImagingFrequency": 123.243082,
    "InPlanePhaseEncodingDirectionDICOM": "ROW",
    "InstitutionAddress": "Street StreetNo,Chengdu,District,CN,ZIP",
    "InstitutionName": "Sichuan Normal University",
    "InstitutionalDepartmentName": "Department",
    "Interpolation2D": 1,
    "InversionTime": 1.1,
    "MRAcquisitionType": "3D",
    "MagneticFieldStrength": 3,
    "Manufacturer": "Siemens",
    "ManufacturersModelName": "Prisma",
    "MatrixCoilMode": "GRAPPA",
    "Modality": "MR",
    "NonlinearGradientCorrection": false,
    "NumberOfVolumes": 1,
    "ParallelReductionFactorInPlane": 2,
    "PartialFourier": 1,
    "PatientPosition": "HFS",
    "PercentPhaseFOV": 87.5,
    "PercentSampling": 100,
    "PhaseEncodingSteps": 250,
    "PhaseOversampling": 0.12,
    "PhaseResolution": 1,
    "PixelBandwidth": 240,
    "ProcedureStepDescription": "PKU_ALL^WeiZijie",
    "ProtocolName": "t1_mprage_sag_iso_mww64CH",
    "PulseSequenceDetails": "%SiemensSeq%\\tfl",
    "ReceiveCoilActiveElements": "HC1-7;NC1,2",
    "ReceiveCoilName": "HeadNeck_64",
    "ReconMatrixPE": 448,
    "RefLinesPE": 32,
    "RepetitionTime": 2.53,
    "SAR": 0.0607693,
    "ScanOptions": "IR",
    "ScanningSequence": "GR\\IR",
    "SequenceName": "*tfl3d1_16ns",
    "SequenceVariant": "SK\\SP\\MP\\OSP",
    "SeriesDescription": "t1_mprage_sag_iso_mww64CH",
    "SeriesNumber": 9,
    "ShimSetting": [
      -127,
      -8304,
      10072,
      -89,
      -25,
      -325,
      -20,
      14
    ],
    "SliceThickness": 1,
    "SoftwareVersions": "syngo MR E11",
    "SpoilingState": true,
    "StationName": "AWP166231",
    "StudyDescription": "PKU_ALL^WeiZijie",
    "TablePosition": [
      0,
      0,
      0
    ],
    "TxRefAmp": 246.422,
    "acquisition": "t1mpragesagisomww64CH",
    "dataset": "<unset>",
    "datatype": "anat",
    "extension": ".nii.gz",
    "modality": "T1w",
    "subject": "005",
    "suffix": "T1w"
  },
  "cjv": 0.47132218045112784,
  "cnr": 2.3142737649342227,
  "efc": 0.5572,
  "fber": -1.0,
  "fwhm_avg": 6.831616666666666,
  "fwhm_x": 4.26103,
  "fwhm_y": 8.16096,
  "fwhm_z": 8.07286,
  "icvs_csf": 0.2596714239244878,
  "icvs_gm": 0.3948587970725168,
  "icvs_wm": 0.34546977900299536,
  "inu_med": 0.4098403602838516,
  "inu_range": 0.1526477396488189,
  "provenance": {
    "md5sum": "f4a6863e7b0973c1fe8e87ce3cfb9385",
    "settings": {
      "testing": false
    },
    "software": "mriqc",
    "version": "25.1.0.dev45+g699d1691",
    "warnings": {
      "large_rot_frame": true,
      "small_air_mask": false
    }
  },
  "qi_1": 0.0,
  "qi_2": 0.001468677877762824,
  "rpve_csf": 7.312594559101143,
  "rpve_gm": 7.274365079611329,
  "rpve_wm": 7.353332644243823,
  "size_x": 192,
  "size_y": 448,
  "size_z": 512,
  "snr_csf": 2.063973965762457,
  "snr_gm": 7.811264209568764,
  "snr_total": 8.658719133604956,
  "snr_wm": 16.100919225483647,
  "snrd_csf": 8.720999677198202,
  "snrd_gm": 14.441008703351295,
  "snrd_total": 14.320163442235385,
  "snrd_wm": 19.79848194615666,
  "spacing_x": 1.0,
  "spacing_y": 0.5,
  "spacing_z": 0.5,
  "summary_bg_k": 242.8389,
  "summary_bg_mad": 0.0,
  "summary_bg_mean": 5.4932,
  "summary_bg_median": 0.0,
  "summary_bg_n": 11528421.0,
  "summary_bg_p05": 0.0,
  "summary_bg_p95": 16.0,
  "summary_bg_stdv": 32.5277,
  "summary_csf_k": -0.6272,
  "summary_csf_mad": 156.7557,
  "summary_csf_mean": 429.3722,
  "summary_csf_median": 433.0,
  "summary_csf_n": 1545246.9982623586,
  "summary_csf_p05": 74.0,
  "summary_csf_p95": 764.0,
  "summary_csf_stdv": 209.7894,
  "summary_gm_k": -0.6208,
  "summary_gm_mad": 77.6071,
  "summary_gm_mean": 717.297,
  "summary_gm_median": 717.0,
  "summary_gm_n": 2349717.0450731795,
  "summary_gm_p05": 563.0,
  "summary_gm_p95": 866.0,
  "summary_gm_stdv": 91.7905,
  "summary_wm_k": -0.1126,
  "summary_wm_mad": 47.7646,
  "summary_wm_mean": 970.7486,
  "summary_wm_median": 983.0,
  "summary_wm_n": 2055813.9626098329,
  "summary_wm_p05": 850.0,
  "summary_wm_p95": 1051.0,
  "summary_wm_stdv": 61.0524,
  "tpm_overlap_csf": 0.20040489917555407,
  "tpm_overlap_gm": 0.5029996382528147,
  "tpm_overlap_wm": 0.51955588334654,
  "wm2max": 0.615921590180938
}
