{
  "bids_meta": {
    "AcquisitionMatrixPE": 224,
    "AcquisitionNumber": 1,
    "AcquisitionTime": "15:46:15.930000",
    "BaseResolution": 256,
    "BidsGuess": [
      "anat",
      "_acq-tfl3p2_run-9_T1w"
    ],
    "BodyPart": "HEAD",
    "CoilCombinationMethod": "Adaptive Combine",
    "ConsistencyInfo": "N4_VE11E_LATEST_20181129",
    "ConversionSoftware": "dcm2niix",
    "ConversionSoftwareVersion": "v1.0.20250505",
    "Defaced": true,
    "DeviceSerialNumber": "166231",
    "DwellTime": 8.2e-6,
    "EchoTime": 0.00298,
    "FileSize": 0.032673672772943974,
    "FileSizeUnits": "GB",
    "FlipAngle": 7,
    "ImageOrientationPatientDICOM": [
      -0.0490222,
      0.998784,
      0.00521538,
      0.0881036,
      0.00952548,
      -0.996066
    ],
    "ImageOrientationText": "Sag>Tra(-5.1)>Cor(-2.8)",
    "ImageType": [
      "ORIGINAL",
      "PRIMARY",
      "M",
      "ND",
      "NORM",
      "MAGNITUDE"
    ],
    "ImagingFrequency": 123.243086,
    "InPlanePhaseEncodingDirectionDICOM": "ROW",
    "InstitutionAddress": "Street StreetNo,Chengdu,District,CN,ZIP",
    "InstitutionName": "Sichuan Normal University",
    "InstitutionalDepartmentName": "Department",
    "Interpolation2D": 1,
    "InversionTime": 1.1,
    "MRAcquisitionType": "3D",
    "MagneticFieldStrength": 3,
    "Manufacturer": "Siemens",
    "ManufacturersModelName": "Prisma",
    "MatrixCoilMode": "GRAPPA",
    "Modality": "MR",
    "NonlinearGradientCorrection": false,
    "NumberOfVolumes": 1,
    "ParallelReductionFactorInPlane": 2,
    "PartialFourier": 1,
    "PatientPosition": "HFS",
    "PercentPhaseFOV": 87.5,
    "PercentSampling": 100,
    "PhaseEncodingSteps": 250,
    "PhaseOversampling": 0.12,
    "PhaseResolution": 1,
    "PixelBandwidth": 240,
    "ProcedureStepDescription": "PKU_ALL^WeiZijie",
    "ProtocolName": "t1_mprage_sag_iso_mww64CH",
    "PulseSequenceDetails": "%SiemensSeq%\\tfl",
    "ReceiveCoilActiveElements": "HC1-7;NC1,2",
    "ReceiveCoilName": "HeadNeck_64",
    "ReconMatrixPE": 448,
    "RefLinesPE": 32,
    "RepetitionTime": 2.53,
    "SAR": 0.0544426,
    "ScanOptions": "IR",
    "ScanningSequence": "GR\\IR",
    "SequenceName": "*tfl3d1_16ns",
    "SequenceVariant": "SK\\SP\\MP\\OSP",
    "SeriesDescription": "t1_mprage_sag_iso_mww64CH",
    "SeriesNumber": 9,
    "ShimSetting": [
      -118,
      -8318,
      10051,
      -71,
      13,
      -277,
      -43,
      -15
    ],
    "SliceThickness": 1,
    "SoftwareVersions": "syngo MR E11",
    "SpoilingState": true,
    "StationName": "AWP166231",
    "StudyDescription": "PKU_ALL^WeiZijie",
    "TablePosition": [
      0,
      0,
      0
    ],
    "TxRefAmp": 230.854,
    "acquisition": "t1mpragesagisomww64CH",
    "dataset": "<unset>",
    "datatype": "anat",
    "extension": ".nii.gz",
    "modality": "T1w",
    "subject": "010",
    "suffix": "T1w"
  },
  "cjv": 0.547116935483871,
  "cnr": 1.9802324422631365,
  "efc": 0.548,
  "fber": -1.0,
  "fwhm_avg": 6.948543333333333,
  "fwhm_x": 4.29697,
  "fwhm_y": 8.57212,
  "fwhm_z": 7.97654,
  "icvs_csf": 0.26224847847528565,
  "icvs_gm": 0.39402043948980947,
  "icvs_wm": 0.3437310820349049,
  "inu_med": 0.4770837724208832,
  "inu_range": 0.1879531815648079,
  "provenance": {
    "md5sum": "9e13ffa22ef8305241ee8b033000f176",
    "settings": {
      "testing": false
    },
    "software": "mriqc",
    "version": "25.1.0.dev45+g699d1691",
    "warnings": {
      "large_rot_frame": true,
      "small_air_mask": false
    }
  },
  "qi_1": 0.0,
  "qi_2": 0.0008094153357115112,
  "rpve_csf": 7.5140156415929,
  "rpve_gm": 7.4492498027395,
  "rpve_wm": 7.523495640847648,
  "size_x": 192,
  "size_y": 448,
  "size_z": 512,
  "snr_csf": 2.0828151657318923,
  "snr_gm": 7.982739476094279,
  "snr_total": 7.315265930841913,
  "snr_wm": 11.880243150699568,
  "snrd_csf": 8.691673466372391,
  "snrd_gm": 14.439067753880817,
  "snrd_total": 14.190350106351213,
  "snrd_wm": 19.44030909880043,
  "spacing_x": 1.0,
  "spacing_y": 0.5,
  "spacing_z": 0.5,
  "summary_bg_k": 249.6395,
  "summary_bg_mad": 0.0,
  "summary_bg_mean": 5.6804,
  "summary_bg_median": 0.0,
  "summary_bg_n": 12724049.0,
  "summary_bg_p05": 0.0,
  "summary_bg_p95": 16.0,
  "summary_bg_stdv": 32.4867,
  "summary_csf_k": -0.457,
  "summary_csf_mad": 155.8782,
  "summary_csf_mean": 430.0974,
  "summary_csf_median": 431.0,
  "summary_csf_n": 1519597.7606637878,
  "summary_csf_p05": 86.0,
  "summary_csf_p95": 761.0,
  "summary_csf_stdv": 206.9314,
  "summary_gm_k": -0.5481,
  "summary_gm_mad": 72.0722,
  "summary_gm_mean": 715.3628,
  "summary_gm_median": 716.0,
  "summary_gm_n": 2283149.862243729,
  "summary_gm_p05": 565.0,
  "summary_gm_p95": 864.0,
  "summary_gm_stdv": 89.6935,
  "summary_wm_k": -0.4531,
  "summary_wm_mad": 63.6128,
  "summary_wm_mean": 943.4365,
  "summary_wm_median": 964.0,
  "summary_wm_n": 1991748.381411513,
  "summary_wm_p05": 783.0,
  "summary_wm_p95": 1045.0,
  "summary_wm_stdv": 81.1431,
  "tpm_overlap_csf": 0.18445144623649345,
  "tpm_overlap_gm": 0.5132400827112845,
  "tpm_overlap_wm": 0.5298607455361054,
  "wm2max": 0.5788458374296289
}
