{
  "aor": 0.0022414074074074077,
  "aqi": 0.006429303185185186,
  "bids_meta": {
    "AcquisitionMatrixPE": 112,
    "AcquisitionNumber": 1,
    "AcquisitionTime": "15:33:12.795000",
    "BandwidthPerPixelPhaseEncode": 33.069,
    "BaseResolution": 112,
    "BidsGuess": [
      "func",
      "_acq-epfid2m2_dir-PA_run-6_bold"
    ],
    "BodyPart": "HEAD",
    "CoilCombinationMethod": "Sum of Squares",
    "ConsistencyInfo": "N4_VE11E_LATEST_20181129",
    "ConversionSoftware": "dcm2niix",
    "ConversionSoftwareVersion": "v1.0.20250505",
    "DerivedVendorReportedEchoSpacing": 0.000539996,
    "DeviceSerialNumber": "166231",
    "DwellTime": 2e-6,
    "EchoTime": 0.03,
    "EchoTrainLength": 55,
    "EffectiveEchoSpacing": 0.000269998,
    "FileSize": 0.10452478565275669,
    "FileSizeUnits": "GB",
    "FlipAngle": 90,
    "ImageOrientationPatientDICOM": [
      0.998401,
      0.00400962,
      0.0563872,
      0.00697027,
      0.981138,
      -0.193184
    ],
    "ImageOrientationText": "Tra>Cor(-11.2)>Sag(3.2)",
    "ImageType": [
      "ORIGINAL",
      "PRIMARY",
      "M",
      "ND",
      "MOSAIC",
      "MAGNITUDE"
    ],
    "ImagingFrequency": 123.243094,
    "InPlanePhaseEncodingDirectionDICOM": "COL",
    "InstitutionAddress": "Street StreetNo,Chengdu,District,CN,ZIP",
    "InstitutionName": "Sichuan Normal University",
    "InstitutionalDepartmentName": "Department",
    "MRAcquisitionType": "2D",
    "MagneticFieldStrength": 3,
    "Manufacturer": "Siemens",
    "ManufacturersModelName": "Prisma",
    "Modality": "MR",
    "MultibandAccelerationFactor": 2,
    "NonlinearGradientCorrection": false,
    "NumberOfVolumes": 135,
    "ParallelReductionFactorInPlane": 2,
    "PartialFourier": 1,
    "PatientPosition": "HFS",
    "PercentPhaseFOV": 100,
    "PercentSampling": 100,
    "PhaseEncodingDirection": "j",
    "PhaseEncodingSteps": 111,
    "PhaseResolution": 1,
    "PixelBandwidth": 2230,
    "ProcedureStepDescription": "PKU_ALL^WeiZijie",
    "ProtocolName": "sms_bold_2mm_run4",
    "PulseSequenceDetails": "%SiemensSeq%\\ep2d_bold",
    "ReceiveCoilActiveElements": "HC1-7;NC1",
    "ReceiveCoilName": "HeadNeck_64",
    "ReconMatrixPE": 112,
    "RefLinesPE": 32,
    "RepetitionTime": 2,
    "SAR": 0.0979843,
    "ScanOptions": "FS",
    "ScanningSequence": "EP",
    "SequenceName": "*epfid2d1_112",
    "SequenceVariant": "SK",
    "SeriesDescription": "sms_bold_2mm_run4",
    "SeriesNumber": 6,
    "ShimSetting": [
      -121,
      -8330,
      10076,
      419,
      11,
      -300,
      -120,
      -36
    ],
    "SliceThickness": 2,
    "SliceTiming": [
      0.9575,
      0,
      1.0225,
      0.065,
      1.085,
      0.1275,
      1.15,
      0.1925,
      1.215,
      0.255,
      1.2775,
      0.32,
      1.3425,
      0.3825,
      1.405,
      0.4475,
      1.47,
      0.5125,
      1.5325,
      0.575,
      1.5975,
      0.64,
      1.66,
      0.7025,
      1.725,
      0.7675,
      1.7875,
      0.83,
      1.8525,
      0.895,
      1.9175,
      0.9575,
      0,
      1.0225,
      0.065,
      1.085,
      0.1275,
      1.15,
      0.1925,
      1.215,
      0.255,
      1.2775,
      0.32,
      1.3425,
      0.3825,
      1.405,
      0.4475,
      1.47,
      0.5125,
      1.5325,
      0.575,
      1.5975,
      0.64,
      1.66,
      0.7025,
      1.725,
      0.7675,
      1.7875,
      0.83,
      1.8525,
      0.895,
      1.9175
    ],
    "SoftwareVersions": "syngo MR E11",
    "SpacingBetweenSlices": 2.3,
    "StationName": "AWP166231",
    "StudyDescription": "PKU_ALL^WeiZijie",
    "TablePosition": [
      0,
      0,
      0
    ],
    "TaskName": "sms_bold_2mm_run4",
    "TotalReadoutTime": 0.0299698,
    "TxRefAmp": 244.843,
    "VendorReportedEchoSpacing": 0.00054,
    "dataset": "<unset>",
    "datatype": "func",
    "direction": "PA",
    "extension": ".nii.gz",
    "modality": "bold",
    "subject": "004",
    "suffix": "bold",
    "task": "smsbold2mmrun4"
  },
  "dummy_trs": 0,
  "dvars_nstd": 40.03164317007466,
  "dvars_std": 1.0618478144029855,
  "dvars_vstd": 1.0138801103731345,
  "efc": 0.5305,
  "fber": 204.7023,
  "fd_mean": 0.07182472695698616,
  "fd_num": 0,
  "fd_perc": 0.0,
  "fwhm_avg": 3.2920811101845615,
  "fwhm_x": 3.110955,
  "fwhm_y": 3.40411,
  "fwhm_z": 3.3611783305536838,
  "gcor": 0.00378296,
  "gsr_x": 0.006032880395650864,
  "gsr_y": 0.012963999062776566,
  "provenance": {
    "md5sum": "d6c5e9df8256ed8a5c6160f35fce41c9",
    "settings": {
      "fd_thres": 0.5,
      "testing": false
    },
    "software": "mriqc",
    "version": "25.1.0.dev45+g699d1691"
  },
  "size_t": 135,
  "size_x": 112,
  "size_y": 112,
  "size_z": 62,
  "snr": 2.036637399081571,
  "spacing_tr": 2.0,
  "spacing_x": 2.0,
  "spacing_y": 2.0,
  "spacing_z": 2.299999952316284,
  "summary_bg_k": 48.3192,
  "summary_bg_mad": 5.2825,
  "summary_bg_mean": 66.8394,
  "summary_bg_median": 38.0,
  "summary_bg_n": 636310.0,
  "summary_bg_p05": 33.0,
  "summary_bg_p95": 230.0,
  "summary_bg_stdv": 101.566,
  "summary_fg_k": 0.9477,
  "summary_fg_mad": 243.4378,
  "summary_fg_mean": 578.709,
  "summary_fg_median": 543.0,
  "summary_fg_n": 141418.0,
  "summary_fg_p05": 184.0,
  "summary_fg_p95": 1069.0,
  "summary_fg_stdv": 266.615,
  "tsnr": 35.641774827381596
}
