{
  "aor": 0.0006427407407407406,
  "aqi": 0.004504672,
  "bids_meta": {
    "AcquisitionMatrixPE": 112,
    "AcquisitionNumber": 1,
    "AcquisitionTime": "15:07:51.960000",
    "BandwidthPerPixelPhaseEncode": 33.069,
    "BaseResolution": 112,
    "BidsGuess": [
      "func",
      "_acq-epfid2m2_dir-PA_run-4_bold"
    ],
    "BodyPart": "HEAD",
    "CoilCombinationMethod": "Sum of Squares",
    "ConsistencyInfo": "N4_VE11E_LATEST_20181129",
    "ConversionSoftware": "dcm2niix",
    "ConversionSoftwareVersion": "v1.0.20250505",
    "DerivedVendorReportedEchoSpacing": 0.000539996,
    "DeviceSerialNumber": "166231",
    "DwellTime": 2e-6,
    "EchoTime": 0.03,
    "EchoTrainLength": 55,
    "EffectiveEchoSpacing": 0.000269998,
    "FileSize": 0.10387378744781017,
    "FileSizeUnits": "GB",
    "FlipAngle": 90,
    "ImageOrientationPatientDICOM": [
      0.998401,
      0.00400962,
      0.0563872,
      0.00697027,
      0.981138,
      -0.193184
    ],
    "ImageOrientationText": "Tra>Cor(-11.2)>Sag(3.2)",
    "ImageType": [
      "ORIGINAL",
      "PRIMARY",
      "M",
      "ND",
      "MOSAIC",
      "MAGNITUDE"
    ],
    "ImagingFrequency": 123.243095,
    "InPlanePhaseEncodingDirectionDICOM": "COL",
    "InstitutionAddress": "Street StreetNo,Chengdu,District,CN,ZIP",
    "InstitutionName": "Sichuan Normal University",
    "InstitutionalDepartmentName": "Department",
    "MRAcquisitionType": "2D",
    "MagneticFieldStrength": 3,
    "Manufacturer": "Siemens",
    "ManufacturersModelName": "Prisma",
    "Modality": "MR",
    "MultibandAccelerationFactor": 2,
    "NonlinearGradientCorrection": false,
    "NumberOfVolumes": 135,
    "ParallelReductionFactorInPlane": 2,
    "PartialFourier": 1,
    "PatientPosition": "HFS",
    "PercentPhaseFOV": 100,
    "PercentSampling": 100,
    "PhaseEncodingDirection": "j",
    "PhaseEncodingSteps": 111,
    "PhaseResolution": 1,
    "PixelBandwidth": 2230,
    "ProcedureStepDescription": "PKU_ALL^WeiZijie",
    "ProtocolName": "sms_bold_2mm_run2",
    "PulseSequenceDetails": "%SiemensSeq%\\ep2d_bold",
    "ReceiveCoilActiveElements": "HC1-7;NC1",
    "ReceiveCoilName": "HeadNeck_64",
    "ReconMatrixPE": 112,
    "RefLinesPE": 32,
    "RepetitionTime": 2,
    "SAR": 0.0979843,
    "ScanOptions": "FS",
    "ScanningSequence": "EP",
    "SequenceName": "*epfid2d1_112",
    "SequenceVariant": "SK",
    "SeriesDescription": "sms_bold_2mm_run2",
    "SeriesNumber": 4,
    "ShimSetting": [
      -121,
      -8330,
      10076,
      419,
      11,
      -300,
      -120,
      -36
    ],
    "SliceThickness": 2,
    "SliceTiming": [
      0.96,
      0,
      1.0225,
      0.065,
      1.0875,
      0.1275,
      1.15,
      0.1925,
      1.215,
      0.2575,
      1.2775,
      0.32,
      1.3425,
      0.385,
      1.405,
      0.4475,
      1.47,
      0.5125,
      1.535,
      0.575,
      1.5975,
      0.64,
      1.6625,
      0.7025,
      1.725,
      0.7675,
      1.79,
      0.83,
      1.8525,
      0.895,
      1.9175,
      0.96,
      0,
      1.0225,
      0.065,
      1.0875,
      0.1275,
      1.15,
      0.1925,
      1.215,
      0.2575,
      1.2775,
      0.32,
      1.3425,
      0.385,
      1.405,
      0.4475,
      1.47,
      0.5125,
      1.535,
      0.575,
      1.5975,
      0.64,
      1.6625,
      0.7025,
      1.725,
      0.7675,
      1.79,
      0.83,
      1.8525,
      0.895,
      1.9175
    ],
    "SoftwareVersions": "syngo MR E11",
    "SpacingBetweenSlices": 2.3,
    "StationName": "AWP166231",
    "StudyDescription": "PKU_ALL^WeiZijie",
    "TablePosition": [
      0,
      0,
      0
    ],
    "TaskName": "sms_bold_2mm_run2",
    "TotalReadoutTime": 0.0299698,
    "TxRefAmp": 244.843,
    "VendorReportedEchoSpacing": 0.00054,
    "dataset": "<unset>",
    "datatype": "func",
    "direction": "PA",
    "extension": ".nii.gz",
    "modality": "bold",
    "subject": "004",
    "suffix": "bold",
    "task": "smsbold2mmrun2"
  },
  "dummy_trs": 0,
  "dvars_nstd": 38.290012074701494,
  "dvars_std": 1.0498544669402987,
  "dvars_vstd": 1.000010794029851,
  "efc": 0.5308,
  "fber": 205.2058,
  "fd_mean": 0.05034739168387795,
  "fd_num": 0,
  "fd_perc": 0.0,
  "fwhm_avg": 3.268111762034964,
  "fwhm_x": 3.109285,
  "fwhm_y": 3.380685,
  "fwhm_z": 3.3143652861048922,
  "gcor": 0.00314871,
  "gsr_x": 0.007162207271903753,
  "gsr_y": 0.01156720519065857,
  "provenance": {
    "md5sum": "664958ca80eec4869978d44b11aa3cf1",
    "settings": {
      "fd_thres": 0.5,
      "testing": false
    },
    "software": "mriqc",
    "version": "25.1.0.dev45+g699d1691"
  },
  "size_t": 135,
  "size_x": 112,
  "size_y": 112,
  "size_z": 62,
  "snr": 2.0754603581208606,
  "spacing_tr": 2.0,
  "spacing_x": 2.0,
  "spacing_y": 2.0,
  "spacing_z": 2.299999952316284,
  "summary_bg_k": 51.0622,
  "summary_bg_mad": 5.3483,
  "summary_bg_mean": 65.4448,
  "summary_bg_median": 38.0,
  "summary_bg_n": 636426.0,
  "summary_bg_p05": 33.0,
  "summary_bg_p95": 220.0,
  "summary_bg_stdv": 99.0554,
  "summary_fg_k": 0.7439,
  "summary_fg_mad": 240.6648,
  "summary_fg_mean": 571.8523,
  "summary_fg_median": 539.0,
  "summary_fg_n": 141302.0,
  "summary_fg_p05": 179.0,
  "summary_fg_p95": 1044.0,
  "summary_fg_stdv": 259.7005,
  "tsnr": 38.68816555570811
}
