{
  "aor": 0.001157313432835821,
  "aqi": 0.0034950098507462684,
  "bids_meta": {
    "AcquisitionMatrixPE": 112,
    "AcquisitionNumber": 1,
    "AcquisitionTime": "16:43:42.360000",
    "BandwidthPerPixelPhaseEncode": 33.069,
    "BaseResolution": 112,
    "BidsGuess": [
      "func",
      "_acq-epfid2m2_dir-PA_run-4_bold"
    ],
    "BodyPart": "HEAD",
    "CoilCombinationMethod": "Sum of Squares",
    "ConsistencyInfo": "N4_VE11E_LATEST_20181129",
    "ConversionSoftware": "dcm2niix",
    "ConversionSoftwareVersion": "v1.0.20250505",
    "DerivedVendorReportedEchoSpacing": 0.000539996,
    "DeviceSerialNumber": "166231",
    "DwellTime": 2e-6,
    "EchoTime": 0.03,
    "EchoTrainLength": 55,
    "EffectiveEchoSpacing": 0.000269998,
    "FileSize": 0.11163951642811298,
    "FileSizeUnits": "GB",
    "FlipAngle": 90,
    "ImageOrientationPatientDICOM": [
      0.999959,
      -0.00659168,
      0.00627171,
      0.0069812,
      0.997909,
      -0.0642594
    ],
    "ImageOrientationText": "Tra>Cor(-3.7)>Sag(0.3)",
    "ImageType": [
      "ORIGINAL",
      "PRIMARY",
      "M",
      "ND",
      "MOSAIC",
      "MAGNITUDE"
    ],
    "ImagingFrequency": 123.242987,
    "InPlanePhaseEncodingDirectionDICOM": "COL",
    "InstitutionAddress": "Street StreetNo,Chengdu,District,CN,ZIP",
    "InstitutionName": "Sichuan Normal University",
    "InstitutionalDepartmentName": "Department",
    "MRAcquisitionType": "2D",
    "MagneticFieldStrength": 3,
    "Manufacturer": "Siemens",
    "ManufacturersModelName": "Prisma",
    "Modality": "MR",
    "MultibandAccelerationFactor": 2,
    "NonlinearGradientCorrection": false,
    "NumberOfVolumes": 135,
    "ParallelReductionFactorInPlane": 2,
    "PartialFourier": 1,
    "PatientPosition": "HFS",
    "PercentPhaseFOV": 100,
    "PercentSampling": 100,
    "PhaseEncodingDirection": "j",
    "PhaseEncodingSteps": 111,
    "PhaseResolution": 1,
    "PixelBandwidth": 2230,
    "ProcedureStepDescription": "PKU_ALL^WeiZijie",
    "ProtocolName": "sms_bold_2mm_run2",
    "PulseSequenceDetails": "%SiemensSeq%\\ep2d_bold",
    "ReceiveCoilActiveElements": "HC1-6",
    "ReceiveCoilName": "HeadNeck_64",
    "ReconMatrixPE": 112,
    "RefLinesPE": 32,
    "RepetitionTime": 2,
    "SAR": 0.0773771,
    "ScanOptions": "FS",
    "ScanningSequence": "EP",
    "SequenceName": "*epfid2d1_112",
    "SequenceVariant": "SK",
    "SeriesDescription": "sms_bold_2mm_run2",
    "SeriesNumber": 4,
    "ShimSetting": [
      -168,
      -8337,
      10184,
      510,
      -77,
      -176,
      16,
      51
    ],
    "SliceThickness": 2,
    "SliceTiming": [
      0.9575,
      0,
      1.0225,
      0.0625,
      1.085,
      0.1275,
      1.15,
      0.1925,
      1.2125,
      0.255,
      1.2775,
      0.32,
      1.34,
      0.3825,
      1.405,
      0.4475,
      1.47,
      0.51,
      1.5325,
      0.575,
      1.5975,
      0.6375,
      1.66,
      0.7025,
      1.725,
      0.765,
      1.7875,
      0.83,
      1.8525,
      0.895,
      1.915,
      0.9575,
      0,
      1.0225,
      0.0625,
      1.085,
      0.1275,
      1.15,
      0.1925,
      1.2125,
      0.255,
      1.2775,
      0.32,
      1.34,
      0.3825,
      1.405,
      0.4475,
      1.47,
      0.51,
      1.5325,
      0.575,
      1.5975,
      0.6375,
      1.66,
      0.7025,
      1.725,
      0.765,
      1.7875,
      0.83,
      1.8525,
      0.895,
      1.915
    ],
    "SoftwareVersions": "syngo MR E11",
    "SpacingBetweenSlices": 2.3,
    "StationName": "AWP166231",
    "StudyDescription": "PKU_ALL^WeiZijie",
    "TablePosition": [
      0,
      0,
      0
    ],
    "TaskName": "sms_bold_2mm_run2",
    "TotalReadoutTime": 0.0299698,
    "TxRefAmp": 245.055,
    "VendorReportedEchoSpacing": 0.00054,
    "dataset": "<unset>",
    "datatype": "func",
    "direction": "PA",
    "extension": ".nii.gz",
    "modality": "bold",
    "subject": "029",
    "suffix": "bold",
    "task": "smsbold2mmrun2"
  },
  "dummy_trs": 1,
  "dvars_nstd": 38.46361031203006,
  "dvars_std": 1.0993947749624058,
  "dvars_vstd": 1.026625869924812,
  "efc": 0.5235,
  "fber": 267.5742,
  "fd_mean": 0.055604274457910156,
  "fd_num": 0,
  "fd_perc": 0.0,
  "fwhm_avg": 3.8149853876169604,
  "fwhm_x": 3.82441,
  "fwhm_y": 3.95982,
  "fwhm_z": 3.6607261628508807,
  "gcor": 0.00213503,
  "gsr_x": 0.02135586179792881,
  "gsr_y": 0.048643313348293304,
  "provenance": {
    "md5sum": "c8b6029b967cb50a8b8548a11f550d7b",
    "settings": {
      "fd_thres": 0.5,
      "testing": false
    },
    "software": "mriqc",
    "version": "25.1.0.dev45+g699d1691"
  },
  "size_t": 134,
  "size_x": 112,
  "size_y": 112,
  "size_z": 62,
  "snr": 1.7433123368798689,
  "spacing_tr": 2.0,
  "spacing_x": 2.0,
  "spacing_y": 2.0,
  "spacing_z": 2.299999952316284,
  "summary_bg_k": 48.2927,
  "summary_bg_mad": 10.3782,
  "summary_bg_mean": 76.1365,
  "summary_bg_median": 37.0,
  "summary_bg_n": 619318.0,
  "summary_bg_p05": 28.0,
  "summary_bg_p95": 285.0,
  "summary_bg_stdv": 126.629,
  "summary_fg_k": 0.7743,
  "summary_fg_mad": 328.1143,
  "summary_fg_mean": 655.3465,
  "summary_fg_median": 599.0,
  "summary_fg_n": 158410.0,
  "summary_fg_p05": 187.0,
  "summary_fg_p95": 1289.0,
  "summary_fg_stdv": 343.5977,
  "tsnr": 41.24231504928321
}
