{
  "aor": 0.0009049629629629628,
  "aqi": 0.004213593925925926,
  "bids_meta": {
    "AcquisitionMatrixPE": 112,
    "AcquisitionNumber": 1,
    "AcquisitionTime": "20:12:59.542500",
    "BandwidthPerPixelPhaseEncode": 33.069,
    "BaseResolution": 112,
    "BidsGuess": [
      "func",
      "_acq-epfid2m2_dir-PA_run-8_bold"
    ],
    "BodyPart": "HEAD",
    "CoilCombinationMethod": "Sum of Squares",
    "ConsistencyInfo": "N4_VE11E_LATEST_20181129",
    "ConversionSoftware": "dcm2niix",
    "ConversionSoftwareVersion": "v1.0.20250505",
    "DerivedVendorReportedEchoSpacing": 0.000539996,
    "DeviceSerialNumber": "166231",
    "DwellTime": 2e-6,
    "EchoTime": 0.03,
    "EchoTrainLength": 55,
    "EffectiveEchoSpacing": 0.000269998,
    "FileSize": 0.10506836883723736,
    "FileSizeUnits": "GB",
    "FlipAngle": 90,
    "ImageOrientationPatientDICOM": [
      0.999959,
      -0.00659168,
      0.00627171,
      0.0069812,
      0.997909,
      -0.0642594
    ],
    "ImageOrientationText": "Tra>Cor(-3.7)>Sag(0.3)",
    "ImageType": [
      "ORIGINAL",
      "PRIMARY",
      "M",
      "ND",
      "MOSAIC",
      "MAGNITUDE"
    ],
    "ImagingFrequency": 123.242962,
    "InPlanePhaseEncodingDirectionDICOM": "COL",
    "InstitutionAddress": "Street StreetNo,Chengdu,District,CN,ZIP",
    "InstitutionName": "Sichuan Normal University",
    "InstitutionalDepartmentName": "Department",
    "MRAcquisitionType": "2D",
    "MagneticFieldStrength": 3,
    "Manufacturer": "Siemens",
    "ManufacturersModelName": "Prisma",
    "Modality": "MR",
    "MultibandAccelerationFactor": 2,
    "NonlinearGradientCorrection": false,
    "NumberOfVolumes": 135,
    "ParallelReductionFactorInPlane": 2,
    "PartialFourier": 1,
    "PatientPosition": "HFS",
    "PercentPhaseFOV": 100,
    "PercentSampling": 100,
    "PhaseEncodingDirection": "j",
    "PhaseEncodingSteps": 111,
    "PhaseResolution": 1,
    "PixelBandwidth": 2230,
    "ProcedureStepDescription": "PKU_ALL^WeiZijie",
    "ProtocolName": "sms_bold_2mm_run4",
    "PulseSequenceDetails": "%SiemensSeq%\\ep2d_bold",
    "ReceiveCoilActiveElements": "HC1-6",
    "ReceiveCoilName": "HeadNeck_64",
    "ReconMatrixPE": 112,
    "RefLinesPE": 32,
    "RepetitionTime": 2,
    "SAR": 0.132983,
    "ScanOptions": "FS",
    "ScanningSequence": "EP",
    "SequenceName": "*epfid2d1_112",
    "SequenceVariant": "SK",
    "SeriesDescription": "sms_bold_2mm_run4",
    "SeriesNumber": 8,
    "ShimSetting": [
      -145,
      -8322,
      10199,
      576,
      61,
      -105,
      54,
      60
    ],
    "SliceThickness": 2,
    "SliceTiming": [
      0.9575,
      0,
      1.0225,
      0.065,
      1.085,
      0.1275,
      1.15,
      0.1925,
      1.215,
      0.255,
      1.2775,
      0.32,
      1.3425,
      0.3825,
      1.405,
      0.4475,
      1.47,
      0.5125,
      1.5325,
      0.575,
      1.5975,
      0.64,
      1.66,
      0.7025,
      1.725,
      0.7675,
      1.7875,
      0.83,
      1.8525,
      0.895,
      1.9175,
      0.9575,
      0,
      1.0225,
      0.065,
      1.085,
      0.1275,
      1.15,
      0.1925,
      1.215,
      0.255,
      1.2775,
      0.32,
      1.3425,
      0.3825,
      1.405,
      0.4475,
      1.47,
      0.5125,
      1.5325,
      0.575,
      1.5975,
      0.64,
      1.66,
      0.7025,
      1.725,
      0.7675,
      1.7875,
      0.83,
      1.8525,
      0.895,
      1.9175
    ],
    "SoftwareVersions": "syngo MR E11",
    "SpacingBetweenSlices": 2.3,
    "StationName": "AWP166231",
    "StudyDescription": "PKU_ALL^WeiZijie",
    "TablePosition": [
      0,
      0,
      0
    ],
    "TaskName": "sms_bold_2mm_run4",
    "TotalReadoutTime": 0.0299698,
    "TxRefAmp": 279.392,
    "VendorReportedEchoSpacing": 0.00054,
    "dataset": "<unset>",
    "datatype": "func",
    "direction": "PA",
    "extension": ".nii.gz",
    "modality": "bold",
    "subject": "039",
    "suffix": "bold",
    "task": "smsbold2mmrun4"
  },
  "dummy_trs": 0,
  "dvars_nstd": 40.0527258344776,
  "dvars_std": 1.0859477907462685,
  "dvars_vstd": 1.0139235170149248,
  "efc": 0.5134,
  "fber": 279.3491,
  "fd_mean": 0.0577367834768865,
  "fd_num": 0,
  "fd_perc": 0.0,
  "fwhm_avg": 3.3325526312365596,
  "fwhm_x": 3.233455,
  "fwhm_y": 3.502455,
  "fwhm_z": 3.261747893709678,
  "gcor": 0.00327339,
  "gsr_x": -0.005179901607334614,
  "gsr_y": 0.04301084205508232,
  "provenance": {
    "md5sum": "8e37aa31297101d8747ef55006340a19",
    "settings": {
      "fd_thres": 0.5,
      "testing": false
    },
    "software": "mriqc",
    "version": "25.1.0.dev45+g699d1691"
  },
  "size_t": 135,
  "size_x": 112,
  "size_y": 112,
  "size_z": 62,
  "snr": 1.9615610612782137,
  "spacing_tr": 2.0,
  "spacing_x": 2.0,
  "spacing_y": 2.0,
  "spacing_z": 2.299999952316284,
  "summary_bg_k": 61.3197,
  "summary_bg_mad": 5.7108,
  "summary_bg_mean": 55.6745,
  "summary_bg_median": 33.0,
  "summary_bg_n": 627575.0,
  "summary_bg_p05": 28.0,
  "summary_bg_p95": 177.0,
  "summary_bg_stdv": 78.0001,
  "summary_fg_k": 0.649,
  "summary_fg_mad": 264.7049,
  "summary_fg_mean": 589.8308,
  "summary_fg_median": 548.0,
  "summary_fg_n": 150153.0,
  "summary_fg_p05": 195.0,
  "summary_fg_p95": 1106.0,
  "summary_fg_stdv": 279.3684,
  "tsnr": 39.76666028611362
}
