{
  "bids_meta": {
    "AcquisitionMatrixPE": 224,
    "AcquisitionNumber": 1,
    "AcquisitionTime": "13:12:47.210000",
    "BaseResolution": 256,
    "BidsGuess": [
      "anat",
      "_acq-tfl3p2_run-11_T1w"
    ],
    "BodyPart": "HEAD",
    "CoilCombinationMethod": "Adaptive Combine",
    "ConsistencyInfo": "N4_VE11E_LATEST_20181129",
    "ConversionSoftware": "dcm2niix",
    "ConversionSoftwareVersion": "v1.0.20250505",
    "Defaced": true,
    "DeviceSerialNumber": "166231",
    "DwellTime": 8.2e-6,
    "EchoTime": 0.00298,
    "FileSize": 0.03438818734139204,
    "FileSizeUnits": "GB",
    "FlipAngle": 7,
    "ImageOrientationPatientDICOM": [
      0.00563157,
      0.99997,
      0.00523592,
      0.00315328,
      0.00521822,
      -0.999981
    ],
    "ImageOrientationText": "Sag>Cor(0.3)>Tra(-0.2)",
    "ImageType": [
      "ORIGINAL",
      "PRIMARY",
      "M",
      "ND",
      "NORM",
      "MAGNITUDE"
    ],
    "ImagingFrequency": 123.24304,
    "InPlanePhaseEncodingDirectionDICOM": "ROW",
    "InstitutionAddress": "Street StreetNo,Chengdu,District,CN,ZIP",
    "InstitutionName": "Sichuan Normal University",
    "InstitutionalDepartmentName": "Department",
    "Interpolation2D": 1,
    "InversionTime": 1.1,
    "MRAcquisitionType": "3D",
    "MagneticFieldStrength": 3,
    "Manufacturer": "Siemens",
    "ManufacturersModelName": "Prisma",
    "MatrixCoilMode": "GRAPPA",
    "Modality": "MR",
    "NonlinearGradientCorrection": false,
    "NumberOfVolumes": 1,
    "ParallelReductionFactorInPlane": 2,
    "PartialFourier": 1,
    "PatientPosition": "HFS",
    "PercentPhaseFOV": 87.5,
    "PercentSampling": 100,
    "PhaseEncodingSteps": 250,
    "PhaseOversampling": 0.12,
    "PhaseResolution": 1,
    "PixelBandwidth": 240,
    "ProcedureStepDescription": "PKU_ALL^WeiZijie",
    "ProtocolName": "t1_mprage_sag_iso_mww64CH",
    "PulseSequenceDetails": "%SiemensSeq%\\tfl",
    "ReceiveCoilActiveElements": "HC1-7;NC1,2",
    "ReceiveCoilName": "HeadNeck_64",
    "ReconMatrixPE": 448,
    "RefLinesPE": 32,
    "RepetitionTime": 2.53,
    "SAR": 0.0439945,
    "ScanOptions": "IR",
    "ScanningSequence": "GR\\IR",
    "SequenceName": "*tfl3d1_16ns",
    "SequenceVariant": "SK\\SP\\MP\\OSP",
    "SeriesDescription": "t1_mprage_sag_iso_mww64CH",
    "SeriesNumber": 11,
    "ShimSetting": [
      -152,
      -8281,
      10094,
      134,
      -20,
      -382,
      -37,
      42
    ],
    "SliceThickness": 1,
    "SoftwareVersions": "syngo MR E11",
    "SpoilingState": true,
    "StationName": "AWP166231",
    "StudyDescription": "PKU_ALL^WeiZijie",
    "TablePosition": [
      0,
      0,
      0
    ],
    "TxRefAmp": 237.767,
    "acquisition": "t1mpragesagisomww64CH",
    "dataset": "<unset>",
    "datatype": "anat",
    "extension": ".nii.gz",
    "modality": "T1w",
    "subject": "030",
    "suffix": "T1w"
  },
  "cjv": 0.48420799999999997,
  "cnr": 2.287684185802629,
  "efc": 0.5827,
  "fber": -1.0,
  "fwhm_avg": 6.460919999999999,
  "fwhm_x": 4.07876,
  "fwhm_y": 7.85764,
  "fwhm_z": 7.44636,
  "icvs_csf": 0.25291340557817676,
  "icvs_gm": 0.396994814618104,
  "icvs_wm": 0.35009177980371925,
  "inu_med": 0.4086383581161499,
  "inu_range": 0.15246443599462506,
  "provenance": {
    "md5sum": "308472f80104c554150f3f0cac16f85c",
    "settings": {
      "testing": false
    },
    "software": "mriqc",
    "version": "25.1.0.dev45+g699d1691",
    "warnings": {
      "large_rot_frame": true,
      "small_air_mask": false
    }
  },
  "qi_1": 0.0,
  "qi_2": 0.0008572011357602024,
  "rpve_csf": 7.264099944617461,
  "rpve_gm": 7.228173848401854,
  "rpve_wm": 7.308026636482113,
  "size_x": 192,
  "size_y": 448,
  "size_z": 512,
  "snr_csf": 2.2252880694910293,
  "snr_gm": 8.451551310424398,
  "snr_total": 9.379704793202173,
  "snr_wm": 17.462274999691093,
  "snrd_csf": 8.648665346534653,
  "snrd_gm": 13.41276066454103,
  "snrd_total": 13.351682519438384,
  "snrd_wm": 17.993621547239467,
  "spacing_x": 1.0,
  "spacing_y": 0.5,
  "spacing_z": 0.5,
  "summary_bg_k": 213.1573,
  "summary_bg_mad": 0.0,
  "summary_bg_mean": 6.0937,
  "summary_bg_median": 0.0,
  "summary_bg_n": 12010626.0,
  "summary_bg_p05": 0.0,
  "summary_bg_p95": 17.0,
  "summary_bg_stdv": 35.754,
  "summary_csf_k": -0.3238,
  "summary_csf_mad": 147.8054,
  "summary_csf_mean": 465.2141,
  "summary_csf_median": 472.0,
  "summary_csf_n": 1514198.6302078434,
  "summary_csf_p05": 96.0,
  "summary_csf_p95": 798.0,
  "summary_csf_stdv": 212.1073,
  "summary_gm_k": -0.6821,
  "summary_gm_mad": 74.5897,
  "summary_gm_mean": 733.3537,
  "summary_gm_median": 732.0,
  "summary_gm_n": 2376817.4847044153,
  "summary_gm_p05": 589.0,
  "summary_gm_p95": 874.0,
  "summary_gm_stdv": 86.6113,
  "summary_wm_k": -0.2598,
  "summary_wm_mad": 46.4623,
  "summary_wm_mean": 971.7239,
  "summary_wm_median": 982.0,
  "summary_wm_n": 2096007.8893957976,
  "summary_wm_p05": 862.0,
  "summary_wm_p95": 1047.0,
  "summary_wm_stdv": 56.2355,
  "tpm_overlap_csf": 0.21452125686604015,
  "tpm_overlap_gm": 0.5043082426107606,
  "tpm_overlap_wm": 0.5243370984646979,
  "wm2max": 0.5639841495986029
}
