{
  "bids_meta": {
    "AcquisitionMatrixPE": 224,
    "AcquisitionNumber": 1,
    "AcquisitionTime": "14:50:24.272500",
    "BaseResolution": 256,
    "BidsGuess": [
      "anat",
      "_acq-tfl3p2_run-16_T1w"
    ],
    "BodyPart": "HEAD",
    "CoilCombinationMethod": "Adaptive Combine",
    "ConsistencyInfo": "N4_VE11E_LATEST_20181129",
    "ConversionSoftware": "dcm2niix",
    "ConversionSoftwareVersion": "v1.0.20250505",
    "Defaced": true,
    "DeviceSerialNumber": "166231",
    "DwellTime": 8.2e-6,
    "EchoTime": 0.00298,
    "FileSize": 0.0338453184813261,
    "FileSizeUnits": "GB",
    "FlipAngle": 7,
    "ImageOrientationPatientDICOM": [
      -0.0971878,
      0.995252,
      0.00523591,
      0.00260022,
      0.0055147,
      -0.999981
    ],
    "ImageOrientationText": "Sag>Cor(-5.6)>Tra(-0.2)",
    "ImageType": [
      "ORIGINAL",
      "PRIMARY",
      "M",
      "ND",
      "NORM",
      "MAGNITUDE"
    ],
    "ImagingFrequency": 123.242968,
    "InPlanePhaseEncodingDirectionDICOM": "ROW",
    "InstitutionAddress": "Street StreetNo,Chengdu,District,CN,ZIP",
    "InstitutionName": "Sichuan Normal University",
    "InstitutionalDepartmentName": "Department",
    "Interpolation2D": 1,
    "InversionTime": 1.1,
    "MRAcquisitionType": "3D",
    "MagneticFieldStrength": 3,
    "Manufacturer": "Siemens",
    "ManufacturersModelName": "Prisma",
    "MatrixCoilMode": "GRAPPA",
    "Modality": "MR",
    "NonlinearGradientCorrection": false,
    "NumberOfVolumes": 1,
    "ParallelReductionFactorInPlane": 2,
    "PartialFourier": 1,
    "PatientPosition": "HFS",
    "PercentPhaseFOV": 87.5,
    "PercentSampling": 100,
    "PhaseEncodingSteps": 250,
    "PhaseOversampling": 0.12,
    "PhaseResolution": 1,
    "PixelBandwidth": 240,
    "ProcedureStepDescription": "PKU_ALL^WeiZijie",
    "ProtocolName": "t1_mprage_sag_iso_mww64CH",
    "PulseSequenceDetails": "%SiemensSeq%\\tfl",
    "ReceiveCoilActiveElements": "HC1-7;NC1,2",
    "ReceiveCoilName": "HeadNeck_64",
    "ReconMatrixPE": 448,
    "RefLinesPE": 32,
    "RepetitionTime": 2.53,
    "SAR": 0.0655341,
    "ScanOptions": "IR",
    "ScanningSequence": "GR\\IR",
    "SequenceName": "*tfl3d1_16ns",
    "SequenceVariant": "SK\\SP\\MP\\OSP",
    "SeriesDescription": "t1_mprage_sag_iso_mww64CH",
    "SeriesNumber": 16,
    "ShimSetting": [
      -154,
      -8306,
      10121,
      356,
      -52,
      -39,
      -26,
      26
    ],
    "SliceThickness": 1,
    "SoftwareVersions": "syngo MR E11",
    "SpoilingState": true,
    "StationName": "AWP166231",
    "StudyDescription": "PKU_ALL^WeiZijie",
    "TablePosition": [
      0,
      0,
      0
    ],
    "TxRefAmp": 253.725,
    "acquisition": "t1mpragesagisomww64CH",
    "dataset": "<unset>",
    "datatype": "anat",
    "extension": ".nii.gz",
    "modality": "T1w",
    "subject": "055",
    "suffix": "T1w"
  },
  "cjv": 0.5113643153526971,
  "cnr": 2.08502203710549,
  "efc": 0.5782,
  "fber": 24214.9423,
  "fwhm_avg": 6.941656666666667,
  "fwhm_x": 4.23567,
  "fwhm_y": 8.45012,
  "fwhm_z": 8.13918,
  "icvs_csf": 0.2576294955858484,
  "icvs_gm": 0.3958161244257959,
  "icvs_wm": 0.34655437998835564,
  "inu_med": 0.4442090392112732,
  "inu_range": 0.1675677612423897,
  "provenance": {
    "md5sum": "b28ac16317a8bda2bfcffce22a5f0ae3",
    "settings": {
      "testing": false
    },
    "software": "mriqc",
    "version": "25.1.0.dev45+g699d1691",
    "warnings": {
      "large_rot_frame": true,
      "small_air_mask": false
    }
  },
  "qi_1": 0.0,
  "qi_2": 0.0016423809849001633,
  "rpve_csf": 6.982694437256725,
  "rpve_gm": 6.931872238848833,
  "rpve_wm": 7.004538490033464,
  "size_x": 192,
  "size_y": 448,
  "size_z": 512,
  "snr_csf": 2.1216459975023425,
  "snr_gm": 8.753819077243506,
  "snr_total": 8.235024186071824,
  "snr_wm": 13.82960748346962,
  "snrd_csf": 50.37471307163092,
  "snrd_gm": 81.0856127074059,
  "snrd_total": 79.72313874274921,
  "snrd_wm": 107.70909044921085,
  "spacing_x": 1.0,
  "spacing_y": 0.5,
  "spacing_z": 0.5,
  "summary_bg_k": 201.4331,
  "summary_bg_mad": 5.9304,
  "summary_bg_mean": 8.0522,
  "summary_bg_median": 4.0,
  "summary_bg_n": 11249984.0,
  "summary_bg_p05": 0.0,
  "summary_bg_p95": 21.0,
  "summary_bg_stdv": 36.8666,
  "summary_csf_k": -0.1943,
  "summary_csf_mad": 164.4274,
  "summary_csf_mean": 449.5814,
  "summary_csf_median": 456.0,
  "summary_csf_n": 1605222.4040112663,
  "summary_csf_p05": 92.0,
  "summary_csf_p95": 786.0,
  "summary_csf_stdv": 214.9274,
  "summary_gm_k": -0.3954,
  "summary_gm_mad": 69.4984,
  "summary_gm_mean": 733.6044,
  "summary_gm_median": 734.0,
  "summary_gm_n": 2466227.360156737,
  "summary_gm_p05": 593.0,
  "summary_gm_p95": 871.0,
  "summary_gm_stdv": 83.8491,
  "summary_wm_k": 0.1141,
  "summary_wm_mad": 53.7404,
  "summary_wm_mean": 960.9509,
  "summary_wm_median": 975.0,
  "summary_wm_n": 2159290.238489678,
  "summary_wm_p05": 823.0,
  "summary_wm_p95": 1054.0,
  "summary_wm_stdv": 70.5009,
  "tpm_overlap_csf": 0.1985852773832768,
  "tpm_overlap_gm": 0.5092735157215816,
  "tpm_overlap_wm": 0.5345460183250719,
  "wm2max": 0.6029476559259507
}
