{
  "bids_meta": {
    "AcquisitionMatrixPE": 224,
    "AcquisitionNumber": 1,
    "AcquisitionTime": "20:29:6.127500",
    "BaseResolution": 256,
    "BidsGuess": [
      "anat",
      "_acq-tfl3p2_run-15_T1w"
    ],
    "BodyPart": "HEAD",
    "CoilCombinationMethod": "Adaptive Combine",
    "ConsistencyInfo": "N4_VE11E_LATEST_20181129",
    "ConversionSoftware": "dcm2niix",
    "ConversionSoftwareVersion": "v1.0.20250505",
    "Defaced": true,
    "DeviceSerialNumber": "166231",
    "DwellTime": 8.2e-6,
    "EchoTime": 0.00298,
    "FileSize": 0.03345400094985962,
    "FileSizeUnits": "GB",
    "FlipAngle": 7,
    "ImageOrientationPatientDICOM": [
      0.00563157,
      0.99997,
      0.00523592,
      0.00315328,
      0.00521822,
      -0.999981
    ],
    "ImageOrientationText": "Sag>Cor(0.3)>Tra(-0.2)",
    "ImageType": [
      "ORIGINAL",
      "PRIMARY",
      "M",
      "ND",
      "NORM",
      "MAGNITUDE"
    ],
    "ImagingFrequency": 123.242989,
    "InPlanePhaseEncodingDirectionDICOM": "ROW",
    "InstitutionAddress": "Street StreetNo,Chengdu,District,CN,ZIP",
    "InstitutionName": "Sichuan Normal University",
    "InstitutionalDepartmentName": "Department",
    "Interpolation2D": 1,
    "InversionTime": 1.1,
    "MRAcquisitionType": "3D",
    "MagneticFieldStrength": 3,
    "Manufacturer": "Siemens",
    "ManufacturersModelName": "Prisma",
    "MatrixCoilMode": "GRAPPA",
    "Modality": "MR",
    "NonlinearGradientCorrection": false,
    "NumberOfVolumes": 1,
    "ParallelReductionFactorInPlane": 2,
    "PartialFourier": 1,
    "PatientPosition": "HFS",
    "PercentPhaseFOV": 87.5,
    "PercentSampling": 100,
    "PhaseEncodingSteps": 250,
    "PhaseOversampling": 0.12,
    "PhaseResolution": 1,
    "PixelBandwidth": 240,
    "ProcedureStepDescription": "PKU_ALL^WeiZijie",
    "ProtocolName": "t1_mprage_sag_iso_mww64CH",
    "PulseSequenceDetails": "%SiemensSeq%\\tfl",
    "ReceiveCoilActiveElements": "HC1-7;NC1,2",
    "ReceiveCoilName": "HeadNeck_64",
    "ReconMatrixPE": 448,
    "RefLinesPE": 32,
    "RepetitionTime": 2.53,
    "SAR": 0.0517395,
    "ScanOptions": "IR",
    "ScanningSequence": "GR\\IR",
    "SequenceName": "*tfl3d1_16ns",
    "SequenceVariant": "SK\\SP\\MP\\OSP",
    "SeriesDescription": "t1_mprage_sag_iso_mww64CH",
    "SeriesNumber": 15,
    "ShimSetting": [
      -149,
      -8357,
      10070,
      -107,
      -2,
      -230,
      -31,
      -39
    ],
    "SliceThickness": 1,
    "SoftwareVersions": "syngo MR E11",
    "SpoilingState": true,
    "StationName": "AWP166231",
    "StudyDescription": "PKU_ALL^WeiZijie",
    "TablePosition": [
      0,
      0,
      0
    ],
    "TxRefAmp": 236.336,
    "acquisition": "t1mpragesagisomww64CH",
    "dataset": "<unset>",
    "datatype": "anat",
    "extension": ".nii.gz",
    "modality": "T1w",
    "subject": "058",
    "suffix": "T1w"
  },
  "cjv": 0.5226806324110672,
  "cnr": 1.859420593346419,
  "efc": 0.5911,
  "fber": -1.0,
  "fwhm_avg": 6.49988,
  "fwhm_x": 4.06174,
  "fwhm_y": 7.8895,
  "fwhm_z": 7.5484,
  "icvs_csf": 0.27080370861824643,
  "icvs_gm": 0.38582194374973017,
  "icvs_wm": 0.34337434763202335,
  "inu_med": 0.46575260162353516,
  "inu_range": 0.169667549431324,
  "provenance": {
    "md5sum": "935217dbb2b9a849fd79decfe6233c73",
    "settings": {
      "testing": false
    },
    "software": "mriqc",
    "version": "25.1.0.dev45+g699d1691",
    "warnings": {
      "large_rot_frame": true,
      "small_air_mask": false
    }
  },
  "qi_1": 0.0,
  "qi_2": 0.0009590293269141894,
  "rpve_csf": 7.012070245412561,
  "rpve_gm": 6.9443446411053555,
  "rpve_wm": 7.018914097011016,
  "size_x": 192,
  "size_y": 448,
  "size_z": 512,
  "snr_csf": 2.037086359743718,
  "snr_gm": 7.211614217804809,
  "snr_total": 7.2043718860691195,
  "snr_wm": 12.364415080658832,
  "snrd_csf": 5.418323499243894,
  "snrd_gm": 9.535186942296853,
  "snrd_total": 9.282863053851672,
  "snrd_wm": 12.895078720014268,
  "spacing_x": 1.0,
  "spacing_y": 0.5,
  "spacing_z": 0.5,
  "summary_bg_k": 213.8951,
  "summary_bg_mad": 0.0,
  "summary_bg_mean": 7.6637,
  "summary_bg_median": 0.0,
  "summary_bg_n": 9342150.0,
  "summary_bg_p05": 0.0,
  "summary_bg_p95": 22.0,
  "summary_bg_stdv": 49.3318,
  "summary_csf_k": 0.8175,
  "summary_csf_mad": 159.7316,
  "summary_csf_mean": 409.0872,
  "summary_csf_median": 408.0,
  "summary_csf_n": 1681055.1844793824,
  "summary_csf_p05": 72.0,
  "summary_csf_p95": 739.0,
  "summary_csf_stdv": 200.286,
  "summary_gm_k": -0.5021,
  "summary_gm_mad": 73.6726,
  "summary_gm_mean": 717.3949,
  "summary_gm_median": 718.0,
  "summary_gm_n": 2395048.3622833793,
  "summary_gm_p05": 548.0,
  "summary_gm_p95": 885.0,
  "summary_gm_stdv": 99.5616,
  "summary_wm_k": 0.0758,
  "summary_wm_mad": 58.5656,
  "summary_wm_mean": 950.6429,
  "summary_wm_median": 971.0,
  "summary_wm_n": 2131548.4571807133,
  "summary_wm_p05": 793.0,
  "summary_wm_p95": 1047.0,
  "summary_wm_stdv": 78.5318,
  "tpm_overlap_csf": 0.19157948651634357,
  "tpm_overlap_gm": 0.514283438698996,
  "tpm_overlap_wm": 0.5435405276686509,
  "wm2max": 0.6091287414933357
}
