{
  "bids_meta": {
    "AcquisitionMatrixPE": 224,
    "AcquisitionNumber": 1,
    "AcquisitionTime": "11:21:45.902500",
    "BaseResolution": 256,
    "BidsGuess": [
      "anat",
      "_acq-tfl3p2_run-15_T1w"
    ],
    "BodyPart": "HEAD",
    "CoilCombinationMethod": "Adaptive Combine",
    "ConsistencyInfo": "N4_VE11E_LATEST_20181129",
    "ConversionSoftware": "dcm2niix",
    "ConversionSoftwareVersion": "v1.0.20250505",
    "Defaced": true,
    "DeviceSerialNumber": "166231",
    "DwellTime": 8.2e-6,
    "EchoTime": 0.00298,
    "FileSize": 0.032499211840331554,
    "FileSizeUnits": "GB",
    "FlipAngle": 7,
    "ImageOrientationPatientDICOM": [
      0.00563157,
      0.99997,
      0.00523592,
      0.00315328,
      0.00521822,
      -0.999981
    ],
    "ImageOrientationText": "Sag>Cor(0.3)>Tra(-0.2)",
    "ImageType": [
      "ORIGINAL",
      "PRIMARY",
      "M",
      "ND",
      "NORM",
      "MAGNITUDE"
    ],
    "ImagingFrequency": 123.24305,
    "InPlanePhaseEncodingDirectionDICOM": "ROW",
    "InstitutionAddress": "Street StreetNo,Chengdu,District,CN,ZIP",
    "InstitutionName": "Sichuan Normal University",
    "InstitutionalDepartmentName": "Department",
    "Interpolation2D": 1,
    "InversionTime": 1.1,
    "MRAcquisitionType": "3D",
    "MagneticFieldStrength": 3,
    "Manufacturer": "Siemens",
    "ManufacturersModelName": "Prisma",
    "MatrixCoilMode": "GRAPPA",
    "Modality": "MR",
    "NonlinearGradientCorrection": false,
    "NumberOfVolumes": 1,
    "ParallelReductionFactorInPlane": 2,
    "PartialFourier": 1,
    "PatientPosition": "HFS",
    "PercentPhaseFOV": 87.5,
    "PercentSampling": 100,
    "PhaseEncodingSteps": 250,
    "PhaseOversampling": 0.12,
    "PhaseResolution": 1,
    "PixelBandwidth": 240,
    "ProcedureStepDescription": "PKU_ALL^WeiZijie",
    "ProtocolName": "t1_mprage_sag_iso_mww64CH",
    "PulseSequenceDetails": "%SiemensSeq%\\tfl",
    "ReceiveCoilActiveElements": "HC1-7;NC1,2",
    "ReceiveCoilName": "HeadNeck_64",
    "ReconMatrixPE": 448,
    "RefLinesPE": 32,
    "RepetitionTime": 2.53,
    "SAR": 0.113475,
    "ScanOptions": "IR",
    "ScanningSequence": "GR\\IR",
    "SequenceName": "*tfl3d1_16ns",
    "SequenceVariant": "SK\\SP\\MP\\OSP",
    "SeriesDescription": "t1_mprage_sag_iso_mww64CH",
    "SeriesNumber": 15,
    "ShimSetting": [
      -130,
      -8267,
      9958,
      -93,
      -51,
      -68,
      98,
      13
    ],
    "SliceThickness": 1,
    "SoftwareVersions": "syngo MR E11",
    "SpoilingState": true,
    "StationName": "AWP166231",
    "StudyDescription": "PKU_ALL^WeiZijie",
    "TablePosition": [
      0,
      0,
      0
    ],
    "TxRefAmp": 285.514,
    "acquisition": "t1mpragesagisomww64CH",
    "dataset": "<unset>",
    "datatype": "anat",
    "extension": ".nii.gz",
    "modality": "T1w",
    "subject": "062",
    "suffix": "T1w"
  },
  "cjv": 0.5161776892430279,
  "cnr": 2.1165541689176894,
  "efc": 0.5907,
  "fber": 25486.0013,
  "fwhm_avg": 6.69803,
  "fwhm_x": 4.03339,
  "fwhm_y": 8.14548,
  "fwhm_z": 7.91522,
  "icvs_csf": 0.2616679786337621,
  "icvs_gm": 0.3930179831958619,
  "icvs_wm": 0.34531403817037604,
  "inu_med": 0.37373486161231995,
  "inu_range": 0.12764382362365723,
  "provenance": {
    "md5sum": "d8a11eca7c35f7bb28c9645d6f9206f5",
    "settings": {
      "testing": false
    },
    "software": "mriqc",
    "version": "25.1.0.dev45+g699d1691",
    "warnings": {
      "large_rot_frame": true,
      "small_air_mask": false
    }
  },
  "qi_1": 0.0,
  "qi_2": 0.0012058080119919854,
  "rpve_csf": 7.350580163701893,
  "rpve_gm": 7.301813984933119,
  "rpve_wm": 7.377439165706275,
  "size_x": 192,
  "size_y": 448,
  "size_z": 512,
  "snr_csf": 2.0487569441082796,
  "snr_gm": 7.846699461956796,
  "snr_total": 8.263281406330625,
  "snr_wm": 14.8943878129268,
  "snrd_csf": 48.05482496964792,
  "snrd_gm": 80.31231667341157,
  "snrd_total": 78.8025482260893,
  "snrd_wm": 108.0405030352084,
  "spacing_x": 1.0,
  "spacing_y": 0.5,
  "spacing_z": 0.5,
  "summary_bg_k": 256.7473,
  "summary_bg_mad": 5.9304,
  "summary_bg_mean": 7.809,
  "summary_bg_median": 4.0,
  "summary_bg_n": 10807928.0,
  "summary_bg_p05": 0.0,
  "summary_bg_p95": 22.0,
  "summary_bg_stdv": 34.1718,
  "summary_csf_k": 0.2815,
  "summary_csf_mad": 161.3225,
  "summary_csf_mean": 429.0493,
  "summary_csf_median": 435.0,
  "summary_csf_n": 1549691.446945164,
  "summary_csf_p05": 79.0,
  "summary_csf_p95": 771.0,
  "summary_csf_stdv": 212.3238,
  "summary_gm_k": -0.4836,
  "summary_gm_mad": 78.1266,
  "summary_gm_mean": 725.083,
  "summary_gm_median": 727.0,
  "summary_gm_n": 2327593.1974340584,
  "summary_gm_p05": 568.0,
  "summary_gm_p95": 874.0,
  "summary_gm_stdv": 92.6504,
  "summary_wm_k": -0.1143,
  "summary_wm_mad": 51.434,
  "summary_wm_mean": 962.8011,
  "summary_wm_median": 978.0,
  "summary_wm_n": 2045073.3569188872,
  "summary_wm_p05": 834.0,
  "summary_wm_p95": 1048.0,
  "summary_wm_stdv": 65.6623,
  "tpm_overlap_csf": 0.20035497080643522,
  "tpm_overlap_gm": 0.520120287701976,
  "tpm_overlap_wm": 0.5377507091562801,
  "wm2max": 0.6376017433528934
}
