{
  "bids_meta": {
    "AcquisitionMatrixPE": 224,
    "AcquisitionNumber": 1,
    "AcquisitionTime": "16:03:25.897500",
    "BaseResolution": 256,
    "BidsGuess": [
      "anat",
      "_acq-tfl3p2_run-9_T1w"
    ],
    "BodyPart": "HEAD",
    "CoilCombinationMethod": "Adaptive Combine",
    "ConsistencyInfo": "N4_VE11E_LATEST_20181129",
    "ConversionSoftware": "dcm2niix",
    "ConversionSoftwareVersion": "v1.0.20250505",
    "Defaced": true,
    "DeviceSerialNumber": "166231",
    "DwellTime": 8.2e-6,
    "EchoTime": 0.00298,
    "FileSize": 0.03276702668517828,
    "FileSizeUnits": "GB",
    "FlipAngle": 7,
    "ImageOrientationPatientDICOM": [
      -0.0244377,
      0.999688,
      0.00522743,
      0.0569957,
      0.00661372,
      -0.998353
    ],
    "ImageOrientationText": "Sag>Tra(-3.3)>Cor(-1.4)",
    "ImageType": [
      "ORIGINAL",
      "PRIMARY",
      "M",
      "ND",
      "NORM",
      "MAGNITUDE"
    ],
    "ImagingFrequency": 123.243096,
    "InPlanePhaseEncodingDirectionDICOM": "ROW",
    "InstitutionAddress": "Street StreetNo,Chengdu,District,CN,ZIP",
    "InstitutionName": "Sichuan Normal University",
    "InstitutionalDepartmentName": "Department",
    "Interpolation2D": 1,
    "InversionTime": 1.1,
    "MRAcquisitionType": "3D",
    "MagneticFieldStrength": 3,
    "Manufacturer": "Siemens",
    "ManufacturersModelName": "Prisma",
    "MatrixCoilMode": "GRAPPA",
    "Modality": "MR",
    "NonlinearGradientCorrection": false,
    "NumberOfVolumes": 1,
    "ParallelReductionFactorInPlane": 2,
    "PartialFourier": 1,
    "PatientPosition": "HFS",
    "PercentPhaseFOV": 87.5,
    "PercentSampling": 100,
    "PhaseEncodingSteps": 250,
    "PhaseOversampling": 0.12,
    "PhaseResolution": 1,
    "PixelBandwidth": 240,
    "ProcedureStepDescription": "PKU_ALL^WeiZijie",
    "ProtocolName": "t1_mprage_sag_iso_mww64CH",
    "PulseSequenceDetails": "%SiemensSeq%\\tfl",
    "ReceiveCoilActiveElements": "HC1-7;NC1,2",
    "ReceiveCoilName": "HeadNeck_64",
    "ReconMatrixPE": 448,
    "RefLinesPE": 32,
    "RepetitionTime": 2.53,
    "SAR": 0.0617901,
    "ScanOptions": "IR",
    "ScanningSequence": "GR\\IR",
    "SequenceName": "*tfl3d1_16ns",
    "SequenceVariant": "SK\\SP\\MP\\OSP",
    "SeriesDescription": "t1_mprage_sag_iso_mww64CH",
    "SeriesNumber": 9,
    "ShimSetting": [
      -122,
      -8317,
      10034,
      36,
      -54,
      -348,
      -142,
      -16
    ],
    "SliceThickness": 1,
    "SoftwareVersions": "syngo MR E11",
    "SpoilingState": true,
    "StationName": "AWP166231",
    "StudyDescription": "PKU_ALL^WeiZijie",
    "TablePosition": [
      0,
      0,
      0
    ],
    "TxRefAmp": 244.843,
    "acquisition": "t1mpragesagisomww64CH",
    "dataset": "<unset>",
    "datatype": "anat",
    "extension": ".nii.gz",
    "modality": "T1w",
    "subject": "004",
    "suffix": "T1w"
  },
  "cjv": 0.518301550387597,
  "cnr": 2.0685357236380963,
  "efc": 0.5519,
  "fber": -1.0,
  "fwhm_avg": 6.896543333333334,
  "fwhm_x": 4.17043,
  "fwhm_y": 8.48408,
  "fwhm_z": 8.03512,
  "icvs_csf": 0.2716246294745606,
  "icvs_gm": 0.38602070970748037,
  "icvs_wm": 0.34235466081795896,
  "inu_med": 0.4618103504180908,
  "inu_range": 0.16285551190376285,
  "provenance": {
    "md5sum": "36f4d8d8cb04a010872195e3f4b35424",
    "settings": {
      "testing": false
    },
    "software": "mriqc",
    "version": "25.1.0.dev45+g699d1691",
    "warnings": {
      "large_rot_frame": true,
      "small_air_mask": false
    }
  },
  "qi_1": 0.0,
  "qi_2": 0.0013778374489063839,
  "rpve_csf": 7.923128587643055,
  "rpve_gm": 7.862878825647573,
  "rpve_wm": 7.932155756951986,
  "size_x": 192,
  "size_y": 448,
  "size_z": 512,
  "snr_csf": 2.030594316903791,
  "snr_gm": 7.3409226965155785,
  "snr_total": 7.566834723234609,
  "snr_wm": 13.328987156284455,
  "snrd_csf": 9.582856057121745,
  "snrd_gm": 17.68382715695662,
  "snrd_total": 17.107538562456174,
  "snrd_wm": 24.055932473290156,
  "spacing_x": 1.0,
  "spacing_y": 0.5,
  "spacing_z": 0.5,
  "summary_bg_k": 314.3288,
  "summary_bg_mad": 0.0,
  "summary_bg_mean": 5.0411,
  "summary_bg_median": 0.0,
  "summary_bg_n": 12586598.0,
  "summary_bg_p05": 0.0,
  "summary_bg_p95": 16.0,
  "summary_bg_stdv": 26.5258,
  "summary_csf_k": -0.167,
  "summary_csf_mad": 167.0878,
  "summary_csf_mean": 397.7875,
  "summary_csf_median": 388.0,
  "summary_csf_n": 1495656.2059302675,
  "summary_csf_p05": 102.0,
  "summary_csf_p95": 724.0,
  "summary_csf_stdv": 191.077,
  "summary_gm_k": -0.6393,
  "summary_gm_mad": 78.2001,
  "summary_gm_mean": 716.4125,
  "summary_gm_median": 716.0,
  "summary_gm_n": 2125559.3471345063,
  "summary_gm_p05": 554.0,
  "summary_gm_p95": 880.0,
  "summary_gm_stdv": 97.5354,
  "summary_wm_k": -0.2244,
  "summary_wm_mad": 55.5217,
  "summary_wm_mean": 956.058,
  "summary_wm_median": 974.0,
  "summary_wm_n": 1885119.4535342695,
  "summary_wm_p05": 811.0,
  "summary_wm_p95": 1048.0,
  "summary_wm_stdv": 73.0738,
  "tpm_overlap_csf": 0.18167583793819284,
  "tpm_overlap_gm": 0.5062003721733331,
  "tpm_overlap_wm": 0.535883036080193,
  "wm2max": 0.6343027874123754
}
