{
  "bids_meta": {
    "AcquisitionMatrixPE": 224,
    "AcquisitionNumber": 1,
    "AcquisitionTime": "14:56:54.990000",
    "BaseResolution": 256,
    "BidsGuess": [
      "anat",
      "_acq-tfl3p2_run-9_T1w"
    ],
    "BodyPart": "HEAD",
    "CoilCombinationMethod": "Adaptive Combine",
    "ConsistencyInfo": "N4_VE11E_LATEST_20181129",
    "ConversionSoftware": "dcm2niix",
    "ConversionSoftwareVersion": "v1.0.20250505",
    "Defaced": true,
    "DeviceSerialNumber": "166231",
    "DwellTime": 8.2e-6,
    "EchoTime": 0.00298,
    "FileSize": 0.031526182778179646,
    "FileSizeUnits": "GB",
    "FlipAngle": 7,
    "ImageOrientationPatientDICOM": [
      -0.0122069,
      0.999912,
      0.00522795,
      0.0553508,
      0.00589602,
      -0.99845
    ],
    "ImageOrientationText": "Sag>Tra(-3.2)>Cor(-0.7)",
    "ImageType": [
      "ORIGINAL",
      "PRIMARY",
      "M",
      "ND",
      "NORM",
      "MAGNITUDE"
    ],
    "ImagingFrequency": 123.243062,
    "InPlanePhaseEncodingDirectionDICOM": "ROW",
    "InstitutionAddress": "Street StreetNo,Chengdu,District,CN,ZIP",
    "InstitutionName": "Sichuan Normal University",
    "InstitutionalDepartmentName": "Department",
    "Interpolation2D": 1,
    "InversionTime": 1.1,
    "MRAcquisitionType": "3D",
    "MagneticFieldStrength": 3,
    "Manufacturer": "Siemens",
    "ManufacturersModelName": "Prisma",
    "MatrixCoilMode": "GRAPPA",
    "Modality": "MR",
    "NonlinearGradientCorrection": false,
    "NumberOfVolumes": 1,
    "ParallelReductionFactorInPlane": 2,
    "PartialFourier": 1,
    "PatientPosition": "HFS",
    "PercentPhaseFOV": 87.5,
    "PercentSampling": 100,
    "PhaseEncodingSteps": 250,
    "PhaseOversampling": 0.12,
    "PhaseResolution": 1,
    "PixelBandwidth": 240,
    "ProcedureStepDescription": "PKU_ALL^WeiZijie",
    "ProtocolName": "t1_mprage_sag_iso_mww64CH",
    "PulseSequenceDetails": "%SiemensSeq%\\tfl",
    "ReceiveCoilActiveElements": "HC1-7;NC1,2",
    "ReceiveCoilName": "HeadNeck_64",
    "ReconMatrixPE": 448,
    "RefLinesPE": 32,
    "RepetitionTime": 2.53,
    "SAR": 0.0743518,
    "ScanOptions": "IR",
    "ScanningSequence": "GR\\IR",
    "SequenceName": "*tfl3d1_16ns",
    "SequenceVariant": "SK\\SP\\MP\\OSP",
    "SeriesDescription": "t1_mprage_sag_iso_mww64CH",
    "SeriesNumber": 9,
    "ShimSetting": [
      -113,
      -8331,
      10143,
      430,
      57,
      -240,
      -17,
      21
    ],
    "SliceThickness": 1,
    "SoftwareVersions": "syngo MR E11",
    "SpoilingState": true,
    "StationName": "AWP166231",
    "StudyDescription": "PKU_ALL^WeiZijie",
    "TablePosition": [
      0,
      0,
      0
    ],
    "TxRefAmp": 254.267,
    "acquisition": "t1mpragesagisomww64CH",
    "dataset": "<unset>",
    "datatype": "anat",
    "extension": ".nii.gz",
    "modality": "T1w",
    "subject": "007",
    "suffix": "T1w"
  },
  "cjv": 0.5021525096525097,
  "cnr": 2.252207865481982,
  "efc": 0.5536,
  "fber": -1.0,
  "fwhm_avg": 6.864150000000001,
  "fwhm_x": 4.32317,
  "fwhm_y": 8.31314,
  "fwhm_z": 7.95614,
  "icvs_csf": 0.26027354383719387,
  "icvs_gm": 0.39172354183777164,
  "icvs_wm": 0.3480029143250344,
  "inu_med": 0.40610742568969727,
  "inu_range": 0.14669138491153716,
  "provenance": {
    "md5sum": "1d432431fdf9bde31e79baa982def7ea",
    "settings": {
      "testing": false
    },
    "software": "mriqc",
    "version": "25.1.0.dev45+g699d1691",
    "warnings": {
      "large_rot_frame": true,
      "small_air_mask": false
    }
  },
  "qi_1": 0.0,
  "qi_2": 0.001440345062110468,
  "rpve_csf": 7.441232715595441,
  "rpve_gm": 7.398857693685749,
  "rpve_wm": 7.475269064770102,
  "size_x": 192,
  "size_y": 448,
  "size_z": 512,
  "snr_csf": 2.0278745256190205,
  "snr_gm": 7.682609516782916,
  "snr_total": 8.722228780715463,
  "snr_wm": 16.456202299744454,
  "snrd_csf": 9.458401472198027,
  "snrd_gm": 16.008233477593375,
  "snrd_total": 15.741799633306107,
  "snrd_wm": 21.758763950126916,
  "spacing_x": 1.0,
  "spacing_y": 0.5,
  "spacing_z": 0.5,
  "summary_bg_k": 287.8825,
  "summary_bg_mad": 0.0,
  "summary_bg_mean": 5.2161,
  "summary_bg_median": 0.0,
  "summary_bg_n": 12246941.0,
  "summary_bg_p05": 0.0,
  "summary_bg_p95": 17.0,
  "summary_bg_stdv": 29.5069,
  "summary_csf_k": -0.5996,
  "summary_csf_mad": 167.2055,
  "summary_csf_mean": 427.3811,
  "summary_csf_median": 426.0,
  "summary_csf_n": 1522878.7253213043,
  "summary_csf_p05": 82.0,
  "summary_csf_p95": 768.0,
  "summary_csf_stdv": 210.0721,
  "summary_gm_k": -0.7218,
  "summary_gm_mad": 81.8013,
  "summary_gm_mean": 722.6715,
  "summary_gm_median": 721.0,
  "summary_gm_n": 2292001.865719415,
  "summary_gm_p05": 568.0,
  "summary_gm_p95": 876.0,
  "summary_gm_stdv": 93.8483,
  "summary_wm_k": -0.2916,
  "summary_wm_mad": 48.2562,
  "summary_wm_mean": 967.7646,
  "summary_wm_median": 980.0,
  "summary_wm_n": 2036189.4134999427,
  "summary_wm_p05": 851.0,
  "summary_wm_p95": 1046.0,
  "summary_wm_stdv": 59.552,
  "tpm_overlap_csf": 0.19621073361836777,
  "tpm_overlap_gm": 0.5003603733299081,
  "tpm_overlap_wm": 0.5204866323596334,
  "wm2max": 0.6356948612783667
}
