{
  "bids_meta": {
    "AcquisitionMatrixPE": 224,
    "AcquisitionNumber": 1,
    "AcquisitionTime": "15:15:39.915000",
    "BaseResolution": 256,
    "BidsGuess": [
      "anat",
      "_acq-tfl3p2_run-9_T1w"
    ],
    "BodyPart": "HEAD",
    "CoilCombinationMethod": "Adaptive Combine",
    "ConsistencyInfo": "N4_VE11E_LATEST_20181129",
    "ConversionSoftware": "dcm2niix",
    "ConversionSoftwareVersion": "v1.0.20250505",
    "Defaced": true,
    "DeviceSerialNumber": "166231",
    "DwellTime": 8.2e-6,
    "EchoTime": 0.00298,
    "FileSize": 0.030261849984526634,
    "FileSizeUnits": "GB",
    "FlipAngle": 7,
    "ImageOrientationPatientDICOM": [
      -0.0118703,
      0.999916,
      0.00523569,
      0.0100105,
      0.00535463,
      -0.999936
    ],
    "ImageOrientationText": "Sag>Cor(-0.7)>Tra(-0.6)",
    "ImageType": [
      "ORIGINAL",
      "PRIMARY",
      "M",
      "ND",
      "NORM",
      "MAGNITUDE"
    ],
    "ImagingFrequency": 123.243029,
    "InPlanePhaseEncodingDirectionDICOM": "ROW",
    "InstitutionAddress": "Street StreetNo,Chengdu,District,CN,ZIP",
    "InstitutionName": "Sichuan Normal University",
    "InstitutionalDepartmentName": "Department",
    "Interpolation2D": 1,
    "InversionTime": 1.1,
    "MRAcquisitionType": "3D",
    "MagneticFieldStrength": 3,
    "Manufacturer": "Siemens",
    "ManufacturersModelName": "Prisma",
    "MatrixCoilMode": "GRAPPA",
    "Modality": "MR",
    "NonlinearGradientCorrection": false,
    "NumberOfVolumes": 1,
    "ParallelReductionFactorInPlane": 2,
    "PartialFourier": 1,
    "PatientPosition": "HFS",
    "PercentPhaseFOV": 87.5,
    "PercentSampling": 100,
    "PhaseEncodingSteps": 250,
    "PhaseOversampling": 0.12,
    "PhaseResolution": 1,
    "PixelBandwidth": 240,
    "ProcedureStepDescription": "PKU_ALL^WeiZijie",
    "ProtocolName": "t1_mprage_sag_iso_mww64CH",
    "PulseSequenceDetails": "%SiemensSeq%\\tfl",
    "ReceiveCoilActiveElements": "HC1-7;NC1",
    "ReceiveCoilName": "HeadNeck_64",
    "ReconMatrixPE": 448,
    "RefLinesPE": 32,
    "RepetitionTime": 2.53,
    "SAR": 0.0572015,
    "ScanOptions": "IR",
    "ScanningSequence": "GR\\IR",
    "SequenceName": "*tfl3d1_16ns",
    "SequenceVariant": "SK\\SP\\MP\\OSP",
    "SeriesDescription": "t1_mprage_sag_iso_mww64CH",
    "SeriesNumber": 9,
    "ShimSetting": [
      -157,
      -8283,
      10087,
      3,
      0,
      -360,
      -58,
      118
    ],
    "SliceThickness": 1,
    "SoftwareVersions": "syngo MR E11",
    "SpoilingState": true,
    "StationName": "AWP166231",
    "StudyDescription": "PKU_ALL^WeiZijie",
    "TablePosition": [
      0,
      0,
      0
    ],
    "TxRefAmp": 238.462,
    "acquisition": "t1mpragesagisomww64CH",
    "dataset": "<unset>",
    "datatype": "anat",
    "extension": ".nii.gz",
    "modality": "T1w",
    "subject": "020",
    "suffix": "T1w"
  },
  "cjv": 0.488490494296578,
  "cnr": 2.1816676329184554,
  "efc": 0.5445,
  "fber": -1.0,
  "fwhm_avg": 6.625360000000001,
  "fwhm_x": 4.18748,
  "fwhm_y": 7.94576,
  "fwhm_z": 7.74284,
  "icvs_csf": 0.2663838721532973,
  "icvs_gm": 0.39075458500676674,
  "icvs_wm": 0.34286154283993586,
  "inu_med": 0.4338069558143616,
  "inu_range": 0.17234934270381919,
  "provenance": {
    "md5sum": "bf81b260d0763a40cc2a945630d63640",
    "settings": {
      "testing": false
    },
    "software": "mriqc",
    "version": "25.1.0.dev45+g699d1691",
    "warnings": {
      "large_rot_frame": true,
      "small_air_mask": false
    }
  },
  "qi_1": 0.0,
  "qi_2": 0.0012722435985282863,
  "rpve_csf": 7.712021770319507,
  "rpve_gm": 7.662994169548056,
  "rpve_wm": 7.745018207806593,
  "size_x": 192,
  "size_y": 448,
  "size_z": 512,
  "snr_csf": 2.228014994140621,
  "snr_gm": 7.664126701295011,
  "snr_total": 8.03789902923347,
  "snr_wm": 14.221555392264781,
  "snrd_csf": 8.473855613627451,
  "snrd_gm": 13.669364372208989,
  "snrd_total": 13.618240054781372,
  "snrd_wm": 18.711500178507677,
  "spacing_x": 1.0,
  "spacing_y": 0.5,
  "spacing_z": 0.5,
  "summary_bg_k": 273.5144,
  "summary_bg_mad": 0.0,
  "summary_bg_mean": 5.5204,
  "summary_bg_median": 0.0,
  "summary_bg_n": 14024084.0,
  "summary_bg_p05": 0.0,
  "summary_bg_p95": 17.0,
  "summary_bg_stdv": 34.1722,
  "summary_csf_k": 0.4447,
  "summary_csf_mad": 146.619,
  "summary_csf_mean": 444.7289,
  "summary_csf_median": 442.0,
  "summary_csf_n": 1503193.0038167627,
  "summary_csf_p05": 131.0,
  "summary_csf_p95": 762.0,
  "summary_csf_stdv": 198.3828,
  "summary_gm_k": -0.6251,
  "summary_gm_mad": 75.2483,
  "summary_gm_mean": 714.939,
  "summary_gm_median": 713.0,
  "summary_gm_n": 2205011.713522476,
  "summary_gm_p05": 561.0,
  "summary_gm_p95": 870.0,
  "summary_gm_stdv": 93.0308,
  "summary_wm_k": -0.1849,
  "summary_wm_mad": 53.2247,
  "summary_wm_mean": 959.7836,
  "summary_wm_median": 976.0,
  "summary_wm_n": 1934753.2878350099,
  "summary_wm_p05": 824.0,
  "summary_wm_p95": 1046.0,
  "summary_wm_stdv": 68.6282,
  "tpm_overlap_csf": 0.1875053436916908,
  "tpm_overlap_gm": 0.5039876941694317,
  "tpm_overlap_wm": 0.5192853097051002,
  "wm2max": 0.5443076886902681
}
