{
    "Modality": "MR",
    "MagneticFieldStrength": 3,
    "ImagingFrequency": 123.243072,
    "Manufacturer": "Siemens",
    "ManufacturersModelName": "Prisma",
    "InstitutionName": "Sichuan Normal University",
    "InstitutionalDepartmentName": "Department",
    "InstitutionAddress": "Street StreetNo,Chengdu,District,CN,ZIP",
    "DeviceSerialNumber": "166231",
    "StationName": "AWP166231",
    "BodyPart": "HEAD",
    "PatientPosition": "HFS",
    "ProcedureStepDescription": "PKU_ALL^WeiZijie",
    "SoftwareVersions": "syngo MR E11",
    "MRAcquisitionType": "2D",
    "StudyDescription": "PKU_ALL^WeiZijie",
    "SeriesDescription": "sms_bold_2mm_run2",
    "ProtocolName": "sms_bold_2mm_run2",
    "ScanningSequence": "EP",
    "SequenceVariant": "SK",
    "ScanOptions": "FS",
    "SequenceName": "*epfid2d1_112",
    "ImageType": [
        "ORIGINAL",
        "PRIMARY",
        "M",
        "ND",
        "MOSAIC",
        "MAGNITUDE"
    ],
    "NonlinearGradientCorrection": false,
    "SeriesNumber": 4,
    "AcquisitionTime": "15:16:24.060000",
    "AcquisitionNumber": 1,
    "SliceThickness": 2,
    "SpacingBetweenSlices": 2.3,
    "SAR": 0.0907359,
    "TablePosition": [
        0,
        0,
        0
    ],
    "EchoTime": 0.03,
    "RepetitionTime": 2,
    "FlipAngle": 90,
    "PartialFourier": 1,
    "BaseResolution": 112,
    "ShimSetting": [
        -168,
        -8297,
        10143,
        407,
        -12,
        -324,
        -196,
        36
    ],
    "TxRefAmp": 244.679,
    "PhaseResolution": 1,
    "VendorReportedEchoSpacing": 0.00054,
    "ReceiveCoilName": "HeadNeck_64",
    "ReceiveCoilActiveElements": "HC1-7",
    "PulseSequenceDetails": "%SiemensSeq%\\ep2d_bold",
    "RefLinesPE": 32,
    "CoilCombinationMethod": "Sum of Squares",
    "ConsistencyInfo": "N4_VE11E_LATEST_20181129",
    "MultibandAccelerationFactor": 2,
    "PercentPhaseFOV": 100,
    "PercentSampling": 100,
    "EchoTrainLength": 55,
    "PhaseEncodingSteps": 111,
    "AcquisitionMatrixPE": 112,
    "ReconMatrixPE": 112,
    "BandwidthPerPixelPhaseEncode": 33.069,
    "ParallelReductionFactorInPlane": 2,
    "EffectiveEchoSpacing": 0.000269998,
    "DerivedVendorReportedEchoSpacing": 0.000539996,
    "TotalReadoutTime": 0.0299698,
    "PixelBandwidth": 2230,
    "DwellTime": 2e-06,
    "PhaseEncodingDirection": "j-",
    "SliceTiming": [
        0.9575,
        0,
        1.02,
        0.0625,
        1.085,
        0.1275,
        1.1475,
        0.19,
        1.2125,
        0.255,
        1.275,
        0.3175,
        1.34,
        0.3825,
        1.405,
        0.445,
        1.4675,
        0.51,
        1.5325,
        0.5725,
        1.595,
        0.6375,
        1.66,
        0.7025,
        1.7225,
        0.765,
        1.7875,
        0.83,
        1.85,
        0.8925,
        1.915,
        0.9575,
        0,
        1.02,
        0.0625,
        1.085,
        0.1275,
        1.1475,
        0.19,
        1.2125,
        0.255,
        1.275,
        0.3175,
        1.34,
        0.3825,
        1.405,
        0.445,
        1.4675,
        0.51,
        1.5325,
        0.5725,
        1.595,
        0.6375,
        1.66,
        0.7025,
        1.7225,
        0.765,
        1.7875,
        0.83,
        1.85,
        0.8925,
        1.915
    ],
    "ImageOrientationPatientDICOM": [
        0.999866,
        0.0104572,
        -0.0126142,
        -0.0139616,
        0.946679,
        -0.321876
    ],
    "ImageOrientationText": "Tra>Cor(-18.8)>Sag(-0.5)",
    "InPlanePhaseEncodingDirectionDICOM": "COL",
    "BidsGuess": [
        "func",
        "_acq-epfid2m2_dir-AP_run-4_bold"
    ],
    "ConversionSoftware": "dcm2niix",
    "ConversionSoftwareVersion": "v1.0.20250505",
    "TaskName": "sms_bold_2mm_run2"
}