{
  "bids_meta": {
    "AcquisitionMatrixPE": 224,
    "AcquisitionNumber": 1,
    "AcquisitionTime": "17:23:6.080000",
    "BaseResolution": 256,
    "BidsGuess": [
      "anat",
      "_acq-tfl3p2_run-9_T1w"
    ],
    "BodyPart": "HEAD",
    "CoilCombinationMethod": "Adaptive Combine",
    "ConsistencyInfo": "N4_VE11E_LATEST_20181129",
    "ConversionSoftware": "dcm2niix",
    "ConversionSoftwareVersion": "v1.0.20250505",
    "Defaced": true,
    "DeviceSerialNumber": "166231",
    "DwellTime": 8.2e-6,
    "EchoTime": 0.00298,
    "FileSize": 0.03114194329828024,
    "FileSizeUnits": "GB",
    "FlipAngle": 7,
    "ImageOrientationPatientDICOM": [
      0.133439,
      0.990329,
      -0.0379831,
      0.138602,
      -0.0565974,
      -0.98873
    ],
    "ImageOrientationText": "Sag>Tra(-8.4)>Cor(7.3)",
    "ImageType": [
      "ORIGINAL",
      "PRIMARY",
      "M",
      "ND",
      "NORM",
      "MAGNITUDE"
    ],
    "ImagingFrequency": 123.243084,
    "InPlanePhaseEncodingDirectionDICOM": "ROW",
    "InstitutionAddress": "Street StreetNo,Chengdu,District,CN,ZIP",
    "InstitutionName": "Sichuan Normal University",
    "InstitutionalDepartmentName": "Department",
    "Interpolation2D": 1,
    "InversionTime": 1.1,
    "MRAcquisitionType": "3D",
    "MagneticFieldStrength": 3,
    "Manufacturer": "Siemens",
    "ManufacturersModelName": "Prisma",
    "MatrixCoilMode": "GRAPPA",
    "Modality": "MR",
    "NonlinearGradientCorrection": false,
    "NumberOfVolumes": 1,
    "ParallelReductionFactorInPlane": 2,
    "PartialFourier": 1,
    "PatientPosition": "HFS",
    "PercentPhaseFOV": 87.5,
    "PercentSampling": 100,
    "PhaseEncodingSteps": 250,
    "PhaseOversampling": 0.12,
    "PhaseResolution": 1,
    "PixelBandwidth": 240,
    "ProcedureStepDescription": "PKU_ALL^WeiZijie",
    "ProtocolName": "t1_mprage_sag_iso_mww64CH",
    "PulseSequenceDetails": "%SiemensSeq%\\tfl",
    "ReceiveCoilActiveElements": "HC1-7;NC1,2",
    "ReceiveCoilName": "HeadNeck_64",
    "ReconMatrixPE": 448,
    "RefLinesPE": 32,
    "RepetitionTime": 2.53,
    "SAR": 0.080439,
    "ScanOptions": "IR",
    "ScanningSequence": "GR\\IR",
    "SequenceName": "*tfl3d1_16ns",
    "SequenceVariant": "SK\\SP\\MP\\OSP",
    "SeriesDescription": "t1_mprage_sag_iso_mww64CH",
    "SeriesNumber": 9,
    "ShimSetting": [
      -90,
      -8331,
      10101,
      381,
      91,
      -338,
      -58,
      -65
    ],
    "SliceThickness": 1,
    "SoftwareVersions": "syngo MR E11",
    "SpoilingState": true,
    "StationName": "AWP166231",
    "StudyDescription": "PKU_ALL^WeiZijie",
    "TablePosition": [
      0,
      0,
      0
    ],
    "TxRefAmp": 249.139,
    "acquisition": "t1mpragesagisomww64CH",
    "dataset": "<unset>",
    "datatype": "anat",
    "extension": ".nii.gz",
    "modality": "T1w",
    "subject": "014",
    "suffix": "T1w"
  },
  "cjv": 0.5178521367521368,
  "cnr": 2.0456259537691737,
  "efc": 0.5735,
  "fber": -1.0,
  "fwhm_avg": 6.459283333333334,
  "fwhm_x": 4.11183,
  "fwhm_y": 7.75366,
  "fwhm_z": 7.51236,
  "icvs_csf": 0.2518587434297472,
  "icvs_gm": 0.39953820609923285,
  "icvs_wm": 0.34860305047101997,
  "inu_med": 0.46710850298404694,
  "inu_range": 0.21141588687896729,
  "provenance": {
    "md5sum": "9b91b54e3467fe065e3dbcad67c76f35",
    "settings": {
      "testing": false
    },
    "software": "mriqc",
    "version": "25.1.0.dev45+g699d1691",
    "warnings": {
      "large_rot_frame": true,
      "small_air_mask": false
    }
  },
  "qi_1": 0.0,
  "qi_2": 0.0013053454977555786,
  "rpve_csf": 7.109789320543331,
  "rpve_gm": 7.053033069221186,
  "rpve_wm": 7.130078225943545,
  "size_x": 192,
  "size_y": 448,
  "size_z": 512,
  "snr_csf": 2.4205225243659707,
  "snr_gm": 9.244500818586836,
  "snr_total": 8.219737879886752,
  "snr_wm": 12.99419029670745,
  "snrd_csf": 9.871717009162182,
  "snrd_gm": 14.678468550846787,
  "snrd_total": 14.625501591709765,
  "snrd_wm": 19.32631921512033,
  "spacing_x": 1.0,
  "spacing_y": 0.5,
  "spacing_z": 0.5,
  "summary_bg_k": 294.6067,
  "summary_bg_mad": 0.0,
  "summary_bg_mean": 5.8915,
  "summary_bg_median": 0.0,
  "summary_bg_n": 11939696.0,
  "summary_bg_p05": 0.0,
  "summary_bg_p95": 19.0,
  "summary_bg_stdv": 32.9834,
  "summary_csf_k": -0.0174,
  "summary_csf_mad": 140.7111,
  "summary_csf_mean": 491.6309,
  "summary_csf_median": 497.0,
  "summary_csf_n": 1539860.8316935352,
  "summary_csf_p05": 149.0,
  "summary_csf_p95": 807.0,
  "summary_csf_stdv": 205.3275,
  "summary_gm_k": -0.2853,
  "summary_gm_mad": 65.781,
  "summary_gm_mean": 738.5875,
  "summary_gm_median": 739.0,
  "summary_gm_n": 2442770.999168902,
  "summary_gm_p05": 606.0,
  "summary_gm_p95": 870.0,
  "summary_gm_stdv": 79.9394,
  "summary_wm_k": 0.3211,
  "summary_wm_mad": 55.3964,
  "summary_wm_mean": 955.6207,
  "summary_wm_median": 973.0,
  "summary_wm_n": 2131354.1706720293,
  "summary_wm_p05": 807.0,
  "summary_wm_p95": 1052.0,
  "summary_wm_stdv": 74.8796,
  "tpm_overlap_csf": 0.20806681373297684,
  "tpm_overlap_gm": 0.5082841304383529,
  "tpm_overlap_wm": 0.5290601731845281,
  "wm2max": 0.5813311758797797
}
