{
  "bids_meta": {
    "AcquisitionMatrixPE": 224,
    "AcquisitionNumber": 1,
    "AcquisitionTime": "17:16:11.177500",
    "BaseResolution": 256,
    "BidsGuess": [
      "anat",
      "_acq-tfl3p2_run-9_T1w"
    ],
    "BodyPart": "HEAD",
    "CoilCombinationMethod": "Adaptive Combine",
    "ConsistencyInfo": "N4_VE11E_LATEST_20181129",
    "ConversionSoftware": "dcm2niix",
    "ConversionSoftwareVersion": "v1.0.20250505",
    "Defaced": true,
    "DeviceSerialNumber": "166231",
    "DwellTime": 8.2e-6,
    "EchoTime": 0.00298,
    "FileSize": 0.03358704876154661,
    "FileSizeUnits": "GB",
    "FlipAngle": 7,
    "ImageOrientationPatientDICOM": [
      -0.0414673,
      0.999126,
      0.00523596,
      0.00281071,
      0.0053571,
      -0.999982
    ],
    "ImageOrientationText": "Sag>Cor(-2.4)>Tra(-0.2)",
    "ImageType": [
      "ORIGINAL",
      "PRIMARY",
      "M",
      "ND",
      "NORM",
      "MAGNITUDE"
    ],
    "ImagingFrequency": 123.243029,
    "InPlanePhaseEncodingDirectionDICOM": "ROW",
    "InstitutionAddress": "Street StreetNo,Chengdu,District,CN,ZIP",
    "InstitutionName": "Sichuan Normal University",
    "InstitutionalDepartmentName": "Department",
    "Interpolation2D": 1,
    "InversionTime": 1.1,
    "MRAcquisitionType": "3D",
    "MagneticFieldStrength": 3,
    "Manufacturer": "Siemens",
    "ManufacturersModelName": "Prisma",
    "MatrixCoilMode": "GRAPPA",
    "Modality": "MR",
    "NonlinearGradientCorrection": false,
    "NumberOfVolumes": 1,
    "ParallelReductionFactorInPlane": 2,
    "PartialFourier": 1,
    "PatientPosition": "HFS",
    "PercentPhaseFOV": 87.5,
    "PercentSampling": 100,
    "PhaseEncodingSteps": 250,
    "PhaseOversampling": 0.12,
    "PhaseResolution": 1,
    "PixelBandwidth": 240,
    "ProcedureStepDescription": "PKU_ALL^WeiZijie",
    "ProtocolName": "t1_mprage_sag_iso_mww64CH",
    "PulseSequenceDetails": "%SiemensSeq%\\tfl",
    "ReceiveCoilActiveElements": "HC1-7;NC1,2",
    "ReceiveCoilName": "HeadNeck_64",
    "ReconMatrixPE": 448,
    "RefLinesPE": 32,
    "RepetitionTime": 2.53,
    "SAR": 0.0476152,
    "ScanOptions": "IR",
    "ScanningSequence": "GR\\IR",
    "SequenceName": "*tfl3d1_16ns",
    "SequenceVariant": "SK\\SP\\MP\\OSP",
    "SeriesDescription": "t1_mprage_sag_iso_mww64CH",
    "SeriesNumber": 9,
    "ShimSetting": [
      -161,
      -8316,
      10052,
      39,
      -4,
      -384,
      -43,
      73
    ],
    "SliceThickness": 1,
    "SoftwareVersions": "syngo MR E11",
    "SpoilingState": true,
    "StationName": "AWP166231",
    "StudyDescription": "PKU_ALL^WeiZijie",
    "TablePosition": [
      0,
      0,
      0
    ],
    "TxRefAmp": 236.738,
    "acquisition": "t1mpragesagisomww64CH",
    "dataset": "<unset>",
    "datatype": "anat",
    "extension": ".nii.gz",
    "modality": "T1w",
    "subject": "024",
    "suffix": "T1w"
  },
  "cjv": 0.4976938223938224,
  "cnr": 2.2044498013058202,
  "efc": 0.5685,
  "fber": -1.0,
  "fwhm_avg": 6.653453333333334,
  "fwhm_x": 4.21324,
  "fwhm_y": 7.95048,
  "fwhm_z": 7.79664,
  "icvs_csf": 0.26317767400045466,
  "icvs_gm": 0.3913311137436444,
  "icvs_wm": 0.34549121225590085,
  "inu_med": 0.4466685950756073,
  "inu_range": 0.17341028153896332,
  "provenance": {
    "md5sum": "d945fe81f3204d57b38ed58225d4990a",
    "settings": {
      "testing": false
    },
    "software": "mriqc",
    "version": "25.1.0.dev45+g699d1691",
    "warnings": {
      "large_rot_frame": true,
      "small_air_mask": false
    }
  },
  "qi_1": 0.0,
  "qi_2": 0.0005534366440861103,
  "rpve_csf": 6.967727740401555,
  "rpve_gm": 6.925681480097999,
  "rpve_wm": 7.006063884546452,
  "size_x": 192,
  "size_y": 448,
  "size_z": 512,
  "snr_csf": 2.0979550772991504,
  "snr_gm": 7.782644829232554,
  "snr_total": 8.563186925391337,
  "snr_wm": 15.808960869642306,
  "snrd_csf": 7.9617983656274935,
  "snrd_gm": 12.888830538078588,
  "snrd_total": 12.787671664972708,
  "snrd_wm": 17.512386091212043,
  "spacing_x": 1.0,
  "spacing_y": 0.5,
  "spacing_z": 0.5,
  "summary_bg_k": 204.7268,
  "summary_bg_mad": 0.0,
  "summary_bg_mean": 6.7421,
  "summary_bg_median": 0.0,
  "summary_bg_n": 11118461.0,
  "summary_bg_p05": 0.0,
  "summary_bg_p95": 18.0,
  "summary_bg_stdv": 36.6991,
  "summary_csf_k": 1.9155,
  "summary_csf_mad": 153.4958,
  "summary_csf_mean": 446.5305,
  "summary_csf_median": 446.0,
  "summary_csf_n": 1641847.343400654,
  "summary_csf_p05": 91.0,
  "summary_csf_p95": 783.0,
  "summary_csf_stdv": 212.5879,
  "summary_gm_k": -0.6862,
  "summary_gm_mad": 79.4681,
  "summary_gm_mean": 723.6414,
  "summary_gm_median": 722.0,
  "summary_gm_n": 2441339.114080443,
  "summary_gm_p05": 571.0,
  "summary_gm_p95": 876.0,
  "summary_gm_stdv": 92.7705,
  "summary_wm_k": -0.1143,
  "summary_wm_mad": 49.4346,
  "summary_wm_mean": 968.6811,
  "summary_wm_median": 981.0,
  "summary_wm_n": 2155364.5504505914,
  "summary_wm_p05": 848.0,
  "summary_wm_p95": 1052.0,
  "summary_wm_stdv": 62.0534,
  "tpm_overlap_csf": 0.1939067631689522,
  "tpm_overlap_gm": 0.4961358854046596,
  "tpm_overlap_wm": 0.5169526372573148,
  "wm2max": 0.540834450285732
}
