{
  "aor": 0.0011323703703703704,
  "aqi": 0.005462654444444445,
  "bids_meta": {
    "AcquisitionMatrixPE": 112,
    "AcquisitionNumber": 1,
    "AcquisitionTime": "21:18:19.835000",
    "BandwidthPerPixelPhaseEncode": 33.069,
    "BaseResolution": 112,
    "BidsGuess": [
      "func",
      "_acq-epfid2m2_dir-AP_run-4_bold"
    ],
    "BodyPart": "HEAD",
    "CoilCombinationMethod": "Sum of Squares",
    "ConsistencyInfo": "N4_VE11E_LATEST_20181129",
    "ConversionSoftware": "dcm2niix",
    "ConversionSoftwareVersion": "v1.0.20250505",
    "DerivedVendorReportedEchoSpacing": 0.000539996,
    "DeviceSerialNumber": "166231",
    "DwellTime": 2e-6,
    "EchoTime": 0.03,
    "EchoTrainLength": 55,
    "EffectiveEchoSpacing": 0.000269998,
    "FileSize": 0.10850365366786718,
    "FileSizeUnits": "GB",
    "FlipAngle": 90,
    "ImageOrientationPatientDICOM": [
      0.999799,
      0.0195328,
      0.00458744,
      -0.0191971,
      0.997739,
      -0.0644015
    ],
    "ImageOrientationText": "Tra>Cor(-3.7)>Sag(0.3)",
    "ImageType": [
      "ORIGINAL",
      "PRIMARY",
      "M",
      "ND",
      "MOSAIC",
      "MAGNITUDE"
    ],
    "ImagingFrequency": 123.242967,
    "InPlanePhaseEncodingDirectionDICOM": "COL",
    "InstitutionAddress": "Street StreetNo,Chengdu,District,CN,ZIP",
    "InstitutionName": "Sichuan Normal University",
    "InstitutionalDepartmentName": "Department",
    "MRAcquisitionType": "2D",
    "MagneticFieldStrength": 3,
    "Manufacturer": "Siemens",
    "ManufacturersModelName": "Prisma",
    "Modality": "MR",
    "MultibandAccelerationFactor": 2,
    "NonlinearGradientCorrection": false,
    "NumberOfVolumes": 135,
    "ParallelReductionFactorInPlane": 2,
    "PartialFourier": 1,
    "PatientPosition": "HFS",
    "PercentPhaseFOV": 100,
    "PercentSampling": 100,
    "PhaseEncodingDirection": "j-",
    "PhaseEncodingSteps": 111,
    "PhaseResolution": 1,
    "PixelBandwidth": 2230,
    "ProcedureStepDescription": "PKU_ALL^WeiZijie",
    "ProtocolName": "sms_bold_2mm_run2",
    "PulseSequenceDetails": "%SiemensSeq%\\ep2d_bold",
    "ReceiveCoilActiveElements": "HC1-6",
    "ReceiveCoilName": "HeadNeck_64",
    "ReconMatrixPE": 112,
    "RefLinesPE": 32,
    "RepetitionTime": 2,
    "SAR": 0.112801,
    "ScanOptions": "FS",
    "ScanningSequence": "EP",
    "SequenceName": "*epfid2d1_112",
    "SequenceVariant": "SK",
    "SeriesDescription": "sms_bold_2mm_run2",
    "SeriesNumber": 4,
    "ShimSetting": [
      -130,
      -8342,
      10214,
      555,
      -20,
      -98,
      80,
      25
    ],
    "SliceThickness": 2,
    "SliceTiming": [
      0.9575,
      0,
      1.0225,
      0.065,
      1.0875,
      0.1275,
      1.15,
      0.1925,
      1.215,
      0.255,
      1.2775,
      0.32,
      1.3425,
      0.385,
      1.405,
      0.4475,
      1.47,
      0.5125,
      1.5325,
      0.575,
      1.5975,
      0.64,
      1.6625,
      0.7025,
      1.725,
      0.7675,
      1.79,
      0.83,
      1.8525,
      0.895,
      1.9175,
      0.9575,
      0,
      1.0225,
      0.065,
      1.0875,
      0.1275,
      1.15,
      0.1925,
      1.215,
      0.255,
      1.2775,
      0.32,
      1.3425,
      0.385,
      1.405,
      0.4475,
      1.47,
      0.5125,
      1.5325,
      0.575,
      1.5975,
      0.64,
      1.6625,
      0.7025,
      1.725,
      0.7675,
      1.79,
      0.83,
      1.8525,
      0.895,
      1.9175
    ],
    "SoftwareVersions": "syngo MR E11",
    "SpacingBetweenSlices": 2.3,
    "StationName": "AWP166231",
    "StudyDescription": "PKU_ALL^WeiZijie",
    "TablePosition": [
      0,
      0,
      0
    ],
    "TaskName": "sms_bold_2mm_run2",
    "TotalReadoutTime": 0.0299698,
    "TxRefAmp": 245.951,
    "VendorReportedEchoSpacing": 0.00054,
    "dataset": "<unset>",
    "datatype": "func",
    "direction": "AP",
    "extension": ".nii.gz",
    "modality": "bold",
    "subject": "034",
    "suffix": "bold",
    "task": "smsbold2mmrun2"
  },
  "dummy_trs": 0,
  "dvars_nstd": 41.07389951126868,
  "dvars_std": 1.1331340247014927,
  "dvars_vstd": 1.0049232658955223,
  "efc": 0.5106,
  "fber": 311.42,
  "fd_mean": 0.05490179678688257,
  "fd_num": 0,
  "fd_perc": 0.0,
  "fwhm_avg": 3.7778711845547464,
  "fwhm_x": 3.869415,
  "fwhm_y": 3.827155,
  "fwhm_z": 3.6370435536642396,
  "gcor": 0.0122399,
  "gsr_x": 0.011058203876018524,
  "gsr_y": 0.023677069693803787,
  "provenance": {
    "md5sum": "b5b7fa0c05889f36c9169507da8e7d72",
    "settings": {
      "fd_thres": 0.5,
      "testing": false
    },
    "software": "mriqc",
    "version": "25.1.0.dev45+g699d1691"
  },
  "size_t": 135,
  "size_x": 112,
  "size_y": 112,
  "size_z": 62,
  "snr": 1.800634302443103,
  "spacing_tr": 2.0,
  "spacing_x": 2.0,
  "spacing_y": 2.0,
  "spacing_z": 2.299999952316284,
  "summary_bg_k": 87.1727,
  "summary_bg_mad": 6.5784,
  "summary_bg_mean": 58.9399,
  "summary_bg_median": 34.0,
  "summary_bg_n": 608741.0,
  "summary_bg_p05": 28.0,
  "summary_bg_p95": 182.0,
  "summary_bg_stdv": 90.9253,
  "summary_fg_k": 1.0887,
  "summary_fg_mad": 307.7333,
  "summary_fg_mean": 661.2203,
  "summary_fg_median": 603.0,
  "summary_fg_n": 168987.0,
  "summary_fg_p05": 214.0,
  "summary_fg_p95": 1292.0,
  "summary_fg_stdv": 334.881,
  "tsnr": 38.91061798296869
}
