{
  "aor": 0.0010807407407407408,
  "aqi": 0.006629348222222222,
  "bids_meta": {
    "AcquisitionMatrixPE": 112,
    "AcquisitionNumber": 1,
    "AcquisitionTime": "22:04:16.477500",
    "BandwidthPerPixelPhaseEncode": 33.069,
    "BaseResolution": 112,
    "BidsGuess": [
      "func",
      "_acq-epfid2m2_dir-AP_run-10_bold"
    ],
    "BodyPart": "HEAD",
    "CoilCombinationMethod": "Sum of Squares",
    "ConsistencyInfo": "N4_VE11E_LATEST_20181129",
    "ConversionSoftware": "dcm2niix",
    "ConversionSoftwareVersion": "v1.0.20250505",
    "DerivedVendorReportedEchoSpacing": 0.000539996,
    "DeviceSerialNumber": "166231",
    "DwellTime": 2e-6,
    "EchoTime": 0.03,
    "EchoTrainLength": 55,
    "EffectiveEchoSpacing": 0.000269998,
    "FileSize": 0.10846144799143076,
    "FileSizeUnits": "GB",
    "FlipAngle": 90,
    "ImageOrientationPatientDICOM": [
      0.999593,
      0.0282389,
      0.00402527,
      -0.0279211,
      0.997531,
      -0.0644391
    ],
    "ImageOrientationText": "Tra>Cor(-3.7)>Sag(0.3)",
    "ImageType": [
      "ORIGINAL",
      "PRIMARY",
      "M",
      "ND",
      "MOSAIC",
      "MAGNITUDE"
    ],
    "ImagingFrequency": 123.242979,
    "InPlanePhaseEncodingDirectionDICOM": "COL",
    "InstitutionAddress": "Street StreetNo,Chengdu,District,CN,ZIP",
    "InstitutionName": "Sichuan Normal University",
    "InstitutionalDepartmentName": "Department",
    "MRAcquisitionType": "2D",
    "MagneticFieldStrength": 3,
    "Manufacturer": "Siemens",
    "ManufacturersModelName": "Prisma",
    "Modality": "MR",
    "MultibandAccelerationFactor": 2,
    "NonlinearGradientCorrection": false,
    "NumberOfVolumes": 135,
    "ParallelReductionFactorInPlane": 2,
    "PartialFourier": 1,
    "PatientPosition": "HFS",
    "PercentPhaseFOV": 100,
    "PercentSampling": 100,
    "PhaseEncodingDirection": "j-",
    "PhaseEncodingSteps": 111,
    "PhaseResolution": 1,
    "PixelBandwidth": 2230,
    "ProcedureStepDescription": "PKU_ALL^WeiZijie",
    "ProtocolName": "sms_bold_2mm_run6",
    "PulseSequenceDetails": "%SiemensSeq%\\ep2d_bold",
    "ReceiveCoilActiveElements": "HC1-6",
    "ReceiveCoilName": "HeadNeck_64",
    "ReconMatrixPE": 112,
    "RefLinesPE": 32,
    "RepetitionTime": 2,
    "SAR": 0.118159,
    "ScanOptions": "FS",
    "ScanningSequence": "EP",
    "SequenceName": "*epfid2d1_112",
    "SequenceVariant": "SK",
    "SeriesDescription": "sms_bold_2mm_run6",
    "SeriesNumber": 10,
    "ShimSetting": [
      -127,
      -8345,
      10202,
      547,
      0,
      -133,
      84,
      31
    ],
    "SliceThickness": 2,
    "SliceTiming": [
      0.96,
      0,
      1.0225,
      0.065,
      1.0875,
      0.1275,
      1.15,
      0.1925,
      1.215,
      0.2575,
      1.2775,
      0.32,
      1.3425,
      0.385,
      1.405,
      0.4475,
      1.47,
      0.5125,
      1.5325,
      0.575,
      1.5975,
      0.64,
      1.6625,
      0.7025,
      1.725,
      0.7675,
      1.79,
      0.83,
      1.8525,
      0.895,
      1.9175,
      0.96,
      0,
      1.0225,
      0.065,
      1.0875,
      0.1275,
      1.15,
      0.1925,
      1.215,
      0.2575,
      1.2775,
      0.32,
      1.3425,
      0.385,
      1.405,
      0.4475,
      1.47,
      0.5125,
      1.5325,
      0.575,
      1.5975,
      0.64,
      1.6625,
      0.7025,
      1.725,
      0.7675,
      1.79,
      0.83,
      1.8525,
      0.895,
      1.9175
    ],
    "SoftwareVersions": "syngo MR E11",
    "SpacingBetweenSlices": 2.3,
    "StationName": "AWP166231",
    "StudyDescription": "PKU_ALL^WeiZijie",
    "TablePosition": [
      0,
      0,
      0
    ],
    "TaskName": "sms_bold_2mm_run6",
    "TotalReadoutTime": 0.0299698,
    "TxRefAmp": 243.503,
    "VendorReportedEchoSpacing": 0.00054,
    "dataset": "<unset>",
    "datatype": "func",
    "direction": "AP",
    "extension": ".nii.gz",
    "modality": "bold",
    "subject": "034",
    "suffix": "bold",
    "task": "smsbold2mmrun6"
  },
  "dummy_trs": 0,
  "dvars_nstd": 41.973819334179126,
  "dvars_std": 1.1365033976865666,
  "dvars_vstd": 0.9975413592537312,
  "efc": 0.5121,
  "fber": 308.6283,
  "fd_mean": 0.05581474214605321,
  "fd_num": 0,
  "fd_perc": 0.0,
  "fwhm_avg": 3.7336046624315924,
  "fwhm_x": 3.832805,
  "fwhm_y": 3.786535,
  "fwhm_z": 3.581473987294777,
  "gcor": 0.00336112,
  "gsr_x": 0.011566847562789917,
  "gsr_y": 0.021907633170485497,
  "provenance": {
    "md5sum": "a9b959b32592d3b8773794dfcdbc547e",
    "settings": {
      "fd_thres": 0.5,
      "testing": false
    },
    "software": "mriqc",
    "version": "25.1.0.dev45+g699d1691"
  },
  "size_t": 135,
  "size_x": 112,
  "size_y": 112,
  "size_z": 62,
  "snr": 1.8293472289506891,
  "spacing_tr": 2.0,
  "spacing_x": 2.0,
  "spacing_y": 2.0,
  "spacing_z": 2.299999952316284,
  "summary_bg_k": 91.6874,
  "summary_bg_mad": 6.4136,
  "summary_bg_mean": 58.8986,
  "summary_bg_median": 34.0,
  "summary_bg_n": 608870.0,
  "summary_bg_p05": 28.0,
  "summary_bg_p95": 183.0,
  "summary_bg_stdv": 90.6241,
  "summary_fg_k": 0.9983,
  "summary_fg_mad": 303.9499,
  "summary_fg_mean": 658.1593,
  "summary_fg_median": 603.0,
  "summary_fg_n": 168858.0,
  "summary_fg_p05": 213.0,
  "summary_fg_p95": 1276.0,
  "summary_fg_stdv": 329.6248,
  "tsnr": 37.978226653067395
}
