{
  "aor": 0.004043851851851852,
  "aqi": 0.014491138740740742,
  "bids_meta": {
    "AcquisitionMatrixPE": 112,
    "AcquisitionNumber": 1,
    "AcquisitionTime": "19:40:42.560000",
    "BandwidthPerPixelPhaseEncode": 33.069,
    "BaseResolution": 112,
    "BidsGuess": [
      "func",
      "_acq-epfid2m2_dir-AP_run-15_bold"
    ],
    "BodyPart": "HEAD",
    "CoilCombinationMethod": "Sum of Squares",
    "ConsistencyInfo": "N4_VE11E_LATEST_20181129",
    "ConversionSoftware": "dcm2niix",
    "ConversionSoftwareVersion": "v1.0.20250505",
    "DerivedVendorReportedEchoSpacing": 0.000539996,
    "DeviceSerialNumber": "166231",
    "DwellTime": 2e-6,
    "EchoTime": 0.03,
    "EchoTrainLength": 55,
    "EffectiveEchoSpacing": 0.000269998,
    "FileSize": 0.11492220591753721,
    "FileSizeUnits": "GB",
    "FlipAngle": 90,
    "ImageOrientationPatientDICOM": [
      0.999765,
      0.0214019,
      0.00357433,
      -0.020942,
      0.994848,
      -0.0991906
    ],
    "ImageOrientationText": "Tra>Cor(-5.7)>Sag(0.3)",
    "ImageType": [
      "ORIGINAL",
      "PRIMARY",
      "M",
      "ND",
      "MOSAIC",
      "MAGNITUDE"
    ],
    "ImagingFrequency": 123.242998,
    "InPlanePhaseEncodingDirectionDICOM": "COL",
    "InstitutionAddress": "Street StreetNo,Chengdu,District,CN,ZIP",
    "InstitutionName": "Sichuan Normal University",
    "InstitutionalDepartmentName": "Department",
    "MRAcquisitionType": "2D",
    "MagneticFieldStrength": 3,
    "Manufacturer": "Siemens",
    "ManufacturersModelName": "Prisma",
    "Modality": "MR",
    "MultibandAccelerationFactor": 2,
    "NonlinearGradientCorrection": false,
    "NumberOfVolumes": 135,
    "ParallelReductionFactorInPlane": 2,
    "PartialFourier": 1,
    "PatientPosition": "HFS",
    "PercentPhaseFOV": 100,
    "PercentSampling": 100,
    "PhaseEncodingDirection": "j-",
    "PhaseEncodingSteps": 111,
    "PhaseResolution": 1,
    "PixelBandwidth": 2230,
    "ProcedureStepDescription": "PKU_ALL^WeiZijie",
    "ProtocolName": "sms_bold_2mm_run6",
    "PulseSequenceDetails": "%SiemensSeq%\\ep2d_bold",
    "ReceiveCoilActiveElements": "HC1-7",
    "ReceiveCoilName": "HeadNeck_64",
    "ReconMatrixPE": 112,
    "RefLinesPE": 32,
    "RepetitionTime": 2,
    "SAR": 0.11012,
    "ScanOptions": "FS",
    "ScanningSequence": "EP",
    "SequenceName": "*epfid2d1_112",
    "SequenceVariant": "SK",
    "SeriesDescription": "sms_bold_2mm_run6",
    "SeriesNumber": 15,
    "ShimSetting": [
      -143,
      -8303,
      10155,
      403,
      -45,
      5,
      -115,
      27
    ],
    "SliceThickness": 2,
    "SliceTiming": [
      0.9575,
      0,
      1.0225,
      0.065,
      1.085,
      0.1275,
      1.15,
      0.1925,
      1.2125,
      0.255,
      1.2775,
      0.32,
      1.3425,
      0.3825,
      1.405,
      0.4475,
      1.47,
      0.51,
      1.5325,
      0.575,
      1.5975,
      0.64,
      1.66,
      0.7025,
      1.725,
      0.7675,
      1.7875,
      0.83,
      1.8525,
      0.895,
      1.9175,
      0.9575,
      0,
      1.0225,
      0.065,
      1.085,
      0.1275,
      1.15,
      0.1925,
      1.2125,
      0.255,
      1.2775,
      0.32,
      1.3425,
      0.3825,
      1.405,
      0.4475,
      1.47,
      0.51,
      1.5325,
      0.575,
      1.5975,
      0.64,
      1.66,
      0.7025,
      1.725,
      0.7675,
      1.7875,
      0.83,
      1.8525,
      0.895,
      1.9175
    ],
    "SoftwareVersions": "syngo MR E11",
    "SpacingBetweenSlices": 2.3,
    "StationName": "AWP166231",
    "StudyDescription": "PKU_ALL^WeiZijie",
    "TablePosition": [
      0,
      0,
      0
    ],
    "TaskName": "sms_bold_2mm_run6",
    "TotalReadoutTime": 0.0299698,
    "TxRefAmp": 271.629,
    "VendorReportedEchoSpacing": 0.00054,
    "dataset": "<unset>",
    "datatype": "func",
    "direction": "AP",
    "extension": ".nii.gz",
    "modality": "bold",
    "subject": "040",
    "suffix": "bold",
    "task": "smsbold2mmrun6"
  },
  "dummy_trs": 0,
  "dvars_nstd": 48.076796432089566,
  "dvars_std": 1.022732339328358,
  "dvars_vstd": 0.9878140194776119,
  "efc": 0.5713,
  "fber": 172.4801,
  "fd_mean": 0.13926327778826622,
  "fd_num": 6,
  "fd_perc": 4.444444444444445,
  "fwhm_avg": 3.7771811969814135,
  "fwhm_x": 3.67386,
  "fwhm_y": 3.77361,
  "fwhm_z": 3.884073590944241,
  "gcor": 0.00437941,
  "gsr_x": 0.01848641224205494,
  "gsr_y": 0.044724199920892715,
  "provenance": {
    "md5sum": "dd8922d15aad873ccc3708910d970d36",
    "settings": {
      "fd_thres": 0.5,
      "testing": false
    },
    "software": "mriqc",
    "version": "25.1.0.dev45+g699d1691"
  },
  "size_t": 135,
  "size_x": 112,
  "size_y": 112,
  "size_z": 62,
  "snr": 1.909423256913366,
  "spacing_tr": 2.0,
  "spacing_x": 2.0,
  "spacing_y": 2.0,
  "spacing_z": 2.3000001907348633,
  "summary_bg_k": 27.1824,
  "summary_bg_mad": 9.0384,
  "summary_bg_mean": 89.481,
  "summary_bg_median": 41.0,
  "summary_bg_n": 599658.0,
  "summary_bg_p05": 33.0,
  "summary_bg_p95": 376.0,
  "summary_bg_stdv": 145.2562,
  "summary_fg_k": 0.6273,
  "summary_fg_mad": 263.2223,
  "summary_fg_mean": 597.3019,
  "summary_fg_median": 545.0,
  "summary_fg_n": 178070.0,
  "summary_fg_p05": 223.0,
  "summary_fg_p95": 1149.0,
  "summary_fg_stdv": 285.4257,
  "tsnr": 29.11845482746139
}
