{
  "aor": 0.0032617037037037037,
  "aqi": 0.005190900148148148,
  "bids_meta": {
    "AcquisitionMatrixPE": 112,
    "AcquisitionNumber": 1,
    "AcquisitionTime": "14:16:45.080000",
    "BandwidthPerPixelPhaseEncode": 33.069,
    "BaseResolution": 112,
    "BidsGuess": [
      "func",
      "_acq-epfid2m2_dir-PA_run-4_bold"
    ],
    "BodyPart": "HEAD",
    "CoilCombinationMethod": "Sum of Squares",
    "ConsistencyInfo": "N4_VE11E_LATEST_20181129",
    "ConversionSoftware": "dcm2niix",
    "ConversionSoftwareVersion": "v1.0.20250505",
    "DerivedVendorReportedEchoSpacing": 0.000539996,
    "DeviceSerialNumber": "166231",
    "DwellTime": 2e-6,
    "EchoTime": 0.03,
    "EchoTrainLength": 55,
    "EffectiveEchoSpacing": 0.000269998,
    "FileSize": 0.10477849375456572,
    "FileSizeUnits": "GB",
    "FlipAngle": 90,
    "ImageOrientationPatientDICOM": [
      0.999959,
      -0.00659168,
      0.00627171,
      0.0069812,
      0.997909,
      -0.0642594
    ],
    "ImageOrientationText": "Tra>Cor(-3.7)>Sag(0.3)",
    "ImageType": [
      "ORIGINAL",
      "PRIMARY",
      "M",
      "ND",
      "MOSAIC",
      "MAGNITUDE"
    ],
    "ImagingFrequency": 123.243067,
    "InPlanePhaseEncodingDirectionDICOM": "COL",
    "InstitutionAddress": "Street StreetNo,Chengdu,District,CN,ZIP",
    "InstitutionName": "Sichuan Normal University",
    "InstitutionalDepartmentName": "Department",
    "MRAcquisitionType": "2D",
    "MagneticFieldStrength": 3,
    "Manufacturer": "Siemens",
    "ManufacturersModelName": "Prisma",
    "Modality": "MR",
    "MultibandAccelerationFactor": 2,
    "NonlinearGradientCorrection": false,
    "NumberOfVolumes": 135,
    "ParallelReductionFactorInPlane": 2,
    "PartialFourier": 1,
    "PatientPosition": "HFS",
    "PercentPhaseFOV": 100,
    "PercentSampling": 100,
    "PhaseEncodingDirection": "j",
    "PhaseEncodingSteps": 111,
    "PhaseResolution": 1,
    "PixelBandwidth": 2230,
    "ProcedureStepDescription": "PKU_ALL^WeiZijie",
    "ProtocolName": "sms_bold_2mm_run2",
    "PulseSequenceDetails": "%SiemensSeq%\\ep2d_bold",
    "ReceiveCoilActiveElements": "HC1-6",
    "ReceiveCoilName": "HeadNeck_64",
    "ReconMatrixPE": 112,
    "RefLinesPE": 32,
    "RepetitionTime": 2,
    "SAR": 0.0963656,
    "ScanOptions": "FS",
    "ScanningSequence": "EP",
    "SequenceName": "*epfid2d1_112",
    "SequenceVariant": "SK",
    "SeriesDescription": "sms_bold_2mm_run2",
    "SeriesNumber": 4,
    "ShimSetting": [
      -127,
      -8310,
      10147,
      350,
      -21,
      -176,
      -95,
      9
    ],
    "SliceThickness": 2,
    "SliceTiming": [
      0.9575,
      0,
      1.0225,
      0.0625,
      1.085,
      0.1275,
      1.15,
      0.19,
      1.2125,
      0.255,
      1.2775,
      0.32,
      1.34,
      0.3825,
      1.405,
      0.4475,
      1.4675,
      0.51,
      1.5325,
      0.575,
      1.5975,
      0.6375,
      1.66,
      0.7025,
      1.725,
      0.765,
      1.7875,
      0.83,
      1.8525,
      0.895,
      1.915,
      0.9575,
      0,
      1.0225,
      0.0625,
      1.085,
      0.1275,
      1.15,
      0.19,
      1.2125,
      0.255,
      1.2775,
      0.32,
      1.34,
      0.3825,
      1.405,
      0.4475,
      1.4675,
      0.51,
      1.5325,
      0.575,
      1.5975,
      0.6375,
      1.66,
      0.7025,
      1.725,
      0.765,
      1.7875,
      0.83,
      1.8525,
      0.895,
      1.915
    ],
    "SoftwareVersions": "syngo MR E11",
    "SpacingBetweenSlices": 2.3,
    "StationName": "AWP166231",
    "StudyDescription": "PKU_ALL^WeiZijie",
    "TablePosition": [
      0,
      0,
      0
    ],
    "TaskName": "sms_bold_2mm_run2",
    "TotalReadoutTime": 0.0299698,
    "TxRefAmp": 246.422,
    "VendorReportedEchoSpacing": 0.00054,
    "dataset": "<unset>",
    "datatype": "func",
    "direction": "PA",
    "extension": ".nii.gz",
    "modality": "bold",
    "subject": "005",
    "suffix": "bold",
    "task": "smsbold2mmrun2"
  },
  "dummy_trs": 0,
  "dvars_nstd": 39.15953795597016,
  "dvars_std": 1.0990168082089555,
  "dvars_vstd": 1.0352365364179101,
  "efc": 0.5058,
  "fber": 287.3221,
  "fd_mean": 0.05888705963212946,
  "fd_num": 0,
  "fd_perc": 0.0,
  "fwhm_avg": 3.3578512552747086,
  "fwhm_x": 3.211615,
  "fwhm_y": 3.47723,
  "fwhm_z": 3.3847087658241266,
  "gcor": 0.00400749,
  "gsr_x": 0.00038531000609509647,
  "gsr_y": 0.02507200464606285,
  "provenance": {
    "md5sum": "fca17e354c81dc226aa748bbae2d749c",
    "settings": {
      "fd_thres": 0.5,
      "testing": false
    },
    "software": "mriqc",
    "version": "25.1.0.dev45+g699d1691"
  },
  "size_t": 135,
  "size_x": 112,
  "size_y": 112,
  "size_z": 62,
  "snr": 1.9036710169387352,
  "spacing_tr": 2.0,
  "spacing_x": 2.0,
  "spacing_y": 2.0,
  "spacing_z": 2.299999952316284,
  "summary_bg_k": 86.0737,
  "summary_bg_mad": 5.8975,
  "summary_bg_mean": 54.6858,
  "summary_bg_median": 33.0,
  "summary_bg_n": 627709.0,
  "summary_bg_p05": 28.0,
  "summary_bg_p95": 167.0,
  "summary_bg_stdv": 80.393,
  "summary_fg_k": 1.1124,
  "summary_fg_mad": 269.8885,
  "summary_fg_mean": 599.4702,
  "summary_fg_median": 554.0,
  "summary_fg_n": 150019.0,
  "summary_fg_p05": 193.0,
  "summary_fg_p95": 1134.0,
  "summary_fg_stdv": 291.0157,
  "tsnr": 37.91566978557967
}
