{
  "bids_meta": {
    "AcquisitionMatrixPE": 224,
    "AcquisitionNumber": 1,
    "AcquisitionTime": "15:27:19.865000",
    "BaseResolution": 256,
    "BidsGuess": [
      "anat",
      "_acq-tfl3p2_run-10_T1w"
    ],
    "BodyPart": "HEAD",
    "CoilCombinationMethod": "Adaptive Combine",
    "ConsistencyInfo": "N4_VE11E_LATEST_20181129",
    "ConversionSoftware": "dcm2niix",
    "ConversionSoftwareVersion": "v1.0.20250505",
    "Defaced": true,
    "DeviceSerialNumber": "166231",
    "DwellTime": 8.2e-6,
    "EchoTime": 0.00298,
    "FileSize": 0.03371664881706238,
    "FileSizeUnits": "GB",
    "FlipAngle": 7,
    "ImageOrientationPatientDICOM": [
      -0.0585005,
      0.997615,
      -0.0366261,
      0.03308,
      -0.0347316,
      -0.998849
    ],
    "ImageOrientationText": "Sag>Cor(-3.4)>Tra(-1.8)",
    "ImageType": [
      "ORIGINAL",
      "PRIMARY",
      "M",
      "ND",
      "NORM",
      "MAGNITUDE"
    ],
    "ImagingFrequency": 123.243037,
    "InPlanePhaseEncodingDirectionDICOM": "ROW",
    "InstitutionAddress": "Street StreetNo,Chengdu,District,CN,ZIP",
    "InstitutionName": "Sichuan Normal University",
    "InstitutionalDepartmentName": "Department",
    "Interpolation2D": 1,
    "InversionTime": 1.1,
    "MRAcquisitionType": "3D",
    "MagneticFieldStrength": 3,
    "Manufacturer": "Siemens",
    "ManufacturersModelName": "Prisma",
    "MatrixCoilMode": "GRAPPA",
    "Modality": "MR",
    "NonlinearGradientCorrection": false,
    "NumberOfVolumes": 1,
    "ParallelReductionFactorInPlane": 2,
    "PartialFourier": 1,
    "PatientPosition": "HFS",
    "PercentPhaseFOV": 87.5,
    "PercentSampling": 100,
    "PhaseEncodingSteps": 250,
    "PhaseOversampling": 0.12,
    "PhaseResolution": 1,
    "PixelBandwidth": 240,
    "ProcedureStepDescription": "PKU_ALL^WeiZijie",
    "ProtocolName": "t1_mprage_sag_iso_mww64CH",
    "PulseSequenceDetails": "%SiemensSeq%\\tfl",
    "ReceiveCoilActiveElements": "HC1-7;NC1,2",
    "ReceiveCoilName": "HeadNeck_64",
    "ReconMatrixPE": 448,
    "RefLinesPE": 32,
    "RepetitionTime": 2.53,
    "SAR": 0.0624937,
    "ScanOptions": "IR",
    "ScanningSequence": "GR\\IR",
    "SequenceName": "*tfl3d1_16ns",
    "SequenceVariant": "SK\\SP\\MP\\OSP",
    "SeriesDescription": "t1_mprage_sag_iso_mww64CH",
    "SeriesNumber": 10,
    "ShimSetting": [
      -134,
      -8305,
      10084,
      39,
      -15,
      -282,
      -28,
      42
    ],
    "SliceThickness": 1,
    "SoftwareVersions": "syngo MR E11",
    "SpoilingState": true,
    "StationName": "AWP166231",
    "StudyDescription": "PKU_ALL^WeiZijie",
    "TablePosition": [
      0,
      0,
      0
    ],
    "TxRefAmp": 245.382,
    "acquisition": "t1mpragesagisomww64CH",
    "dataset": "<unset>",
    "datatype": "anat",
    "extension": ".nii.gz",
    "modality": "T1w",
    "subject": "026",
    "suffix": "T1w"
  },
  "cjv": 0.5209941634241245,
  "cnr": 2.1026987501913053,
  "efc": 0.5525,
  "fber": -1.0,
  "fwhm_avg": 7.02365,
  "fwhm_x": 4.46225,
  "fwhm_y": 8.40232,
  "fwhm_z": 8.20638,
  "icvs_csf": 0.262463261450285,
  "icvs_gm": 0.3903904016305338,
  "icvs_wm": 0.34714633691918123,
  "inu_med": 0.4735962152481079,
  "inu_range": 0.20276953279972076,
  "provenance": {
    "md5sum": "41a8a64278c71d9fc4d50b9eb6fadc5b",
    "settings": {
      "testing": false
    },
    "software": "mriqc",
    "version": "25.1.0.dev45+g699d1691",
    "warnings": {
      "large_rot_frame": true,
      "small_air_mask": false
    }
  },
  "qi_1": 0.0,
  "qi_2": 0.0011931152519702134,
  "rpve_csf": 6.4992631535181715,
  "rpve_gm": 6.450667091599843,
  "rpve_wm": 6.532990514156402,
  "size_x": 192,
  "size_y": 448,
  "size_z": 512,
  "snr_csf": 2.1204851061955003,
  "snr_gm": 7.38137554527813,
  "snr_total": 8.147505256084736,
  "snr_wm": 14.940655116780581,
  "snrd_csf": 8.43761956705023,
  "snrd_gm": 13.694466069320804,
  "snrd_total": 13.57383794909962,
  "snrd_wm": 18.589428210927824,
  "spacing_x": 1.0,
  "spacing_y": 0.5,
  "spacing_z": 0.5,
  "summary_bg_k": 243.2733,
  "summary_bg_mad": 0.0,
  "summary_bg_mean": 7.4923,
  "summary_bg_median": 0.0,
  "summary_bg_n": 13142847.0,
  "summary_bg_p05": 0.0,
  "summary_bg_p95": 24.0,
  "summary_bg_stdv": 34.3966,
  "summary_csf_k": 0.2893,
  "summary_csf_mad": 148.3657,
  "summary_csf_mean": 439.9188,
  "summary_csf_median": 443.0,
  "summary_csf_n": 1753341.4634578035,
  "summary_csf_p05": 90.0,
  "summary_csf_p95": 773.0,
  "summary_csf_stdv": 208.9144,
  "summary_gm_k": -0.4192,
  "summary_gm_mad": 81.9677,
  "summary_gm_mean": 719.0225,
  "summary_gm_median": 719.0,
  "summary_gm_n": 2607937.1045399187,
  "summary_gm_p05": 557.0,
  "summary_gm_p95": 879.0,
  "summary_gm_stdv": 97.4073,
  "summary_wm_k": 0.1894,
  "summary_wm_mad": 51.9278,
  "summary_wm_mean": 962.5927,
  "summary_wm_median": 976.0,
  "summary_wm_n": 2319052.438214042,
  "summary_wm_p05": 835.0,
  "summary_wm_p95": 1049.0,
  "summary_wm_stdv": 65.3251,
  "tpm_overlap_csf": 0.19569201051423002,
  "tpm_overlap_gm": 0.5045774459433044,
  "tpm_overlap_wm": 0.5197975734772958,
  "wm2max": 0.5521579495728163
}
