{
  "bids_meta": {
    "AcquisitionMatrixPE": 224,
    "AcquisitionNumber": 1,
    "AcquisitionTime": "15:11:35.927500",
    "BaseResolution": 256,
    "BidsGuess": [
      "anat",
      "_acq-tfl3p2_run-9_T1w"
    ],
    "BodyPart": "HEAD",
    "CoilCombinationMethod": "Adaptive Combine",
    "ConsistencyInfo": "N4_VE11E_LATEST_20181129",
    "ConversionSoftware": "dcm2niix",
    "ConversionSoftwareVersion": "v1.0.20250505",
    "Defaced": true,
    "DeviceSerialNumber": "166231",
    "DwellTime": 8.2e-6,
    "EchoTime": 0.00298,
    "FileSize": 0.03822576720267534,
    "FileSizeUnits": "GB",
    "FlipAngle": 7,
    "ImageOrientationPatientDICOM": [
      -0.0428244,
      0.99097,
      -0.127063,
      0.00109049,
      -0.127134,
      -0.991885
    ],
    "ImageOrientationText": "Sag>Cor(-2.4)>Tra(0.3)",
    "ImageType": [
      "ORIGINAL",
      "PRIMARY",
      "M",
      "ND",
      "NORM",
      "MAGNITUDE"
    ],
    "ImagingFrequency": 123.24305,
    "InPlanePhaseEncodingDirectionDICOM": "ROW",
    "InstitutionAddress": "Street StreetNo,Chengdu,District,CN,ZIP",
    "InstitutionName": "Sichuan Normal University",
    "InstitutionalDepartmentName": "Department",
    "Interpolation2D": 1,
    "InversionTime": 1.1,
    "MRAcquisitionType": "3D",
    "MagneticFieldStrength": 3,
    "Manufacturer": "Siemens",
    "ManufacturersModelName": "Prisma",
    "MatrixCoilMode": "GRAPPA",
    "Modality": "MR",
    "NonlinearGradientCorrection": false,
    "NumberOfVolumes": 1,
    "ParallelReductionFactorInPlane": 2,
    "PartialFourier": 1,
    "PatientPosition": "HFS",
    "PercentPhaseFOV": 87.5,
    "PercentSampling": 100,
    "PhaseEncodingSteps": 250,
    "PhaseOversampling": 0.12,
    "PhaseResolution": 1,
    "PixelBandwidth": 240,
    "ProcedureStepDescription": "PKU_ALL^WeiZijie",
    "ProtocolName": "t1_mprage_sag_iso_mww64CH",
    "PulseSequenceDetails": "%SiemensSeq%\\tfl",
    "ReceiveCoilActiveElements": "HC1-7;NC1,2",
    "ReceiveCoilName": "HeadNeck_64",
    "ReconMatrixPE": 448,
    "RefLinesPE": 32,
    "RepetitionTime": 2.53,
    "SAR": 0.056859,
    "ScanOptions": "IR",
    "ScanningSequence": "GR\\IR",
    "SequenceName": "*tfl3d1_16ns",
    "SequenceVariant": "SK\\SP\\MP\\OSP",
    "SeriesDescription": "t1_mprage_sag_iso_mww64CH",
    "SeriesNumber": 9,
    "ShimSetting": [
      -141,
      -8318,
      10148,
      335,
      -38,
      -261,
      -10,
      55
    ],
    "SliceThickness": 1,
    "SoftwareVersions": "syngo MR E11",
    "SpoilingState": true,
    "StationName": "AWP166231",
    "StudyDescription": "PKU_ALL^WeiZijie",
    "TablePosition": [
      0,
      0,
      0
    ],
    "TxRefAmp": 251.782,
    "acquisition": "t1mpragesagisomww64CH",
    "dataset": "<unset>",
    "datatype": "anat",
    "extension": ".nii.gz",
    "modality": "T1w",
    "subject": "013",
    "suffix": "T1w"
  },
  "cjv": 0.7271837837837838,
  "cnr": 1.4284895153502033,
  "efc": 0.6161,
  "fber": 15928.4068,
  "fwhm_avg": 6.652076666666667,
  "fwhm_x": 4.07797,
  "fwhm_y": 8.13746,
  "fwhm_z": 7.7408,
  "icvs_csf": 0.2770327060756007,
  "icvs_gm": 0.3706620030345847,
  "icvs_wm": 0.3523052908898146,
  "inu_med": 0.6531896591186523,
  "inu_range": 0.3131531864404678,
  "provenance": {
    "md5sum": "1c947a0d344c4b2abe6515c5da723eed",
    "settings": {
      "testing": false
    },
    "software": "mriqc",
    "version": "25.1.0.dev45+g699d1691",
    "warnings": {
      "large_rot_frame": true,
      "small_air_mask": false
    }
  },
  "qi_1": 0.0,
  "qi_2": 0.0012485874343299665,
  "rpve_csf": 7.095840824746511,
  "rpve_gm": 6.989231040376621,
  "rpve_wm": 7.069386808086913,
  "size_x": 192,
  "size_y": 448,
  "size_z": 512,
  "snr_csf": 2.3565307968458056,
  "snr_gm": 5.964432491497147,
  "snr_total": 6.182479093222234,
  "snr_wm": 10.226473991323747,
  "snrd_csf": 6.325350721964434,
  "snrd_gm": 11.155904631524338,
  "snrd_total": 10.710088038351058,
  "snrd_wm": 14.649008761564398,
  "spacing_x": 1.0,
  "spacing_y": 0.5,
  "spacing_z": 0.5,
  "summary_bg_k": 191.6999,
  "summary_bg_mad": 0.0,
  "summary_bg_mean": 11.4394,
  "summary_bg_median": 0.0,
  "summary_bg_n": 10943556.0,
  "summary_bg_p05": 0.0,
  "summary_bg_p95": 47.0,
  "summary_bg_stdv": 41.6364,
  "summary_csf_k": -0.5406,
  "summary_csf_mad": 141.8373,
  "summary_csf_mean": 411.2677,
  "summary_csf_median": 402.0,
  "summary_csf_n": 1698706.9315283364,
  "summary_csf_p05": 149.0,
  "summary_csf_p95": 706.0,
  "summary_csf_stdv": 170.5897,
  "summary_gm_k": -0.1974,
  "summary_gm_mad": 86.3844,
  "summary_gm_mean": 709.7605,
  "summary_gm_median": 709.0,
  "summary_gm_n": 2272822.3058153978,
  "summary_gm_p05": 516.0,
  "summary_gm_p95": 920.0,
  "summary_gm_stdv": 118.8713,
  "summary_wm_k": -0.096,
  "summary_wm_mad": 75.0504,
  "summary_wm_mean": 918.1182,
  "summary_wm_median": 931.0,
  "summary_wm_n": 2160262.765095026,
  "summary_wm_p05": 753.0,
  "summary_wm_p95": 1050.0,
  "summary_wm_stdv": 91.0382,
  "tpm_overlap_csf": 0.18661456805363003,
  "tpm_overlap_gm": 0.5182558253117044,
  "tpm_overlap_wm": 0.5388435488350862,
  "wm2max": 0.5140352286697988
}
