{
  "bids_meta": {
    "AcquisitionMatrixPE": 224,
    "AcquisitionNumber": 1,
    "AcquisitionTime": "21:19:42.155000",
    "BaseResolution": 256,
    "BidsGuess": [
      "anat",
      "_acq-tfl3p2_run-17_T1w"
    ],
    "BodyPart": "HEAD",
    "CoilCombinationMethod": "Adaptive Combine",
    "ConsistencyInfo": "N4_VE11E_LATEST_20181129",
    "ConversionSoftware": "dcm2niix",
    "ConversionSoftwareVersion": "v1.0.20250505",
    "Defaced": true,
    "DeviceSerialNumber": "166231",
    "DwellTime": 8.2e-6,
    "EchoTime": 0.00298,
    "FileSize": 0.03567501436918974,
    "FileSizeUnits": "GB",
    "FlipAngle": 7,
    "ImageOrientationPatientDICOM": [
      -0.0518555,
      0.998641,
      0.00523566,
      -0.0111913,
      0.00466128,
      -0.999927
    ],
    "ImageOrientationText": "Sag>Cor(-3.0)>Tra(0.6)",
    "ImageType": [
      "ORIGINAL",
      "PRIMARY",
      "M",
      "ND",
      "NORM",
      "MAGNITUDE"
    ],
    "ImagingFrequency": 123.243021,
    "InPlanePhaseEncodingDirectionDICOM": "ROW",
    "InstitutionAddress": "Street StreetNo,Chengdu,District,CN,ZIP",
    "InstitutionName": "Sichuan Normal University",
    "InstitutionalDepartmentName": "Department",
    "Interpolation2D": 1,
    "InversionTime": 1.1,
    "MRAcquisitionType": "3D",
    "MagneticFieldStrength": 3,
    "Manufacturer": "Siemens",
    "ManufacturersModelName": "Prisma",
    "MatrixCoilMode": "GRAPPA",
    "Modality": "MR",
    "NonlinearGradientCorrection": false,
    "NumberOfVolumes": 1,
    "ParallelReductionFactorInPlane": 2,
    "PartialFourier": 1,
    "PatientPosition": "HFS",
    "PercentPhaseFOV": 87.5,
    "PercentSampling": 100,
    "PhaseEncodingSteps": 250,
    "PhaseOversampling": 0.12,
    "PhaseResolution": 1,
    "PixelBandwidth": 240,
    "ProcedureStepDescription": "PKU_ALL^WeiZijie",
    "ProtocolName": "t1_mprage_sag_iso_mww64CH",
    "PulseSequenceDetails": "%SiemensSeq%\\tfl",
    "ReceiveCoilActiveElements": "HC1-7;NC1",
    "ReceiveCoilName": "HeadNeck_64",
    "ReconMatrixPE": 448,
    "RefLinesPE": 32,
    "RepetitionTime": 2.53,
    "SAR": 0.0676715,
    "ScanOptions": "IR",
    "ScanningSequence": "GR\\IR",
    "SequenceName": "*tfl3d1_16ns",
    "SequenceVariant": "SK\\SP\\MP\\OSP",
    "SeriesDescription": "t1_mprage_sag_iso_mww64CH",
    "SeriesNumber": 17,
    "ShimSetting": [
      -154,
      -8311,
      10050,
      178,
      -14,
      -311,
      -55,
      49
    ],
    "SliceThickness": 1,
    "SoftwareVersions": "syngo MR E11",
    "SpoilingState": true,
    "StationName": "AWP166231",
    "StudyDescription": "PKU_ALL^WeiZijie",
    "TablePosition": [
      0,
      0,
      0
    ],
    "TxRefAmp": 267.109,
    "acquisition": "t1mpragesagisomww64CH",
    "dataset": "<unset>",
    "datatype": "anat",
    "extension": ".nii.gz",
    "modality": "T1w",
    "subject": "042",
    "suffix": "T1w"
  },
  "cjv": 0.4841083636363636,
  "cnr": 2.2130370000498076,
  "efc": 0.5766,
  "fber": -1.0,
  "fwhm_avg": 6.604616666666668,
  "fwhm_x": 4.29515,
  "fwhm_y": 7.89974,
  "fwhm_z": 7.61896,
  "icvs_csf": 0.26973097288851017,
  "icvs_gm": 0.3837649680690052,
  "icvs_wm": 0.3465040590424846,
  "inu_med": 0.3918136656284332,
  "inu_range": 0.12307169139385221,
  "provenance": {
    "md5sum": "10596fd88bcb28f3796512f353a1bd5a",
    "settings": {
      "testing": false
    },
    "software": "mriqc",
    "version": "25.1.0.dev45+g699d1691",
    "warnings": {
      "large_rot_frame": true,
      "small_air_mask": false
    }
  },
  "qi_1": 0.0,
  "qi_2": 0.0005245080711554384,
  "rpve_csf": 6.763071425382953,
  "rpve_gm": 6.724023453385251,
  "rpve_wm": 6.809572305231393,
  "size_x": 192,
  "size_y": 448,
  "size_z": 512,
  "snr_csf": 2.0911053111904847,
  "snr_gm": 6.701011543170672,
  "snr_total": 8.811422533851202,
  "snr_wm": 17.64215074719245,
  "snrd_csf": 7.969887308397571,
  "snrd_gm": 13.782073418667997,
  "snrd_total": 13.626563422406578,
  "snrd_wm": 19.12772954015417,
  "spacing_x": 1.0,
  "spacing_y": 0.5,
  "spacing_z": 0.5,
  "summary_bg_k": 321.202,
  "summary_bg_mad": 0.0,
  "summary_bg_mean": 5.7064,
  "summary_bg_median": 0.0,
  "summary_bg_n": 12424941.0,
  "summary_bg_p05": 0.0,
  "summary_bg_p95": 16.0,
  "summary_bg_stdv": 33.7026,
  "summary_csf_k": 0.2664,
  "summary_csf_mad": 154.6569,
  "summary_csf_mean": 419.2521,
  "summary_csf_median": 410.0,
  "summary_csf_n": 1732987.5162333534,
  "summary_csf_p05": 107.0,
  "summary_csf_p95": 743.0,
  "summary_csf_stdv": 196.0685,
  "summary_gm_k": -0.6918,
  "summary_gm_mad": 88.2684,
  "summary_gm_mean": 710.2326,
  "summary_gm_median": 709.0,
  "summary_gm_n": 2465641.5676303194,
  "summary_gm_p05": 535.0,
  "summary_gm_p95": 884.0,
  "summary_gm_stdv": 105.8049,
  "summary_wm_k": -0.0077,
  "summary_wm_mad": 44.8614,
  "summary_wm_mean": 974.1942,
  "summary_wm_median": 984.0,
  "summary_wm_n": 2226244.921798485,
  "summary_wm_p05": 864.0,
  "summary_wm_p95": 1049.0,
  "summary_wm_stdv": 55.7755,
  "tpm_overlap_csf": 0.19406966011872911,
  "tpm_overlap_gm": 0.4846076722210305,
  "tpm_overlap_wm": 0.5149633144882788,
  "wm2max": 0.6986464355858371
}
