{
  "aor": 0.007022222222222223,
  "aqi": 0.011291117185185186,
  "bids_meta": {
    "AcquisitionMatrixPE": 112,
    "AcquisitionNumber": 1,
    "AcquisitionTime": "17:38:28.340000",
    "BandwidthPerPixelPhaseEncode": 33.069,
    "BaseResolution": 112,
    "BidsGuess": [
      "func",
      "_acq-epfid2m2_dir-AP_run-4_bold"
    ],
    "BodyPart": "HEAD",
    "CoilCombinationMethod": "Sum of Squares",
    "ConsistencyInfo": "N4_VE11E_LATEST_20181129",
    "ConversionSoftware": "dcm2niix",
    "ConversionSoftwareVersion": "v1.0.20250505",
    "DerivedVendorReportedEchoSpacing": 0.000539996,
    "DeviceSerialNumber": "166231",
    "DwellTime": 2e-6,
    "EchoTime": 0.03,
    "EchoTrainLength": 55,
    "EffectiveEchoSpacing": 0.000269998,
    "FileSize": 0.11024874541908503,
    "FileSizeUnits": "GB",
    "FlipAngle": 90,
    "ImageOrientationPatientDICOM": [
      0.991447,
      0.086021,
      0.0981511,
      -0.0762877,
      0.992164,
      -0.0989468
    ],
    "ImageOrientationText": "Tra>Sag(6.1)>Cor(-5.2)",
    "ImageType": [
      "ORIGINAL",
      "PRIMARY",
      "M",
      "ND",
      "MOSAIC",
      "MAGNITUDE"
    ],
    "ImagingFrequency": 123.243059,
    "InPlanePhaseEncodingDirectionDICOM": "COL",
    "InstitutionAddress": "Street StreetNo,Chengdu,District,CN,ZIP",
    "InstitutionName": "Sichuan Normal University",
    "InstitutionalDepartmentName": "Department",
    "MRAcquisitionType": "2D",
    "MagneticFieldStrength": 3,
    "Manufacturer": "Siemens",
    "ManufacturersModelName": "Prisma",
    "Modality": "MR",
    "MultibandAccelerationFactor": 2,
    "NonlinearGradientCorrection": false,
    "NumberOfVolumes": 135,
    "ParallelReductionFactorInPlane": 2,
    "PartialFourier": 1,
    "PatientPosition": "HFS",
    "PercentPhaseFOV": 100,
    "PercentSampling": 100,
    "PhaseEncodingDirection": "j-",
    "PhaseEncodingSteps": 111,
    "PhaseResolution": 1,
    "PixelBandwidth": 2230,
    "ProcedureStepDescription": "PKU_ALL^WeiZijie",
    "ProtocolName": "sms_bold_2mm_run2",
    "PulseSequenceDetails": "%SiemensSeq%\\ep2d_bold",
    "ReceiveCoilActiveElements": "HC1-7",
    "ReceiveCoilName": "HeadNeck_64",
    "ReconMatrixPE": 112,
    "RefLinesPE": 32,
    "RepetitionTime": 2,
    "SAR": 0.104647,
    "ScanOptions": "FS",
    "ScanningSequence": "EP",
    "SequenceName": "*epfid2d1_112",
    "SequenceVariant": "SK",
    "SeriesDescription": "sms_bold_2mm_run2",
    "SeriesNumber": 4,
    "ShimSetting": [
      -104,
      -8256,
      10111,
      380,
      77,
      24,
      -141,
      15
    ],
    "SliceThickness": 2,
    "SliceTiming": [
      0.96,
      0,
      1.0225,
      0.065,
      1.0875,
      0.13,
      1.15,
      0.1925,
      1.215,
      0.2575,
      1.2775,
      0.32,
      1.3425,
      0.385,
      1.405,
      0.4475,
      1.47,
      0.5125,
      1.535,
      0.575,
      1.5975,
      0.64,
      1.6625,
      0.7025,
      1.725,
      0.7675,
      1.79,
      0.8325,
      1.8525,
      0.895,
      1.9175,
      0.96,
      0,
      1.0225,
      0.065,
      1.0875,
      0.13,
      1.15,
      0.1925,
      1.215,
      0.2575,
      1.2775,
      0.32,
      1.3425,
      0.385,
      1.405,
      0.4475,
      1.47,
      0.5125,
      1.535,
      0.575,
      1.5975,
      0.64,
      1.6625,
      0.7025,
      1.725,
      0.7675,
      1.79,
      0.8325,
      1.8525,
      0.895,
      1.9175
    ],
    "SoftwareVersions": "syngo MR E11",
    "SpacingBetweenSlices": 2.3,
    "StationName": "AWP166231",
    "StudyDescription": "PKU_ALL^WeiZijie",
    "TablePosition": [
      0,
      0,
      0
    ],
    "TaskName": "sms_bold_2mm_run2",
    "TotalReadoutTime": 0.0299698,
    "TxRefAmp": 250.998,
    "VendorReportedEchoSpacing": 0.00054,
    "dataset": "<unset>",
    "datatype": "func",
    "direction": "AP",
    "extension": ".nii.gz",
    "modality": "bold",
    "subject": "049",
    "suffix": "bold",
    "task": "smsbold2mmrun2"
  },
  "dummy_trs": 0,
  "dvars_nstd": 45.9922338458209,
  "dvars_std": 1.1302401497014922,
  "dvars_vstd": 1.0307137203731345,
  "efc": 0.537,
  "fber": 212.4455,
  "fd_mean": 0.16535355716010822,
  "fd_num": 2,
  "fd_perc": 1.4814814814814814,
  "fwhm_avg": 3.8752772010143706,
  "fwhm_x": 3.7152,
  "fwhm_y": 3.988975,
  "fwhm_z": 3.9216566030431124,
  "gcor": 0.00192578,
  "gsr_x": -0.001815526862628758,
  "gsr_y": 0.025520818307995796,
  "provenance": {
    "md5sum": "9ba0cc008a97b63a72d420185042ce01",
    "settings": {
      "fd_thres": 0.5,
      "testing": false
    },
    "software": "mriqc",
    "version": "25.1.0.dev45+g699d1691"
  },
  "size_t": 135,
  "size_x": 112,
  "size_y": 112,
  "size_z": 62,
  "snr": 1.9117250338706684,
  "spacing_tr": 2.0,
  "spacing_x": 2.0,
  "spacing_y": 2.0,
  "spacing_z": 2.299999952316284,
  "summary_bg_k": 55.1621,
  "summary_bg_mad": 6.7541,
  "summary_bg_mean": 71.7539,
  "summary_bg_median": 39.0,
  "summary_bg_n": 618015.0,
  "summary_bg_p05": 33.0,
  "summary_bg_p95": 247.0,
  "summary_bg_stdv": 111.7033,
  "summary_fg_k": 1.1182,
  "summary_fg_mad": 274.3912,
  "summary_fg_mean": 611.9329,
  "summary_fg_median": 570.0,
  "summary_fg_n": 159713.0,
  "summary_fg_p05": 174.0,
  "summary_fg_p95": 1155.0,
  "summary_fg_stdv": 298.1591,
  "tsnr": 30.645267622894607
}
