{
  "bids_meta": {
    "AcquisitionMatrixPE": 224,
    "AcquisitionNumber": 1,
    "AcquisitionTime": "16:30:34.137500",
    "BaseResolution": 256,
    "BidsGuess": [
      "anat",
      "_acq-tfl3p2_run-9_T1w"
    ],
    "BodyPart": "HEAD",
    "CoilCombinationMethod": "Adaptive Combine",
    "ConsistencyInfo": "N4_VE11E_LATEST_20181129",
    "ConversionSoftware": "dcm2niix",
    "ConversionSoftwareVersion": "v1.0.20250505",
    "Defaced": true,
    "DeviceSerialNumber": "166231",
    "DwellTime": 8.2e-6,
    "EchoTime": 0.00298,
    "FileSize": 0.03272977937012911,
    "FileSizeUnits": "GB",
    "FlipAngle": 7,
    "ImageOrientationPatientDICOM": [
      0.00564803,
      0.999984,
      3.00166e-8,
      0.00312375,
      -0.0000176133,
      -0.999995
    ],
    "ImageOrientationText": "Sag>Cor(0.3)>Tra(-0.2)",
    "ImageType": [
      "ORIGINAL",
      "PRIMARY",
      "M",
      "ND",
      "NORM",
      "MAGNITUDE"
    ],
    "ImagingFrequency": 123.243035,
    "InPlanePhaseEncodingDirectionDICOM": "ROW",
    "InstitutionAddress": "Street StreetNo,Chengdu,District,CN,ZIP",
    "InstitutionName": "Sichuan Normal University",
    "InstitutionalDepartmentName": "Department",
    "Interpolation2D": 1,
    "InversionTime": 1.1,
    "MRAcquisitionType": "3D",
    "MagneticFieldStrength": 3,
    "Manufacturer": "Siemens",
    "ManufacturersModelName": "Prisma",
    "MatrixCoilMode": "GRAPPA",
    "Modality": "MR",
    "NonlinearGradientCorrection": false,
    "NumberOfVolumes": 1,
    "ParallelReductionFactorInPlane": 2,
    "PartialFourier": 1,
    "PatientPosition": "HFS",
    "PercentPhaseFOV": 87.5,
    "PercentSampling": 100,
    "PhaseEncodingSteps": 250,
    "PhaseOversampling": 0.12,
    "PhaseResolution": 1,
    "PixelBandwidth": 240,
    "ProcedureStepDescription": "PKU_ALL^WeiZijie",
    "ProtocolName": "t1_mprage_sag_iso_mww64CH",
    "PulseSequenceDetails": "%SiemensSeq%\\tfl",
    "ReceiveCoilActiveElements": "HC1-7;NC1",
    "ReceiveCoilName": "HeadNeck_64",
    "ReconMatrixPE": 448,
    "RefLinesPE": 32,
    "RepetitionTime": 2.53,
    "SAR": 0.0481354,
    "ScanOptions": "IR",
    "ScanningSequence": "GR\\IR",
    "SequenceName": "*tfl3d1_16ns",
    "SequenceVariant": "SK\\SP\\MP\\OSP",
    "SeriesDescription": "t1_mprage_sag_iso_mww64CH",
    "SeriesNumber": 9,
    "ShimSetting": [
      -166,
      -8329,
      10090,
      187,
      -18,
      -336,
      -39,
      42
    ],
    "SliceThickness": 1,
    "SoftwareVersions": "syngo MR E11",
    "SpoilingState": true,
    "StationName": "AWP166231",
    "StudyDescription": "PKU_ALL^WeiZijie",
    "TablePosition": [
      0,
      0,
      0
    ],
    "TxRefAmp": 226.997,
    "acquisition": "t1mpragesagisomww64CH",
    "dataset": "<unset>",
    "datatype": "anat",
    "extension": ".nii.gz",
    "modality": "T1w",
    "subject": "037",
    "suffix": "T1w"
  },
  "cjv": 0.477564367816092,
  "cnr": 2.4078171774225967,
  "efc": 0.558,
  "fber": -1.0,
  "fwhm_avg": 6.82153,
  "fwhm_x": 4.21945,
  "fwhm_y": 8.30886,
  "fwhm_z": 7.93628,
  "icvs_csf": 0.25495868954864176,
  "icvs_gm": 0.40076427936022535,
  "icvs_wm": 0.344277031091133,
  "inu_med": 0.4331537187099457,
  "inu_range": 0.156781780719757,
  "provenance": {
    "md5sum": "b9fbf3129f6e372031e596a366c800d0",
    "settings": {
      "testing": false
    },
    "software": "mriqc",
    "version": "25.1.0.dev45+g699d1691",
    "warnings": {
      "large_rot_frame": true,
      "small_air_mask": false
    }
  },
  "qi_1": 0.0,
  "qi_2": 0.0010999504542932427,
  "rpve_csf": 7.312285474210821,
  "rpve_gm": 7.277507508262066,
  "rpve_wm": 7.356435031740574,
  "size_x": 192,
  "size_y": 448,
  "size_z": 512,
  "snr_csf": 2.2001157127484023,
  "snr_gm": 8.791260917192707,
  "snr_total": 8.739176286640523,
  "snr_wm": 15.226152229980466,
  "snrd_csf": 9.781341026200664,
  "snrd_gm": 14.837796980423041,
  "snrd_total": 14.955228334551158,
  "snrd_wm": 20.246546997029768,
  "spacing_x": 1.0,
  "spacing_y": 0.5,
  "spacing_z": 0.5,
  "summary_bg_k": 303.884,
  "summary_bg_mad": 0.0,
  "summary_bg_mean": 5.5115,
  "summary_bg_median": 0.0,
  "summary_bg_n": 12475044.0,
  "summary_bg_p05": 0.0,
  "summary_bg_p95": 18.0,
  "summary_bg_stdv": 31.6137,
  "summary_csf_k": 0.3797,
  "summary_csf_mad": 146.6155,
  "summary_csf_mean": 463.644,
  "summary_csf_median": 472.0,
  "summary_csf_n": 1516031.0261578704,
  "summary_csf_p05": 101.0,
  "summary_csf_p95": 798.0,
  "summary_csf_stdv": 214.5341,
  "summary_gm_k": -0.6685,
  "summary_gm_mad": 71.647,
  "summary_gm_mean": 717.5979,
  "summary_gm_median": 716.0,
  "summary_gm_n": 2383017.745978757,
  "summary_gm_p05": 584.0,
  "summary_gm_p95": 852.0,
  "summary_gm_stdv": 81.4445,
  "summary_wm_k": -0.3505,
  "summary_wm_mad": 52.9973,
  "summary_wm_mean": 962.655,
  "summary_wm_median": 977.0,
  "summary_wm_n": 2047134.230457751,
  "summary_wm_p05": 838.0,
  "summary_wm_p95": 1045.0,
  "summary_wm_stdv": 64.1659,
  "tpm_overlap_csf": 0.19409357286443055,
  "tpm_overlap_gm": 0.49429926757567905,
  "tpm_overlap_wm": 0.5093607404005612,
  "wm2max": 0.5838790471944301
}
