{
    "Modality": "MR",
    "MagneticFieldStrength": 3,
    "ImagingFrequency": 123.243021,
    "Manufacturer": "Siemens",
    "ManufacturersModelName": "Prisma",
    "InstitutionName": "Sichuan Normal University",
    "InstitutionalDepartmentName": "Department",
    "InstitutionAddress": "Street StreetNo,Chengdu,District,CN,ZIP",
    "DeviceSerialNumber": "166231",
    "StationName": "AWP166231",
    "BodyPart": "HEAD",
    "PatientPosition": "HFS",
    "ProcedureStepDescription": "PKU_ALL^WeiZijie",
    "SoftwareVersions": "syngo MR E11",
    "MRAcquisitionType": "3D",
    "StudyDescription": "PKU_ALL^WeiZijie",
    "SeriesDescription": "t1_mprage_sag_iso_mww64CH",
    "ProtocolName": "t1_mprage_sag_iso_mww64CH",
    "ScanningSequence": "GR\\IR",
    "SequenceVariant": "SK\\SP\\MP\\OSP",
    "ScanOptions": "IR",
    "SequenceName": "*tfl3d1_16ns",
    "ImageType": [
        "ORIGINAL",
        "PRIMARY",
        "M",
        "ND",
        "NORM",
        "MAGNITUDE"
    ],
    "NonlinearGradientCorrection": false,
    "SeriesNumber": 17,
    "AcquisitionTime": "21:19:42.155000",
    "AcquisitionNumber": 1,
    "SliceThickness": 1,
    "SAR": 0.0676715,
    "TablePosition": [
        0,
        0,
        0
    ],
    "EchoTime": 0.00298,
    "RepetitionTime": 2.53,
    "SpoilingState": true,
    "InversionTime": 1.1,
    "FlipAngle": 7,
    "PartialFourier": 1,
    "Interpolation2D": 1,
    "BaseResolution": 256,
    "ShimSetting": [
        -154,
        -8311,
        10050,
        178,
        -14,
        -311,
        -55,
        49
    ],
    "TxRefAmp": 267.109,
    "PhaseResolution": 1,
    "PhaseOversampling": 0.12,
    "ReceiveCoilName": "HeadNeck_64",
    "ReceiveCoilActiveElements": "HC1-7;NC1",
    "PulseSequenceDetails": "%SiemensSeq%\\tfl",
    "RefLinesPE": 32,
    "CoilCombinationMethod": "Adaptive Combine",
    "ConsistencyInfo": "N4_VE11E_LATEST_20181129",
    "MatrixCoilMode": "GRAPPA",
    "PercentPhaseFOV": 87.5,
    "PercentSampling": 100,
    "PhaseEncodingSteps": 250,
    "AcquisitionMatrixPE": 224,
    "ReconMatrixPE": 448,
    "ParallelReductionFactorInPlane": 2,
    "PixelBandwidth": 240,
    "DwellTime": 8.2e-06,
    "ImageOrientationPatientDICOM": [
        -0.0518555,
        0.998641,
        0.00523566,
        -0.0111913,
        0.00466128,
        -0.999927
    ],
    "ImageOrientationText": "Sag>Cor(-3.0)>Tra(0.6)",
    "InPlanePhaseEncodingDirectionDICOM": "ROW",
    "BidsGuess": [
        "anat",
        "_acq-tfl3p2_run-17_T1w"
    ],
    "ConversionSoftware": "dcm2niix",
    "ConversionSoftwareVersion": "v1.0.20250505",
    "Defaced": true
}