{
  "aor": 0.003916518518518519,
  "aqi": 0.007405013777777777,
  "bids_meta": {
    "AcquisitionMatrixPE": 112,
    "AcquisitionNumber": 1,
    "AcquisitionTime": "15:32:44.512500",
    "BandwidthPerPixelPhaseEncode": 33.069,
    "BaseResolution": 112,
    "BidsGuess": [
      "func",
      "_acq-epfid2m2_dir-AP_run-7_bold"
    ],
    "BodyPart": "HEAD",
    "CoilCombinationMethod": "Sum of Squares",
    "ConsistencyInfo": "N4_VE11E_LATEST_20181129",
    "ConversionSoftware": "dcm2niix",
    "ConversionSoftwareVersion": "v1.0.20250505",
    "DerivedVendorReportedEchoSpacing": 0.000539996,
    "DeviceSerialNumber": "166231",
    "DwellTime": 2e-6,
    "EchoTime": 0.03,
    "EchoTrainLength": 55,
    "EffectiveEchoSpacing": 0.000269998,
    "FileSize": 0.10449283849447966,
    "FileSizeUnits": "GB",
    "FlipAngle": 90,
    "ImageOrientationPatientDICOM": [
      0.997349,
      -0.0459408,
      0.0564293,
      0.0557605,
      0.980765,
      -0.187058
    ],
    "ImageOrientationText": "Tra>Cor(-10.9)>Sag(2.7)",
    "ImageType": [
      "ORIGINAL",
      "PRIMARY",
      "M",
      "ND",
      "MOSAIC",
      "MAGNITUDE"
    ],
    "ImagingFrequency": 123.243038,
    "InPlanePhaseEncodingDirectionDICOM": "COL",
    "InstitutionAddress": "Street StreetNo,Chengdu,District,CN,ZIP",
    "InstitutionName": "Sichuan Normal University",
    "InstitutionalDepartmentName": "Department",
    "MRAcquisitionType": "2D",
    "MagneticFieldStrength": 3,
    "Manufacturer": "Siemens",
    "ManufacturersModelName": "Prisma",
    "Modality": "MR",
    "MultibandAccelerationFactor": 2,
    "NonlinearGradientCorrection": false,
    "NumberOfVolumes": 135,
    "ParallelReductionFactorInPlane": 2,
    "PartialFourier": 1,
    "PatientPosition": "HFS",
    "PercentPhaseFOV": 100,
    "PercentSampling": 100,
    "PhaseEncodingDirection": "j-",
    "PhaseEncodingSteps": 111,
    "PhaseResolution": 1,
    "PixelBandwidth": 2230,
    "ProcedureStepDescription": "PKU_ALL^WeiZijie",
    "ProtocolName": "sms_bold_2mm_run4",
    "PulseSequenceDetails": "%SiemensSeq%\\ep2d_bold",
    "ReceiveCoilActiveElements": "HC1-7",
    "ReceiveCoilName": "HeadNeck_64",
    "ReconMatrixPE": 112,
    "RefLinesPE": 32,
    "RepetitionTime": 2,
    "SAR": 0.129911,
    "ScanOptions": "FS",
    "ScanningSequence": "EP",
    "SequenceName": "*epfid2d1_112",
    "SequenceVariant": "SK",
    "SeriesDescription": "sms_bold_2mm_run4",
    "SeriesNumber": 7,
    "ShimSetting": [
      -126,
      -8325,
      10156,
      467,
      33,
      -345,
      -142,
      -13
    ],
    "SliceThickness": 2,
    "SliceTiming": [
      0.96,
      0,
      1.0225,
      0.065,
      1.0875,
      0.1275,
      1.15,
      0.1925,
      1.215,
      0.2575,
      1.2775,
      0.32,
      1.3425,
      0.385,
      1.405,
      0.4475,
      1.47,
      0.5125,
      1.5325,
      0.575,
      1.5975,
      0.64,
      1.6625,
      0.7025,
      1.725,
      0.7675,
      1.79,
      0.83,
      1.8525,
      0.895,
      1.9175,
      0.96,
      0,
      1.0225,
      0.065,
      1.0875,
      0.1275,
      1.15,
      0.1925,
      1.215,
      0.2575,
      1.2775,
      0.32,
      1.3425,
      0.385,
      1.405,
      0.4475,
      1.47,
      0.5125,
      1.5325,
      0.575,
      1.5975,
      0.64,
      1.6625,
      0.7025,
      1.725,
      0.7675,
      1.79,
      0.83,
      1.8525,
      0.895,
      1.9175
    ],
    "SoftwareVersions": "syngo MR E11",
    "SpacingBetweenSlices": 2.3,
    "StationName": "AWP166231",
    "StudyDescription": "PKU_ALL^WeiZijie",
    "TablePosition": [
      0,
      0,
      0
    ],
    "TaskName": "sms_bold_2mm_run4",
    "TotalReadoutTime": 0.0299698,
    "TxRefAmp": 248.967,
    "VendorReportedEchoSpacing": 0.00054,
    "dataset": "<unset>",
    "datatype": "func",
    "direction": "AP",
    "extension": ".nii.gz",
    "modality": "bold",
    "subject": "017",
    "suffix": "bold",
    "task": "smsbold2mmrun4"
  },
  "dummy_trs": 0,
  "dvars_nstd": 46.177023930522395,
  "dvars_std": 1.1566907191791043,
  "dvars_vstd": 1.0326166361940303,
  "efc": 0.5037,
  "fber": 247.3241,
  "fd_mean": 0.10524067689859407,
  "fd_num": 4,
  "fd_perc": 2.962962962962963,
  "fwhm_avg": 3.3836595883412897,
  "fwhm_x": 3.35662,
  "fwhm_y": 3.44825,
  "fwhm_z": 3.3461087650238692,
  "gcor": 0.00657788,
  "gsr_x": 0.0029449877329170704,
  "gsr_y": 0.01334661990404129,
  "provenance": {
    "md5sum": "c6866fdd89f186a7bd7142ef42868ddb",
    "settings": {
      "fd_thres": 0.5,
      "testing": false
    },
    "software": "mriqc",
    "version": "25.1.0.dev45+g699d1691"
  },
  "size_t": 135,
  "size_x": 112,
  "size_y": 112,
  "size_z": 62,
  "snr": 1.8558906831224233,
  "spacing_tr": 2.0,
  "spacing_x": 2.0,
  "spacing_y": 2.0,
  "spacing_z": 2.299999952316284,
  "summary_bg_k": 109.5686,
  "summary_bg_mad": 5.1287,
  "summary_bg_mean": 56.0996,
  "summary_bg_median": 36.0,
  "summary_bg_n": 631568.0,
  "summary_bg_p05": 31.0,
  "summary_bg_p95": 156.0,
  "summary_bg_stdv": 74.053,
  "summary_fg_k": 1.666,
  "summary_fg_mad": 264.7818,
  "summary_fg_mean": 627.7196,
  "summary_fg_median": 574.0,
  "summary_fg_n": 146160.0,
  "summary_fg_p05": 204.0,
  "summary_fg_p95": 1213.0,
  "summary_fg_stdv": 309.2844,
  "tsnr": 34.643361430149525
}
