{
  "bids_meta": {
    "AcquisitionMatrixPE": 224,
    "AcquisitionNumber": 1,
    "AcquisitionTime": "20:43:15.137500",
    "BaseResolution": 256,
    "BidsGuess": [
      "anat",
      "_acq-tfl3p2_run-16_T1w"
    ],
    "BodyPart": "HEAD",
    "CoilCombinationMethod": "Adaptive Combine",
    "ConsistencyInfo": "N4_VE11E_LATEST_20181129",
    "ConversionSoftware": "dcm2niix",
    "ConversionSoftwareVersion": "v1.0.20250505",
    "Defaced": true,
    "DeviceSerialNumber": "166231",
    "DwellTime": 8.2e-6,
    "EchoTime": 0.00298,
    "FileSize": 0.033758231438696384,
    "FileSizeUnits": "GB",
    "FlipAngle": 7,
    "ImageOrientationPatientDICOM": [
      0.00547925,
      0.999971,
      0.00523318,
      0.0328167,
      0.00505062,
      -0.999449
    ],
    "ImageOrientationText": "Sag>Tra(-1.9)>Cor(0.3)",
    "ImageType": [
      "ORIGINAL",
      "PRIMARY",
      "M",
      "ND",
      "NORM",
      "MAGNITUDE"
    ],
    "ImagingFrequency": 123.24299,
    "InPlanePhaseEncodingDirectionDICOM": "ROW",
    "InstitutionAddress": "Street StreetNo,Chengdu,District,CN,ZIP",
    "InstitutionName": "Sichuan Normal University",
    "InstitutionalDepartmentName": "Department",
    "Interpolation2D": 1,
    "InversionTime": 1.1,
    "MRAcquisitionType": "3D",
    "MagneticFieldStrength": 3,
    "Manufacturer": "Siemens",
    "ManufacturersModelName": "Prisma",
    "MatrixCoilMode": "GRAPPA",
    "Modality": "MR",
    "NonlinearGradientCorrection": false,
    "NumberOfVolumes": 1,
    "ParallelReductionFactorInPlane": 2,
    "PartialFourier": 1,
    "PatientPosition": "HFS",
    "PercentPhaseFOV": 87.5,
    "PercentSampling": 100,
    "PhaseEncodingSteps": 250,
    "PhaseOversampling": 0.12,
    "PhaseResolution": 1,
    "PixelBandwidth": 240,
    "ProcedureStepDescription": "PKU_ALL^WeiZijie",
    "ProtocolName": "t1_mprage_sag_iso_mww64CH",
    "PulseSequenceDetails": "%SiemensSeq%\\tfl",
    "ReceiveCoilActiveElements": "HC1-7;NC1,2",
    "ReceiveCoilName": "HeadNeck_64",
    "ReconMatrixPE": 448,
    "RefLinesPE": 32,
    "RepetitionTime": 2.53,
    "SAR": 0.0858941,
    "ScanOptions": "IR",
    "ScanningSequence": "GR\\IR",
    "SequenceName": "*tfl3d1_16ns",
    "SequenceVariant": "SK\\SP\\MP\\OSP",
    "SeriesDescription": "t1_mprage_sag_iso_mww64CH",
    "SeriesNumber": 16,
    "ShimSetting": [
      -133,
      -8316,
      10035,
      -143,
      61,
      -210,
      -7,
      46
    ],
    "SliceThickness": 1,
    "SoftwareVersions": "syngo MR E11",
    "SpoilingState": true,
    "StationName": "AWP166231",
    "StudyDescription": "PKU_ALL^WeiZijie",
    "TablePosition": [
      0,
      0,
      0
    ],
    "TxRefAmp": 282.712,
    "acquisition": "t1mpragesagisomww64CH",
    "dataset": "<unset>",
    "datatype": "anat",
    "extension": ".nii.gz",
    "modality": "T1w",
    "subject": "039",
    "suffix": "T1w"
  },
  "cjv": 0.5422336,
  "cnr": 1.7755867933279605,
  "efc": 0.5882,
  "fber": -1.0,
  "fwhm_avg": 6.782256666666666,
  "fwhm_x": 4.20573,
  "fwhm_y": 8.41734,
  "fwhm_z": 7.7237,
  "icvs_csf": 0.2761370128994796,
  "icvs_gm": 0.37972510542479276,
  "icvs_wm": 0.3441378816757276,
  "inu_med": 0.46560609340667725,
  "inu_range": 0.19120852202177052,
  "provenance": {
    "md5sum": "82fa2c0d7d70c6b4e91092a9c3f45d87",
    "settings": {
      "testing": false
    },
    "software": "mriqc",
    "version": "25.1.0.dev45+g699d1691",
    "warnings": {
      "large_rot_frame": true,
      "small_air_mask": false
    }
  },
  "qi_1": 0.0,
  "qi_2": 0.0009762688803264936,
  "rpve_csf": 7.384108007802095,
  "rpve_gm": 7.301790551712452,
  "rpve_wm": 7.370421872020045,
  "size_x": 192,
  "size_y": 448,
  "size_z": 512,
  "snr_csf": 2.1321239160809955,
  "snr_gm": 6.637645923037657,
  "snr_total": 6.833070337254728,
  "snr_wm": 11.729441172645533,
  "snrd_csf": 6.770508110278082,
  "snrd_gm": 12.741349908318595,
  "snrd_total": 12.23193285015244,
  "snrd_wm": 17.183940531860642,
  "spacing_x": 1.0,
  "spacing_y": 0.5,
  "spacing_z": 0.5,
  "summary_bg_k": 202.6961,
  "summary_bg_mad": 0.0,
  "summary_bg_mean": 6.7729,
  "summary_bg_median": 0.0,
  "summary_bg_n": 11378009.0,
  "summary_bg_p05": 0.0,
  "summary_bg_p95": 19.0,
  "summary_bg_stdv": 36.8668,
  "summary_csf_k": -0.6288,
  "summary_csf_mad": 155.1605,
  "summary_csf_mean": 390.6528,
  "summary_csf_median": 381.0,
  "summary_csf_n": 1630771.3128081756,
  "summary_csf_p05": 103.0,
  "summary_csf_p95": 707.0,
  "summary_csf_stdv": 178.695,
  "summary_gm_k": -0.5089,
  "summary_gm_mad": 76.5604,
  "summary_gm_mean": 717.0653,
  "summary_gm_median": 717.0,
  "summary_gm_n": 2242527.367764465,
  "summary_gm_p05": 536.0,
  "summary_gm_p95": 911.0,
  "summary_gm_stdv": 108.0202,
  "summary_wm_k": -0.2653,
  "summary_wm_mad": 58.998,
  "summary_wm_mean": 943.9034,
  "summary_wm_median": 967.0,
  "summary_wm_n": 2032361.3238028495,
  "summary_wm_p05": 776.0,
  "summary_wm_p95": 1044.0,
  "summary_wm_stdv": 82.4421,
  "tpm_overlap_csf": 0.1804885998238945,
  "tpm_overlap_gm": 0.5080948514695389,
  "tpm_overlap_wm": 0.5352896873665558,
  "wm2max": 0.5511757713000284
}
