{
  "bids_meta": {
    "AcquisitionMatrixPE": 224,
    "AcquisitionNumber": 1,
    "AcquisitionTime": "22:23:9.162500",
    "BaseResolution": 256,
    "BidsGuess": [
      "anat",
      "_acq-tfl3p2_run-15_T1w"
    ],
    "BodyPart": "HEAD",
    "CoilCombinationMethod": "Adaptive Combine",
    "ConsistencyInfo": "N4_VE11E_LATEST_20181129",
    "ConversionSoftware": "dcm2niix",
    "ConversionSoftwareVersion": "v1.0.20250505",
    "Defaced": true,
    "DeviceSerialNumber": "166231",
    "DwellTime": 8.2e-6,
    "EchoTime": 0.00298,
    "FileSize": 0.031081763096153736,
    "FileSizeUnits": "GB",
    "FlipAngle": 7,
    "ImageOrientationPatientDICOM": [
      -0.0777794,
      0.988389,
      -0.130524,
      0.0156974,
      -0.129691,
      -0.99143
    ],
    "ImageOrientationText": "Sag>Cor(-4.5)>Tra(-0.3)",
    "ImageType": [
      "ORIGINAL",
      "PRIMARY",
      "M",
      "ND",
      "NORM",
      "MAGNITUDE"
    ],
    "ImagingFrequency": 123.243022,
    "InPlanePhaseEncodingDirectionDICOM": "ROW",
    "InstitutionAddress": "Street StreetNo,Chengdu,District,CN,ZIP",
    "InstitutionName": "Sichuan Normal University",
    "InstitutionalDepartmentName": "Department",
    "Interpolation2D": 1,
    "InversionTime": 1.1,
    "MRAcquisitionType": "3D",
    "MagneticFieldStrength": 3,
    "Manufacturer": "Siemens",
    "ManufacturersModelName": "Prisma",
    "MatrixCoilMode": "GRAPPA",
    "Modality": "MR",
    "NonlinearGradientCorrection": false,
    "NumberOfVolumes": 1,
    "ParallelReductionFactorInPlane": 2,
    "PartialFourier": 1,
    "PatientPosition": "HFS",
    "PercentPhaseFOV": 87.5,
    "PercentSampling": 100,
    "PhaseEncodingSteps": 250,
    "PhaseOversampling": 0.12,
    "PhaseResolution": 1,
    "PixelBandwidth": 240,
    "ProcedureStepDescription": "PKU_ALL^WeiZijie",
    "ProtocolName": "t1_mprage_sag_iso_mww64CH",
    "PulseSequenceDetails": "%SiemensSeq%\\tfl",
    "ReceiveCoilActiveElements": "HC1-7;NC1,2",
    "ReceiveCoilName": "HeadNeck_64",
    "ReconMatrixPE": 448,
    "RefLinesPE": 32,
    "RepetitionTime": 2.53,
    "SAR": 0.0656837,
    "ScanOptions": "IR",
    "ScanningSequence": "GR\\IR",
    "SequenceName": "*tfl3d1_16ns",
    "SequenceVariant": "SK\\SP\\MP\\OSP",
    "SeriesDescription": "t1_mprage_sag_iso_mww64CH",
    "SeriesNumber": 15,
    "ShimSetting": [
      -140,
      -8309,
      10129,
      428,
      17,
      -190,
      -216,
      63
    ],
    "SliceThickness": 1,
    "SoftwareVersions": "syngo MR E11",
    "SpoilingState": true,
    "StationName": "AWP166231",
    "StudyDescription": "PKU_ALL^WeiZijie",
    "TablePosition": [
      0,
      0,
      0
    ],
    "TxRefAmp": 245.827,
    "acquisition": "t1mpragesagisomww64CH",
    "dataset": "<unset>",
    "datatype": "anat",
    "extension": ".nii.gz",
    "modality": "T1w",
    "subject": "045",
    "suffix": "T1w"
  },
  "cjv": 0.4894168582375479,
  "cnr": 2.031534377790831,
  "efc": 0.5558,
  "fber": -1.0,
  "fwhm_avg": 6.631966666666667,
  "fwhm_x": 4.24712,
  "fwhm_y": 7.91078,
  "fwhm_z": 7.738,
  "icvs_csf": 0.27091197389764216,
  "icvs_gm": 0.3877646635172019,
  "icvs_wm": 0.3413233625851559,
  "inu_med": 0.45443184673786163,
  "inu_range": 0.16336017102003103,
  "provenance": {
    "md5sum": "e2d6c3903144ab565e4ae67c787b666a",
    "settings": {
      "testing": false
    },
    "software": "mriqc",
    "version": "25.1.0.dev45+g699d1691",
    "warnings": {
      "large_rot_frame": true,
      "small_air_mask": false
    }
  },
  "qi_1": 0.0,
  "qi_2": 0.0010348098457345209,
  "rpve_csf": 7.979671343623441,
  "rpve_gm": 7.915106835175186,
  "rpve_wm": 7.9857496460793955,
  "size_x": 192,
  "size_y": 448,
  "size_z": 512,
  "snr_csf": 2.0936773394844046,
  "snr_gm": 7.464387970416784,
  "snr_total": 7.25492298664398,
  "snr_wm": 12.206703650030752,
  "snrd_csf": 8.12362472571111,
  "snrd_gm": 14.663656783372206,
  "snrd_total": 14.272900150996229,
  "snrd_wm": 20.031418943905372,
  "spacing_x": 1.0,
  "spacing_y": 0.5,
  "spacing_z": 0.5,
  "summary_bg_k": 275.9111,
  "summary_bg_mad": 0.0,
  "summary_bg_mean": 5.2397,
  "summary_bg_median": 0.0,
  "summary_bg_n": 11918665.0,
  "summary_bg_p05": 0.0,
  "summary_bg_p95": 15.0,
  "summary_bg_stdv": 31.8551,
  "summary_csf_k": -0.6342,
  "summary_csf_mad": 163.6058,
  "summary_csf_mean": 404.3449,
  "summary_csf_median": 395.0,
  "summary_csf_n": 1480894.2513162217,
  "summary_csf_p05": 116.0,
  "summary_csf_p95": 726.0,
  "summary_csf_stdv": 188.6632,
  "summary_gm_k": -0.4058,
  "summary_gm_mad": 71.5368,
  "summary_gm_mean": 713.3368,
  "summary_gm_median": 713.0,
  "summary_gm_n": 2119649.6146130334,
  "summary_gm_p05": 552.0,
  "summary_gm_p95": 873.0,
  "summary_gm_stdv": 95.5202,
  "summary_wm_k": -0.1968,
  "summary_wm_mad": 56.201,
  "summary_wm_mean": 952.0277,
  "summary_wm_median": 974.0,
  "summary_wm_n": 1865786.137910824,
  "summary_wm_p05": 789.0,
  "summary_wm_p95": 1049.0,
  "summary_wm_stdv": 79.7922,
  "tpm_overlap_csf": 0.18725356553475564,
  "tpm_overlap_gm": 0.50751506201776,
  "tpm_overlap_wm": 0.5342718729306362,
  "wm2max": 0.5928376665122969
}
