{
  "aor": 0.0011549999999999998,
  "aqi": 0.004900134925373135,
  "bids_meta": {
    "AcquisitionMatrixPE": 112,
    "AcquisitionNumber": 1,
    "AcquisitionTime": "15:38:25.970000",
    "BandwidthPerPixelPhaseEncode": 33.069,
    "BaseResolution": 112,
    "BidsGuess": [
      "func",
      "_acq-epfid2m2_dir-AP_run-6_bold"
    ],
    "BodyPart": "HEAD",
    "CoilCombinationMethod": "Sum of Squares",
    "ConsistencyInfo": "N4_VE11E_LATEST_20181129",
    "ConversionSoftware": "dcm2niix",
    "ConversionSoftwareVersion": "v1.0.20250505",
    "DerivedVendorReportedEchoSpacing": 0.000539996,
    "DeviceSerialNumber": "166231",
    "DwellTime": 2e-6,
    "EchoTime": 0.03,
    "EchoTrainLength": 55,
    "EffectiveEchoSpacing": 0.000269998,
    "FileSize": 0.1149112256243825,
    "FileSizeUnits": "GB",
    "FlipAngle": 90,
    "ImageOrientationPatientDICOM": [
      0.999866,
      0.0104572,
      -0.0126142,
      -0.0139616,
      0.946679,
      -0.321876
    ],
    "ImageOrientationText": "Tra>Cor(-18.8)>Sag(-0.5)",
    "ImageType": [
      "ORIGINAL",
      "PRIMARY",
      "M",
      "ND",
      "MOSAIC",
      "MAGNITUDE"
    ],
    "ImagingFrequency": 123.24308,
    "InPlanePhaseEncodingDirectionDICOM": "COL",
    "InstitutionAddress": "Street StreetNo,Chengdu,District,CN,ZIP",
    "InstitutionName": "Sichuan Normal University",
    "InstitutionalDepartmentName": "Department",
    "MRAcquisitionType": "2D",
    "MagneticFieldStrength": 3,
    "Manufacturer": "Siemens",
    "ManufacturersModelName": "Prisma",
    "Modality": "MR",
    "MultibandAccelerationFactor": 2,
    "NonlinearGradientCorrection": false,
    "NumberOfVolumes": 135,
    "ParallelReductionFactorInPlane": 2,
    "PartialFourier": 1,
    "PatientPosition": "HFS",
    "PercentPhaseFOV": 100,
    "PercentSampling": 100,
    "PhaseEncodingDirection": "j-",
    "PhaseEncodingSteps": 111,
    "PhaseResolution": 1,
    "PixelBandwidth": 2230,
    "ProcedureStepDescription": "PKU_ALL^WeiZijie",
    "ProtocolName": "sms_bold_2mm_run4",
    "PulseSequenceDetails": "%SiemensSeq%\\ep2d_bold",
    "ReceiveCoilActiveElements": "HC1-7",
    "ReceiveCoilName": "HeadNeck_64",
    "ReconMatrixPE": 112,
    "RefLinesPE": 32,
    "RepetitionTime": 2,
    "SAR": 0.0907359,
    "ScanOptions": "FS",
    "ScanningSequence": "EP",
    "SequenceName": "*epfid2d1_112",
    "SequenceVariant": "SK",
    "SeriesDescription": "sms_bold_2mm_run4",
    "SeriesNumber": 6,
    "ShimSetting": [
      -168,
      -8297,
      10143,
      407,
      -12,
      -324,
      -196,
      36
    ],
    "SliceThickness": 2,
    "SliceTiming": [
      0.9575,
      0,
      1.02,
      0.0625,
      1.085,
      0.1275,
      1.1475,
      0.19,
      1.2125,
      0.255,
      1.2775,
      0.3175,
      1.34,
      0.3825,
      1.405,
      0.445,
      1.4675,
      0.51,
      1.5325,
      0.5725,
      1.595,
      0.6375,
      1.66,
      0.7025,
      1.7225,
      0.765,
      1.7875,
      0.83,
      1.85,
      0.8925,
      1.915,
      0.9575,
      0,
      1.02,
      0.0625,
      1.085,
      0.1275,
      1.1475,
      0.19,
      1.2125,
      0.255,
      1.2775,
      0.3175,
      1.34,
      0.3825,
      1.405,
      0.445,
      1.4675,
      0.51,
      1.5325,
      0.5725,
      1.595,
      0.6375,
      1.66,
      0.7025,
      1.7225,
      0.765,
      1.7875,
      0.83,
      1.85,
      0.8925,
      1.915
    ],
    "SoftwareVersions": "syngo MR E11",
    "SpacingBetweenSlices": 2.3,
    "StationName": "AWP166231",
    "StudyDescription": "PKU_ALL^WeiZijie",
    "TablePosition": [
      0,
      0,
      0
    ],
    "TaskName": "sms_bold_2mm_run4",
    "TotalReadoutTime": 0.0299698,
    "TxRefAmp": 244.679,
    "VendorReportedEchoSpacing": 0.00054,
    "dataset": "<unset>",
    "datatype": "func",
    "direction": "AP",
    "extension": ".nii.gz",
    "modality": "bold",
    "subject": "016",
    "suffix": "bold",
    "task": "smsbold2mmrun4"
  },
  "dummy_trs": 1,
  "dvars_nstd": 40.56133557090226,
  "dvars_std": 1.0782126730827066,
  "dvars_vstd": 1.02627349112782,
  "efc": 0.553,
  "fber": 171.0278,
  "fd_mean": 0.06472607137304826,
  "fd_num": 0,
  "fd_perc": 0.0,
  "fwhm_avg": 3.8520157509311197,
  "fwhm_x": 3.850365,
  "fwhm_y": 3.90093,
  "fwhm_z": 3.804752252793359,
  "gcor": 0.00332164,
  "gsr_x": 0.0376507043838501,
  "gsr_y": 0.03519633039832115,
  "provenance": {
    "md5sum": "dc3b482dcd7ac9349bc8b0163c5571b1",
    "settings": {
      "fd_thres": 0.5,
      "testing": false
    },
    "software": "mriqc",
    "version": "25.1.0.dev45+g699d1691"
  },
  "size_t": 134,
  "size_x": 112,
  "size_y": 112,
  "size_z": 62,
  "snr": 1.7572327033229767,
  "spacing_tr": 2.0,
  "spacing_x": 2.0,
  "spacing_y": 2.0,
  "spacing_z": 2.299999952316284,
  "summary_bg_k": 27.1092,
  "summary_bg_mad": 10.3229,
  "summary_bg_mean": 108.1302,
  "summary_bg_median": 43.0,
  "summary_bg_n": 617235.0,
  "summary_bg_p05": 34.0,
  "summary_bg_p95": 490.0,
  "summary_bg_stdv": 200.0094,
  "summary_fg_k": 0.9622,
  "summary_fg_mad": 285.8324,
  "summary_fg_mean": 614.4434,
  "summary_fg_median": 556.0,
  "summary_fg_n": 160493.0,
  "summary_fg_p05": 185.0,
  "summary_fg_p95": 1213.0,
  "summary_fg_stdv": 316.4056,
  "tsnr": 37.43329865508713
}
