{
  "bids_meta": {
    "AcquisitionMatrixPE": 224,
    "AcquisitionNumber": 1,
    "AcquisitionTime": "22:11:8.095000",
    "BaseResolution": 256,
    "BidsGuess": [
      "anat",
      "_acq-tfl3p2_run-11_T1w"
    ],
    "BodyPart": "HEAD",
    "CoilCombinationMethod": "Adaptive Combine",
    "ConsistencyInfo": "N4_VE11E_LATEST_20181129",
    "ConversionSoftware": "dcm2niix",
    "ConversionSoftwareVersion": "v1.0.20250505",
    "Defaced": true,
    "DeviceSerialNumber": "166231",
    "DwellTime": 8.2e-6,
    "EchoTime": 0.00298,
    "FileSize": 0.032984549179673195,
    "FileSizeUnits": "GB",
    "FlipAngle": 7,
    "ImageOrientationPatientDICOM": [
      -0.0487082,
      0.998799,
      0.00523253,
      0.0358627,
      0.00698423,
      -0.999332
    ],
    "ImageOrientationText": "Sag>Cor(-2.8)>Tra(-2.1)",
    "ImageType": [
      "ORIGINAL",
      "PRIMARY",
      "M",
      "ND",
      "NORM",
      "MAGNITUDE"
    ],
    "ImagingFrequency": 123.243013,
    "InPlanePhaseEncodingDirectionDICOM": "ROW",
    "InstitutionAddress": "Street StreetNo,Chengdu,District,CN,ZIP",
    "InstitutionName": "Sichuan Normal University",
    "InstitutionalDepartmentName": "Department",
    "Interpolation2D": 1,
    "InversionTime": 1.1,
    "MRAcquisitionType": "3D",
    "MagneticFieldStrength": 3,
    "Manufacturer": "Siemens",
    "ManufacturersModelName": "Prisma",
    "MatrixCoilMode": "GRAPPA",
    "Modality": "MR",
    "NonlinearGradientCorrection": false,
    "NumberOfVolumes": 1,
    "ParallelReductionFactorInPlane": 2,
    "PartialFourier": 1,
    "PatientPosition": "HFS",
    "PercentPhaseFOV": 87.5,
    "PercentSampling": 100,
    "PhaseEncodingSteps": 250,
    "PhaseOversampling": 0.12,
    "PhaseResolution": 1,
    "PixelBandwidth": 240,
    "ProcedureStepDescription": "PKU_ALL^WeiZijie",
    "ProtocolName": "t1_mprage_sag_iso_mww64CH",
    "PulseSequenceDetails": "%SiemensSeq%\\tfl",
    "ReceiveCoilActiveElements": "HC1-7;NC1,2",
    "ReceiveCoilName": "HeadNeck_64",
    "ReconMatrixPE": 448,
    "RefLinesPE": 32,
    "RepetitionTime": 2.53,
    "SAR": 0.0745127,
    "ScanOptions": "IR",
    "ScanningSequence": "GR\\IR",
    "SequenceName": "*tfl3d1_16ns",
    "SequenceVariant": "SK\\SP\\MP\\OSP",
    "SeriesDescription": "t1_mprage_sag_iso_mww64CH",
    "SeriesNumber": 11,
    "ShimSetting": [
      -139,
      -8364,
      10058,
      14,
      -35,
      -290,
      38,
      -18
    ],
    "SliceThickness": 1,
    "SoftwareVersions": "syngo MR E11",
    "SpoilingState": true,
    "StationName": "AWP166231",
    "StudyDescription": "PKU_ALL^WeiZijie",
    "TablePosition": [
      0,
      0,
      0
    ],
    "TxRefAmp": 243.503,
    "acquisition": "t1mpragesagisomww64CH",
    "dataset": "<unset>",
    "datatype": "anat",
    "extension": ".nii.gz",
    "modality": "T1w",
    "subject": "034",
    "suffix": "T1w"
  },
  "cjv": 0.4764728682170543,
  "cnr": 2.2789121943844917,
  "efc": 0.5639,
  "fber": -1.0,
  "fwhm_avg": 6.695656666666667,
  "fwhm_x": 4.26957,
  "fwhm_y": 8.08324,
  "fwhm_z": 7.73416,
  "icvs_csf": 0.2633071902361044,
  "icvs_gm": 0.39484801206340786,
  "icvs_wm": 0.3418447977004878,
  "inu_med": 0.48706649243831635,
  "inu_range": 0.18143182396888735,
  "provenance": {
    "md5sum": "59aca1c33e2e8261b0a7f8daa8fc81ff",
    "settings": {
      "testing": false
    },
    "software": "mriqc",
    "version": "25.1.0.dev45+g699d1691",
    "warnings": {
      "large_rot_frame": true,
      "small_air_mask": false
    }
  },
  "qi_1": 0.0,
  "qi_2": 0.0007149485487932491,
  "rpve_csf": 6.498553090788106,
  "rpve_gm": 6.455931190638737,
  "rpve_wm": 6.532685866288423,
  "size_x": 192,
  "size_y": 448,
  "size_z": 512,
  "snr_csf": 2.2119125283256675,
  "snr_gm": 8.476089000937057,
  "snr_total": 8.462875026709705,
  "snr_wm": 14.70062355086639,
  "snrd_csf": 8.649648834489195,
  "snrd_gm": 13.951670715138052,
  "snrd_total": 13.848468342765324,
  "snrd_wm": 18.94408547866873,
  "spacing_x": 1.0,
  "spacing_y": 0.5,
  "spacing_z": 0.5,
  "summary_bg_k": 256.9532,
  "summary_bg_mad": 0.0,
  "summary_bg_mean": 6.0936,
  "summary_bg_median": 0.0,
  "summary_bg_n": 12144677.0,
  "summary_bg_p05": 0.0,
  "summary_bg_p95": 17.0,
  "summary_bg_stdv": 33.8564,
  "summary_csf_k": -0.1726,
  "summary_csf_mad": 155.4727,
  "summary_csf_mean": 447.6593,
  "summary_csf_median": 447.0,
  "summary_csf_n": 1760785.737807936,
  "summary_csf_p05": 119.0,
  "summary_csf_p95": 769.0,
  "summary_csf_stdv": 202.0875,
  "summary_gm_k": -0.5877,
  "summary_gm_mad": 71.1014,
  "summary_gm_mean": 721.9666,
  "summary_gm_median": 721.0,
  "summary_gm_n": 2640424.4700634596,
  "summary_gm_p05": 580.0,
  "summary_gm_p95": 862.0,
  "summary_gm_stdv": 85.0628,
  "summary_wm_k": -0.2654,
  "summary_wm_mad": 51.8286,
  "summary_wm_mean": 964.7253,
  "summary_wm_median": 979.0,
  "summary_wm_n": 2285981.7986555086,
  "summary_wm_p05": 833.0,
  "summary_wm_p95": 1051.0,
  "summary_wm_stdv": 66.5958,
  "tpm_overlap_csf": 0.19255011155171012,
  "tpm_overlap_gm": 0.502773967134341,
  "tpm_overlap_wm": 0.5215840010384596,
  "wm2max": 0.5569937354123349
}
