{
  "aor": 0.020585522388059704,
  "aqi": 0.030587491865671643,
  "bids_meta": {
    "AcquisitionMatrixPE": 112,
    "AcquisitionNumber": 1,
    "AcquisitionTime": "14:42:26.925000",
    "BandwidthPerPixelPhaseEncode": 33.069,
    "BaseResolution": 112,
    "BidsGuess": [
      "func",
      "_acq-epfid2m2_dir-AP_run-6_bold"
    ],
    "BodyPart": "HEAD",
    "CoilCombinationMethod": "Sum of Squares",
    "ConsistencyInfo": "N4_VE11E_LATEST_20181129",
    "ConversionSoftware": "dcm2niix",
    "ConversionSoftwareVersion": "v1.0.20250505",
    "DerivedVendorReportedEchoSpacing": 0.000539996,
    "DeviceSerialNumber": "166231",
    "DwellTime": 2e-6,
    "EchoTime": 0.03,
    "EchoTrainLength": 55,
    "EffectiveEchoSpacing": 0.000269998,
    "FileSize": 0.11282958835363388,
    "FileSizeUnits": "GB",
    "FlipAngle": 90,
    "ImageOrientationPatientDICOM": [
      0.998738,
      0.0501933,
      0.00191297,
      -0.0488465,
      0.979406,
      -0.195905
    ],
    "ImageOrientationText": "Tra>Cor(-11.3)>Sag(0.7)",
    "ImageType": [
      "ORIGINAL",
      "PRIMARY",
      "M",
      "ND",
      "MOSAIC",
      "MAGNITUDE"
    ],
    "ImagingFrequency": 123.243047,
    "InPlanePhaseEncodingDirectionDICOM": "COL",
    "InstitutionAddress": "Street StreetNo,Chengdu,District,CN,ZIP",
    "InstitutionName": "Sichuan Normal University",
    "InstitutionalDepartmentName": "Department",
    "MRAcquisitionType": "2D",
    "MagneticFieldStrength": 3,
    "Manufacturer": "Siemens",
    "ManufacturersModelName": "Prisma",
    "Modality": "MR",
    "MultibandAccelerationFactor": 2,
    "NonlinearGradientCorrection": false,
    "NumberOfVolumes": 135,
    "ParallelReductionFactorInPlane": 2,
    "PartialFourier": 1,
    "PatientPosition": "HFS",
    "PercentPhaseFOV": 100,
    "PercentSampling": 100,
    "PhaseEncodingDirection": "j-",
    "PhaseEncodingSteps": 111,
    "PhaseResolution": 1,
    "PixelBandwidth": 2230,
    "ProcedureStepDescription": "PKU_ALL^WeiZijie",
    "ProtocolName": "sms_bold_2mm_run4",
    "PulseSequenceDetails": "%SiemensSeq%\\ep2d_bold",
    "ReceiveCoilActiveElements": "HC1-7",
    "ReceiveCoilName": "HeadNeck_64",
    "ReconMatrixPE": 112,
    "RefLinesPE": 32,
    "RepetitionTime": 2,
    "SAR": 0.0901647,
    "ScanOptions": "FS",
    "ScanningSequence": "EP",
    "SequenceName": "*epfid2d1_112",
    "SequenceVariant": "SK",
    "SeriesDescription": "sms_bold_2mm_run4",
    "SeriesNumber": 6,
    "ShimSetting": [
      -147,
      -8323,
      10156,
      390,
      -51,
      -301,
      31,
      45
    ],
    "SliceThickness": 2,
    "SliceTiming": [
      0.9575,
      0,
      1.02,
      0.0625,
      1.085,
      0.1275,
      1.1475,
      0.19,
      1.2125,
      0.255,
      1.2775,
      0.3175,
      1.34,
      0.3825,
      1.405,
      0.445,
      1.4675,
      0.51,
      1.5325,
      0.575,
      1.595,
      0.6375,
      1.66,
      0.7025,
      1.7225,
      0.765,
      1.7875,
      0.83,
      1.85,
      0.8925,
      1.915,
      0.9575,
      0,
      1.02,
      0.0625,
      1.085,
      0.1275,
      1.1475,
      0.19,
      1.2125,
      0.255,
      1.2775,
      0.3175,
      1.34,
      0.3825,
      1.405,
      0.445,
      1.4675,
      0.51,
      1.5325,
      0.575,
      1.595,
      0.6375,
      1.66,
      0.7025,
      1.7225,
      0.765,
      1.7875,
      0.83,
      1.85,
      0.8925,
      1.915
    ],
    "SoftwareVersions": "syngo MR E11",
    "SpacingBetweenSlices": 2.3,
    "StationName": "AWP166231",
    "StudyDescription": "PKU_ALL^WeiZijie",
    "TablePosition": [
      0,
      0,
      0
    ],
    "TaskName": "sms_bold_2mm_run4",
    "TotalReadoutTime": 0.0299698,
    "TxRefAmp": 251.782,
    "VendorReportedEchoSpacing": 0.00054,
    "dataset": "<unset>",
    "datatype": "func",
    "direction": "AP",
    "extension": ".nii.gz",
    "modality": "bold",
    "subject": "013",
    "suffix": "bold",
    "task": "smsbold2mmrun4"
  },
  "dummy_trs": 1,
  "dvars_nstd": 58.13091917676691,
  "dvars_std": 1.1865420436090222,
  "dvars_vstd": 1.1650748028571436,
  "efc": 0.5613,
  "fber": 179.1066,
  "fd_mean": 0.2674554763740877,
  "fd_num": 17,
  "fd_perc": 12.686567164179104,
  "fwhm_avg": 3.592621982057827,
  "fwhm_x": 3.339275,
  "fwhm_y": 3.74343,
  "fwhm_z": 3.6951609461734805,
  "gcor": 0.00872923,
  "gsr_x": -0.012620390392839909,
  "gsr_y": 0.06395448744297028,
  "provenance": {
    "md5sum": "e4368f7faeceb45c60d97d0e202c0c90",
    "settings": {
      "fd_thres": 0.5,
      "testing": false
    },
    "software": "mriqc",
    "version": "25.1.0.dev45+g699d1691"
  },
  "size_t": 134,
  "size_x": 112,
  "size_y": 112,
  "size_z": 62,
  "snr": 1.895561148798799,
  "spacing_tr": 2.0,
  "spacing_x": 2.0,
  "spacing_y": 2.0,
  "spacing_z": 2.299999952316284,
  "summary_bg_k": 26.0216,
  "summary_bg_mad": 8.5748,
  "summary_bg_mean": 85.631,
  "summary_bg_median": 41.0,
  "summary_bg_n": 620204.0,
  "summary_bg_p05": 34.0,
  "summary_bg_p95": 352.0,
  "summary_bg_stdv": 128.8635,
  "summary_fg_k": 0.6329,
  "summary_fg_mad": 266.2875,
  "summary_fg_mean": 583.9033,
  "summary_fg_median": 543.0,
  "summary_fg_n": 157524.0,
  "summary_fg_p05": 157.0,
  "summary_fg_p95": 1108.0,
  "summary_fg_stdv": 286.4578,
  "tsnr": 21.32749704644084
}
