{
  "aor": 0.008710444444444444,
  "aqi": 0.008552067111111113,
  "bids_meta": {
    "AcquisitionMatrixPE": 112,
    "AcquisitionNumber": 1,
    "AcquisitionTime": "19:39:41.517500",
    "BandwidthPerPixelPhaseEncode": 33.069,
    "BaseResolution": 112,
    "BidsGuess": [
      "func",
      "_acq-epfid2m2_dir-PA_run-4_bold"
    ],
    "BodyPart": "HEAD",
    "CoilCombinationMethod": "Sum of Squares",
    "ConsistencyInfo": "N4_VE11E_LATEST_20181129",
    "ConversionSoftware": "dcm2niix",
    "ConversionSoftwareVersion": "v1.0.20250505",
    "DerivedVendorReportedEchoSpacing": 0.000539996,
    "DeviceSerialNumber": "166231",
    "DwellTime": 2e-6,
    "EchoTime": 0.03,
    "EchoTrainLength": 55,
    "EffectiveEchoSpacing": 0.000269998,
    "FileSize": 0.10634570941329002,
    "FileSizeUnits": "GB",
    "FlipAngle": 90,
    "ImageOrientationPatientDICOM": [
      0.999959,
      -0.00659168,
      0.00627171,
      0.0069812,
      0.997909,
      -0.0642594
    ],
    "ImageOrientationText": "Tra>Cor(-3.7)>Sag(0.3)",
    "ImageType": [
      "ORIGINAL",
      "PRIMARY",
      "M",
      "ND",
      "MOSAIC",
      "MAGNITUDE"
    ],
    "ImagingFrequency": 123.24295,
    "InPlanePhaseEncodingDirectionDICOM": "COL",
    "InstitutionAddress": "Street StreetNo,Chengdu,District,CN,ZIP",
    "InstitutionName": "Sichuan Normal University",
    "InstitutionalDepartmentName": "Department",
    "MRAcquisitionType": "2D",
    "MagneticFieldStrength": 3,
    "Manufacturer": "Siemens",
    "ManufacturersModelName": "Prisma",
    "Modality": "MR",
    "MultibandAccelerationFactor": 2,
    "NonlinearGradientCorrection": false,
    "NumberOfVolumes": 135,
    "ParallelReductionFactorInPlane": 2,
    "PartialFourier": 1,
    "PatientPosition": "HFS",
    "PercentPhaseFOV": 100,
    "PercentSampling": 100,
    "PhaseEncodingDirection": "j",
    "PhaseEncodingSteps": 111,
    "PhaseResolution": 1,
    "PixelBandwidth": 2230,
    "ProcedureStepDescription": "PKU_ALL^WeiZijie",
    "ProtocolName": "sms_bold_2mm_run2",
    "PulseSequenceDetails": "%SiemensSeq%\\ep2d_bold",
    "ReceiveCoilActiveElements": "HC1-6",
    "ReceiveCoilName": "HeadNeck_64",
    "ReconMatrixPE": 112,
    "RefLinesPE": 32,
    "RepetitionTime": 2,
    "SAR": 0.0879015,
    "ScanOptions": "FS",
    "ScanningSequence": "EP",
    "SequenceName": "*epfid2d1_112",
    "SequenceVariant": "SK",
    "SeriesDescription": "sms_bold_2mm_run2",
    "SeriesNumber": 4,
    "ShimSetting": [
      -146,
      -8341,
      10155,
      318,
      -31,
      -49,
      -32,
      0
    ],
    "SliceThickness": 2,
    "SliceTiming": [
      0.9575,
      0,
      1.0225,
      0.065,
      1.0875,
      0.1275,
      1.15,
      0.1925,
      1.215,
      0.255,
      1.2775,
      0.32,
      1.3425,
      0.385,
      1.405,
      0.4475,
      1.47,
      0.5125,
      1.5325,
      0.575,
      1.5975,
      0.64,
      1.6625,
      0.7025,
      1.725,
      0.7675,
      1.79,
      0.83,
      1.8525,
      0.895,
      1.9175,
      0.9575,
      0,
      1.0225,
      0.065,
      1.0875,
      0.1275,
      1.15,
      0.1925,
      1.215,
      0.255,
      1.2775,
      0.32,
      1.3425,
      0.385,
      1.405,
      0.4475,
      1.47,
      0.5125,
      1.5325,
      0.575,
      1.5975,
      0.64,
      1.6625,
      0.7025,
      1.725,
      0.7675,
      1.79,
      0.83,
      1.8525,
      0.895,
      1.9175
    ],
    "SoftwareVersions": "syngo MR E11",
    "SpacingBetweenSlices": 2.3,
    "StationName": "AWP166231",
    "StudyDescription": "PKU_ALL^WeiZijie",
    "TablePosition": [
      0,
      0,
      0
    ],
    "TaskName": "sms_bold_2mm_run2",
    "TotalReadoutTime": 0.0299698,
    "TxRefAmp": 242.572,
    "VendorReportedEchoSpacing": 0.00054,
    "dataset": "<unset>",
    "datatype": "func",
    "direction": "PA",
    "extension": ".nii.gz",
    "modality": "bold",
    "subject": "058",
    "suffix": "bold",
    "task": "smsbold2mmrun2"
  },
  "dummy_trs": 0,
  "dvars_nstd": 42.203628454402974,
  "dvars_std": 1.1334585258955223,
  "dvars_vstd": 1.0817976051492533,
  "efc": 0.5269,
  "fber": 273.9062,
  "fd_mean": 0.11526912934659526,
  "fd_num": 1,
  "fd_perc": 0.7407407407407407,
  "fwhm_avg": 3.4194184283215434,
  "fwhm_x": 3.33127,
  "fwhm_y": 3.66762,
  "fwhm_z": 3.25936528496463,
  "gcor": 0.00223853,
  "gsr_x": 0.020426858216524124,
  "gsr_y": 0.03353986516594887,
  "provenance": {
    "md5sum": "9135851253b64db2641caa6500c1a8ad",
    "settings": {
      "fd_thres": 0.5,
      "testing": false
    },
    "software": "mriqc",
    "version": "25.1.0.dev45+g699d1691"
  },
  "size_t": 135,
  "size_x": 112,
  "size_y": 112,
  "size_z": 62,
  "snr": 2.046870911829114,
  "spacing_tr": 2.0,
  "spacing_x": 2.0,
  "spacing_y": 2.0,
  "spacing_z": 2.299999952316284,
  "summary_bg_k": 39.6674,
  "summary_bg_mad": 7.424,
  "summary_bg_mean": 63.1935,
  "summary_bg_median": 34.0,
  "summary_bg_n": 623272.0,
  "summary_bg_p05": 28.0,
  "summary_bg_p95": 224.0,
  "summary_bg_stdv": 99.3361,
  "summary_fg_k": 0.3004,
  "summary_fg_mad": 269.0868,
  "summary_fg_mean": 591.7987,
  "summary_fg_median": 557.0,
  "summary_fg_n": 154456.0,
  "summary_fg_p05": 192.0,
  "summary_fg_p95": 1076.0,
  "summary_fg_stdv": 272.1218,
  "tsnr": 33.06126094656065
}
