{
  "bids_meta": {
    "AcquisitionMatrixPE": 224,
    "AcquisitionNumber": 1,
    "AcquisitionTime": "11:02:33.902500",
    "BaseResolution": 256,
    "BidsGuess": [
      "anat",
      "_acq-tfl3p2_run-15_T1w"
    ],
    "BodyPart": "HEAD",
    "CoilCombinationMethod": "Adaptive Combine",
    "ConsistencyInfo": "N4_VE11E_LATEST_20181129",
    "ConversionSoftware": "dcm2niix",
    "ConversionSoftwareVersion": "v1.0.20250505",
    "Defaced": true,
    "DeviceSerialNumber": "166231",
    "DwellTime": 8.2e-6,
    "EchoTime": 0.00298,
    "FileSize": 0.03337343409657478,
    "FileSizeUnits": "GB",
    "FlipAngle": 7,
    "ImageOrientationPatientDICOM": [
      0.00563157,
      0.99997,
      0.00523592,
      0.00315328,
      0.00521822,
      -0.999981
    ],
    "ImageOrientationText": "Sag>Cor(0.3)>Tra(-0.2)",
    "ImageType": [
      "ORIGINAL",
      "PRIMARY",
      "M",
      "ND",
      "NORM",
      "MAGNITUDE"
    ],
    "ImagingFrequency": 123.242989,
    "InPlanePhaseEncodingDirectionDICOM": "ROW",
    "InstitutionAddress": "Street StreetNo,Chengdu,District,CN,ZIP",
    "InstitutionName": "Sichuan Normal University",
    "InstitutionalDepartmentName": "Department",
    "Interpolation2D": 1,
    "InversionTime": 1.1,
    "MRAcquisitionType": "3D",
    "MagneticFieldStrength": 3,
    "Manufacturer": "Siemens",
    "ManufacturersModelName": "Prisma",
    "MatrixCoilMode": "GRAPPA",
    "Modality": "MR",
    "NonlinearGradientCorrection": false,
    "NumberOfVolumes": 1,
    "ParallelReductionFactorInPlane": 2,
    "PartialFourier": 1,
    "PatientPosition": "HFS",
    "PercentPhaseFOV": 87.5,
    "PercentSampling": 100,
    "PhaseEncodingSteps": 250,
    "PhaseOversampling": 0.12,
    "PhaseResolution": 1,
    "PixelBandwidth": 240,
    "ProcedureStepDescription": "PKU_ALL^WeiZijie",
    "ProtocolName": "t1_mprage_sag_iso_mww64CH",
    "PulseSequenceDetails": "%SiemensSeq%\\tfl",
    "ReceiveCoilActiveElements": "HC1-7;NC1,2",
    "ReceiveCoilName": "HeadNeck_64",
    "ReconMatrixPE": 448,
    "RefLinesPE": 32,
    "RepetitionTime": 2.53,
    "SAR": 0.0602049,
    "ScanOptions": "IR",
    "ScanningSequence": "GR\\IR",
    "SequenceName": "*tfl3d1_16ns",
    "SequenceVariant": "SK\\SP\\MP\\OSP",
    "SeriesDescription": "t1_mprage_sag_iso_mww64CH",
    "SeriesNumber": 15,
    "ShimSetting": [
      -142,
      -8329,
      10056,
      13,
      0,
      -401,
      -81,
      1
    ],
    "SliceThickness": 1,
    "SoftwareVersions": "syngo MR E11",
    "SpoilingState": true,
    "StationName": "AWP166231",
    "StudyDescription": "PKU_ALL^WeiZijie",
    "TablePosition": [
      0,
      0,
      0
    ],
    "TxRefAmp": 244.542,
    "acquisition": "t1mpragesagisomww64CH",
    "dataset": "<unset>",
    "datatype": "anat",
    "extension": ".nii.gz",
    "modality": "T1w",
    "subject": "059",
    "suffix": "T1w"
  },
  "cjv": 0.5092240601503759,
  "cnr": 2.155148305552594,
  "efc": 0.5794,
  "fber": 31760.114,
  "fwhm_avg": 7.17645,
  "fwhm_x": 4.43601,
  "fwhm_y": 8.94844,
  "fwhm_z": 8.1449,
  "icvs_csf": 0.2590344340177131,
  "icvs_gm": 0.3971995333989201,
  "icvs_wm": 0.34376603258336674,
  "inu_med": 0.45900726318359375,
  "inu_range": 0.17085175365209582,
  "provenance": {
    "md5sum": "0c6bdec8b538ff58cd03ab972d324520",
    "settings": {
      "testing": false
    },
    "software": "mriqc",
    "version": "25.1.0.dev45+g699d1691",
    "warnings": {
      "large_rot_frame": true,
      "small_air_mask": false
    }
  },
  "qi_1": 0.0,
  "qi_2": 0.0011914988180202805,
  "rpve_csf": 8.073934084529471,
  "rpve_gm": 8.02233385067299,
  "rpve_wm": 8.092173220078548,
  "size_x": 192,
  "size_y": 448,
  "size_z": 512,
  "snr_csf": 1.908427738951767,
  "snr_gm": 7.996219751775447,
  "snr_total": 7.580849005881241,
  "snr_wm": 12.837899526916507,
  "snrd_csf": 6.424072199019429,
  "snrd_gm": 11.198506104957326,
  "snrd_total": 11.013450527207794,
  "snrd_wm": 15.417773277646631,
  "spacing_x": 1.0,
  "spacing_y": 0.5,
  "spacing_z": 0.5,
  "summary_bg_k": 235.8751,
  "summary_bg_mad": 0.0,
  "summary_bg_mean": 7.6026,
  "summary_bg_median": 0.0,
  "summary_bg_n": 9502658.0,
  "summary_bg_p05": 0.0,
  "summary_bg_p95": 18.0,
  "summary_bg_stdv": 41.3025,
  "summary_csf_k": -0.6311,
  "summary_csf_mad": 165.8986,
  "summary_csf_mean": 404.8104,
  "summary_csf_median": 405.0,
  "summary_csf_n": 1399092.123541965,
  "summary_csf_p05": 57.0,
  "summary_csf_p95": 748.0,
  "summary_csf_stdv": 212.2165,
  "summary_gm_k": -0.6713,
  "summary_gm_mad": 76.2286,
  "summary_gm_mean": 707.1122,
  "summary_gm_median": 706.0,
  "summary_gm_n": 2145346.9719588403,
  "summary_gm_p05": 561.0,
  "summary_gm_p95": 851.0,
  "summary_gm_stdv": 88.2917,
  "summary_wm_k": -0.4193,
  "summary_wm_mad": 59.225,
  "summary_wm_mean": 953.2566,
  "summary_wm_median": 972.0,
  "summary_wm_n": 1856742.9089206352,
  "summary_wm_p05": 804.0,
  "summary_wm_p95": 1048.0,
  "summary_wm_stdv": 75.7133,
  "tpm_overlap_csf": 0.1849817917631967,
  "tpm_overlap_gm": 0.5134621919229142,
  "tpm_overlap_wm": 0.5249173904901602,
  "wm2max": 0.6199308929630442
}
