{
  "bids_meta": {
    "AcquisitionMatrixPE": 224,
    "AcquisitionNumber": 1,
    "AcquisitionTime": "18:02:58.180000",
    "BaseResolution": 256,
    "BidsGuess": [
      "anat",
      "_acq-tfl3p2_run-16_T1w"
    ],
    "BodyPart": "HEAD",
    "CoilCombinationMethod": "Adaptive Combine",
    "ConsistencyInfo": "N4_VE11E_LATEST_20181129",
    "ConversionSoftware": "dcm2niix",
    "ConversionSoftwareVersion": "v1.0.20250505",
    "Defaced": true,
    "DeviceSerialNumber": "166231",
    "DwellTime": 8.2e-6,
    "EchoTime": 0.00298,
    "FileSize": 0.04029523953795433,
    "FileSizeUnits": "GB",
    "FlipAngle": 7,
    "ImageOrientationPatientDICOM": [
      -0.0130218,
      0.994076,
      -0.1079,
      0.0444446,
      -0.107228,
      -0.993241
    ],
    "ImageOrientationText": "Sag>Tra(-2.5)>Cor(-1.0)",
    "ImageType": [
      "ORIGINAL",
      "PRIMARY",
      "M",
      "ND",
      "NORM",
      "MAGNITUDE"
    ],
    "ImagingFrequency": 123.242996,
    "InPlanePhaseEncodingDirectionDICOM": "ROW",
    "InstitutionAddress": "Street StreetNo,Chengdu,District,CN,ZIP",
    "InstitutionName": "Sichuan Normal University",
    "InstitutionalDepartmentName": "Department",
    "Interpolation2D": 1,
    "InversionTime": 1.1,
    "MRAcquisitionType": "3D",
    "MagneticFieldStrength": 3,
    "Manufacturer": "Siemens",
    "ManufacturersModelName": "Prisma",
    "MatrixCoilMode": "GRAPPA",
    "Modality": "MR",
    "NonlinearGradientCorrection": false,
    "NumberOfVolumes": 1,
    "ParallelReductionFactorInPlane": 2,
    "PartialFourier": 1,
    "PatientPosition": "HFS",
    "PercentPhaseFOV": 87.5,
    "PercentSampling": 100,
    "PhaseEncodingSteps": 250,
    "PhaseOversampling": 0.12,
    "PhaseResolution": 1,
    "PixelBandwidth": 240,
    "ProcedureStepDescription": "PKU_ALL^WeiZijie",
    "ProtocolName": "t1_mprage_sag_iso_mww64CH",
    "PulseSequenceDetails": "%SiemensSeq%\\tfl",
    "ReceiveCoilActiveElements": "HC1-7;NC1,2",
    "ReceiveCoilName": "HeadNeck_64",
    "ReconMatrixPE": 448,
    "RefLinesPE": 32,
    "RepetitionTime": 2.53,
    "SAR": 0.0570724,
    "ScanOptions": "IR",
    "ScanningSequence": "GR\\IR",
    "SequenceName": "*tfl3d1_16ns",
    "SequenceVariant": "SK\\SP\\MP\\OSP",
    "SeriesDescription": "t1_mprage_sag_iso_mww64CH",
    "SeriesNumber": 16,
    "ShimSetting": [
      -119,
      -8295,
      10123,
      270,
      -117,
      -232,
      -84,
      -24
    ],
    "SliceThickness": 1,
    "SoftwareVersions": "syngo MR E11",
    "SpoilingState": true,
    "StationName": "AWP166231",
    "StudyDescription": "PKU_ALL^WeiZijie",
    "TablePosition": [
      0,
      0,
      0
    ],
    "TxRefAmp": 270.548,
    "acquisition": "t1mpragesagisomww64CH",
    "dataset": "<unset>",
    "datatype": "anat",
    "extension": ".nii.gz",
    "modality": "T1w",
    "subject": "043",
    "suffix": "T1w"
  },
  "cjv": 0.4845369230769231,
  "cnr": 2.0496651277823803,
  "efc": 0.609,
  "fber": -1.0,
  "fwhm_avg": 6.56585,
  "fwhm_x": 4.10579,
  "fwhm_y": 7.86392,
  "fwhm_z": 7.72784,
  "icvs_csf": 0.26007947401254655,
  "icvs_gm": 0.3930627011394342,
  "icvs_wm": 0.34685782484801925,
  "inu_med": 0.43316003680229187,
  "inu_range": 0.1666815072298049,
  "provenance": {
    "md5sum": "12bce51cfa04e02a2bacecffc90af6bb",
    "settings": {
      "testing": false
    },
    "software": "mriqc",
    "version": "25.1.0.dev45+g699d1691",
    "warnings": {
      "large_rot_frame": true,
      "small_air_mask": false
    }
  },
  "qi_1": 0.0,
  "qi_2": 0.0009128267377258739,
  "rpve_csf": 6.279830579553379,
  "rpve_gm": 6.222019708357602,
  "rpve_wm": 6.305352730413842,
  "size_x": 192,
  "size_y": 448,
  "size_z": 512,
  "snr_csf": 2.2135421593764595,
  "snr_gm": 7.4880266661060455,
  "snr_total": 7.64190329493417,
  "snr_wm": 13.224141059320004,
  "snrd_csf": 7.474729898631643,
  "snrd_gm": 12.108385989638588,
  "snrd_total": 12.029467272760124,
  "snrd_wm": 16.505285930010146,
  "spacing_x": 1.0,
  "spacing_y": 0.5,
  "spacing_z": 0.5,
  "summary_bg_k": 207.6194,
  "summary_bg_mad": 0.0,
  "summary_bg_mean": 6.5487,
  "summary_bg_median": 0.0,
  "summary_bg_n": 11330779.0,
  "summary_bg_p05": 0.0,
  "summary_bg_p95": 18.0,
  "summary_bg_stdv": 38.7399,
  "summary_csf_k": 0.3164,
  "summary_csf_mad": 150.693,
  "summary_csf_mean": 443.567,
  "summary_csf_median": 442.0,
  "summary_csf_n": 1797187.658478717,
  "summary_csf_p05": 122.0,
  "summary_csf_p95": 759.0,
  "summary_csf_stdv": 199.6799,
  "summary_gm_k": -0.5764,
  "summary_gm_mad": 73.4573,
  "summary_gm_mean": 716.6404,
  "summary_gm_median": 716.0,
  "summary_gm_n": 2716121.440102657,
  "summary_gm_p05": 558.0,
  "summary_gm_p95": 878.0,
  "summary_gm_stdv": 95.6193,
  "summary_wm_k": 0.1468,
  "summary_wm_mad": 52.5223,
  "summary_wm_mean": 957.3774,
  "summary_wm_median": 976.0,
  "summary_wm_n": 2396838.906378135,
  "summary_wm_p05": 807.0,
  "summary_wm_p95": 1047.0,
  "summary_wm_stdv": 73.8044,
  "tpm_overlap_csf": 0.21162771191338872,
  "tpm_overlap_gm": 0.5035306238098437,
  "tpm_overlap_wm": 0.5167496216364424,
  "wm2max": 0.559455526020706
}
