{
  "bids_meta": {
    "AcquisitionMatrixPE": 224,
    "AcquisitionNumber": 1,
    "AcquisitionTime": "15:46:11.932500",
    "BaseResolution": 256,
    "BidsGuess": [
      "anat",
      "_acq-tfl3p2_run-9_T1w"
    ],
    "BodyPart": "HEAD",
    "CoilCombinationMethod": "Adaptive Combine",
    "ConsistencyInfo": "N4_VE11E_LATEST_20181129",
    "ConversionSoftware": "dcm2niix",
    "ConversionSoftwareVersion": "v1.0.20250505",
    "Defaced": true,
    "DeviceSerialNumber": "166231",
    "DwellTime": 8.2e-6,
    "EchoTime": 0.00298,
    "FileSize": 0.032270864583551884,
    "FileSizeUnits": "GB",
    "FlipAngle": 7,
    "ImageOrientationPatientDICOM": [
      -0.0596357,
      0.998207,
      0.00522078,
      0.0756497,
      0.00973445,
      -0.997087
    ],
    "ImageOrientationText": "Sag>Tra(-4.4)>Cor(-3.4)",
    "ImageType": [
      "ORIGINAL",
      "PRIMARY",
      "M",
      "ND",
      "NORM",
      "MAGNITUDE"
    ],
    "ImagingFrequency": 123.243087,
    "InPlanePhaseEncodingDirectionDICOM": "ROW",
    "InstitutionAddress": "Street StreetNo,Chengdu,District,CN,ZIP",
    "InstitutionName": "Sichuan Normal University",
    "InstitutionalDepartmentName": "Department",
    "Interpolation2D": 1,
    "InversionTime": 1.1,
    "MRAcquisitionType": "3D",
    "MagneticFieldStrength": 3,
    "Manufacturer": "Siemens",
    "ManufacturersModelName": "Prisma",
    "MatrixCoilMode": "GRAPPA",
    "Modality": "MR",
    "NonlinearGradientCorrection": false,
    "NumberOfVolumes": 1,
    "ParallelReductionFactorInPlane": 2,
    "PartialFourier": 1,
    "PatientPosition": "HFS",
    "PercentPhaseFOV": 87.5,
    "PercentSampling": 100,
    "PhaseEncodingSteps": 250,
    "PhaseOversampling": 0.12,
    "PhaseResolution": 1,
    "PixelBandwidth": 240,
    "ProcedureStepDescription": "PKU_ALL^WeiZijie",
    "ProtocolName": "t1_mprage_sag_iso_mww64CH",
    "PulseSequenceDetails": "%SiemensSeq%\\tfl",
    "ReceiveCoilActiveElements": "HC1-7;NC1,2",
    "ReceiveCoilName": "HeadNeck_64",
    "ReconMatrixPE": 448,
    "RefLinesPE": 32,
    "RepetitionTime": 2.53,
    "SAR": 0.0519915,
    "ScanOptions": "IR",
    "ScanningSequence": "GR\\IR",
    "SequenceName": "*tfl3d1_16ns",
    "SequenceVariant": "SK\\SP\\MP\\OSP",
    "SeriesDescription": "t1_mprage_sag_iso_mww64CH",
    "SeriesNumber": 9,
    "ShimSetting": [
      -134,
      -8339,
      10041,
      -195,
      27,
      -311,
      15,
      -21
    ],
    "SliceThickness": 1,
    "SoftwareVersions": "syngo MR E11",
    "SpoilingState": true,
    "StationName": "AWP166231",
    "StudyDescription": "PKU_ALL^WeiZijie",
    "TablePosition": [
      0,
      0,
      0
    ],
    "TxRefAmp": 220.718,
    "acquisition": "t1mpragesagisomww64CH",
    "dataset": "<unset>",
    "datatype": "anat",
    "extension": ".nii.gz",
    "modality": "T1w",
    "subject": "011",
    "suffix": "T1w"
  },
  "cjv": 0.45448419117647054,
  "cnr": 2.3053615321416454,
  "efc": 0.558,
  "fber": -1.0,
  "fwhm_avg": 6.8180966666666665,
  "fwhm_x": 4.35133,
  "fwhm_y": 8.23496,
  "fwhm_z": 7.868,
  "icvs_csf": 0.2680793786902342,
  "icvs_gm": 0.39331852287275587,
  "icvs_wm": 0.3386020984370099,
  "inu_med": 0.4856528639793396,
  "inu_range": 0.21069949567317964,
  "provenance": {
    "md5sum": "80776ee223f3eec66fc1b860c172760c",
    "settings": {
      "testing": false
    },
    "software": "mriqc",
    "version": "25.1.0.dev45+g699d1691",
    "warnings": {
      "large_rot_frame": true,
      "small_air_mask": false
    }
  },
  "qi_1": 0.0,
  "qi_2": 0.0015932057098476773,
  "rpve_csf": 7.069071878694288,
  "rpve_gm": 7.025256326152251,
  "rpve_wm": 7.099759015197043,
  "size_x": 192,
  "size_y": 448,
  "size_z": 512,
  "snr_csf": 1.974904553126552,
  "snr_gm": 7.848742969079108,
  "snr_total": 7.977001391713891,
  "snr_wm": 14.107356652936012,
  "snrd_csf": 8.492073338649568,
  "snrd_gm": 14.71543100594423,
  "snrd_total": 14.528105858768136,
  "snrd_wm": 20.37681323171061,
  "spacing_x": 1.0,
  "spacing_y": 0.5,
  "spacing_z": 0.5,
  "summary_bg_k": 265.2396,
  "summary_bg_mad": 0.0,
  "summary_bg_mean": 5.2379,
  "summary_bg_median": 0.0,
  "summary_bg_n": 12438767.0,
  "summary_bg_p05": 0.0,
  "summary_bg_p95": 17.0,
  "summary_bg_stdv": 31.4759,
  "summary_csf_k": 0.657,
  "summary_csf_mad": 166.0372,
  "summary_csf_mean": 409.9197,
  "summary_csf_median": 408.0,
  "summary_csf_n": 1650758.558581617,
  "summary_csf_p05": 75.0,
  "summary_csf_p95": 742.0,
  "summary_csf_stdv": 206.5922,
  "summary_gm_k": -0.3244,
  "summary_gm_mad": 72.0523,
  "summary_gm_mean": 708.1775,
  "summary_gm_median": 707.0,
  "summary_gm_n": 2421946.518426982,
  "summary_gm_p05": 557.0,
  "summary_gm_p95": 856.0,
  "summary_gm_stdv": 90.0781,
  "summary_wm_k": -0.0386,
  "summary_wm_mad": 51.5674,
  "summary_wm_mean": 963.0622,
  "summary_wm_median": 979.0,
  "summary_wm_n": 2085017.9326715635,
  "summary_wm_p05": 824.0,
  "summary_wm_p95": 1050.0,
  "summary_wm_stdv": 69.3964,
  "tpm_overlap_csf": 0.18575777234516883,
  "tpm_overlap_gm": 0.4944401955914474,
  "tpm_overlap_wm": 0.5188668373199388,
  "wm2max": 0.5833618253195391
}
