{
  "bids_meta": {
    "AcquisitionMatrixPE": 224,
    "AcquisitionNumber": 1,
    "AcquisitionTime": "12:22:3.987500",
    "BaseResolution": 256,
    "BidsGuess": [
      "anat",
      "_acq-tfl3p2_run-15_T1w"
    ],
    "BodyPart": "HEAD",
    "CoilCombinationMethod": "Adaptive Combine",
    "ConsistencyInfo": "N4_VE11E_LATEST_20181129",
    "ConversionSoftware": "dcm2niix",
    "ConversionSoftwareVersion": "v1.0.20250505",
    "Defaced": true,
    "DeviceSerialNumber": "166231",
    "DwellTime": 8.2e-6,
    "EchoTime": 0.00298,
    "FileSize": 0.03225706238299608,
    "FileSizeUnits": "GB",
    "FlipAngle": 7,
    "ImageOrientationPatientDICOM": [
      0.00528144,
      0.999972,
      0.00522205,
      0.0728987,
      0.00482322,
      -0.997328
    ],
    "ImageOrientationText": "Sag>Tra(-4.2)>Cor(0.3)",
    "ImageType": [
      "ORIGINAL",
      "PRIMARY",
      "M",
      "ND",
      "NORM",
      "MAGNITUDE"
    ],
    "ImagingFrequency": 123.243015,
    "InPlanePhaseEncodingDirectionDICOM": "ROW",
    "InstitutionAddress": "Street StreetNo,Chengdu,District,CN,ZIP",
    "InstitutionName": "Sichuan Normal University",
    "InstitutionalDepartmentName": "Department",
    "Interpolation2D": 1,
    "InversionTime": 1.1,
    "MRAcquisitionType": "3D",
    "MagneticFieldStrength": 3,
    "Manufacturer": "Siemens",
    "ManufacturersModelName": "Prisma",
    "MatrixCoilMode": "GRAPPA",
    "Modality": "MR",
    "NonlinearGradientCorrection": false,
    "NumberOfVolumes": 1,
    "ParallelReductionFactorInPlane": 2,
    "PartialFourier": 1,
    "PatientPosition": "HFS",
    "PercentPhaseFOV": 87.5,
    "PercentSampling": 100,
    "PhaseEncodingSteps": 250,
    "PhaseOversampling": 0.12,
    "PhaseResolution": 1,
    "PixelBandwidth": 240,
    "ProcedureStepDescription": "PKU_ALL^WeiZijie",
    "ProtocolName": "t1_mprage_sag_iso_mww64CH",
    "PulseSequenceDetails": "%SiemensSeq%\\tfl",
    "ReceiveCoilActiveElements": "HC1-7;NC1,2",
    "ReceiveCoilName": "HeadNeck_64",
    "ReconMatrixPE": 448,
    "RefLinesPE": 32,
    "RepetitionTime": 2.53,
    "SAR": 0.0539117,
    "ScanOptions": "IR",
    "ScanningSequence": "GR\\IR",
    "SequenceName": "*tfl3d1_16ns",
    "SequenceVariant": "SK\\SP\\MP\\OSP",
    "SeriesDescription": "t1_mprage_sag_iso_mww64CH",
    "SeriesNumber": 15,
    "ShimSetting": [
      -126,
      -8301,
      10108,
      289,
      19,
      -84,
      -202,
      15
    ],
    "SliceThickness": 1,
    "SoftwareVersions": "syngo MR E11",
    "SpoilingState": true,
    "StationName": "AWP166231",
    "StudyDescription": "PKU_ALL^WeiZijie",
    "TablePosition": [
      0,
      0,
      0
    ],
    "TxRefAmp": 231.76,
    "acquisition": "t1mpragesagisomww64CH",
    "dataset": "<unset>",
    "datatype": "anat",
    "extension": ".nii.gz",
    "modality": "T1w",
    "subject": "048",
    "suffix": "T1w"
  },
  "cjv": 0.4888627906976744,
  "cnr": 2.074802376929025,
  "efc": 0.5676,
  "fber": -1.0,
  "fwhm_avg": 6.712356666666667,
  "fwhm_x": 4.34063,
  "fwhm_y": 7.83236,
  "fwhm_z": 7.96408,
  "icvs_csf": 0.2613867566708433,
  "icvs_gm": 0.3898275549964196,
  "icvs_wm": 0.34878568833273715,
  "inu_med": 0.42064905166625977,
  "inu_range": 0.1452007696032524,
  "provenance": {
    "md5sum": "90b2a569a105c4ae890da9903e490eba",
    "settings": {
      "testing": false
    },
    "software": "mriqc",
    "version": "25.1.0.dev45+g699d1691",
    "warnings": {
      "large_rot_frame": true,
      "small_air_mask": false
    }
  },
  "qi_1": 0.0,
  "qi_2": 0.0009740037758431851,
  "rpve_csf": 7.0821227907365225,
  "rpve_gm": 7.022667839525135,
  "rpve_wm": 7.096941031028283,
  "size_x": 192,
  "size_y": 448,
  "size_z": 512,
  "snr_csf": 2.102177605481472,
  "snr_gm": 7.352804480618691,
  "snr_total": 7.785527217029084,
  "snr_wm": 13.90159956498709,
  "snrd_csf": 8.768531306727,
  "snrd_gm": 15.511898134750465,
  "snrd_total": 15.11691924706006,
  "snrd_wm": 21.070328299702716,
  "spacing_x": 1.0,
  "spacing_y": 0.5,
  "spacing_z": 0.5,
  "summary_bg_k": 294.1218,
  "summary_bg_mad": 0.0,
  "summary_bg_mean": 5.8322,
  "summary_bg_median": 0.0,
  "summary_bg_n": 12736114.0,
  "summary_bg_p05": 0.0,
  "summary_bg_p95": 18.0,
  "summary_bg_stdv": 30.4088,
  "summary_csf_k": 0.5889,
  "summary_csf_mad": 161.3438,
  "summary_csf_mean": 419.3535,
  "summary_csf_median": 407.0,
  "summary_csf_n": 1606998.462166784,
  "summary_csf_p05": 127.0,
  "summary_csf_p95": 744.0,
  "summary_csf_stdv": 193.6087,
  "summary_gm_k": -0.3652,
  "summary_gm_mad": 75.5466,
  "summary_gm_mean": 720.746,
  "summary_gm_median": 720.0,
  "summary_gm_n": 2396648.89441341,
  "summary_gm_p05": 558.0,
  "summary_gm_p95": 887.0,
  "summary_gm_stdv": 97.9218,
  "summary_wm_k": 0.2225,
  "summary_wm_mad": 50.58,
  "summary_wm_mean": 959.1528,
  "summary_wm_median": 978.0,
  "summary_wm_n": 2144324.6471829126,
  "summary_wm_p05": 817.0,
  "summary_wm_p95": 1045.0,
  "summary_wm_stdv": 70.3516,
  "tpm_overlap_csf": 0.20408399351059947,
  "tpm_overlap_gm": 0.5040091321059224,
  "tpm_overlap_wm": 0.5316489791327805,
  "wm2max": 0.6480962092029325
}
