{
  "bids_meta": {
    "AcquisitionMatrixPE": 224,
    "AcquisitionNumber": 1,
    "AcquisitionTime": "16:09:37.902500",
    "BaseResolution": 256,
    "BidsGuess": [
      "anat",
      "_acq-tfl3p2_run-9_T1w"
    ],
    "BodyPart": "HEAD",
    "CoilCombinationMethod": "Adaptive Combine",
    "ConsistencyInfo": "N4_VE11E_LATEST_20181129",
    "ConversionSoftware": "dcm2niix",
    "ConversionSoftwareVersion": "v1.0.20250505",
    "Defaced": true,
    "DeviceSerialNumber": "166231",
    "DwellTime": 8.2e-6,
    "EchoTime": 0.00298,
    "FileSize": 0.03627324476838112,
    "FileSizeUnits": "GB",
    "FlipAngle": 7,
    "ImageOrientationPatientDICOM": [
      0.0074898,
      0.974736,
      -0.223234,
      -0.0138696,
      -0.223118,
      -0.974693
    ],
    "ImageOrientationText": "Sag>Tra(0.7)>Cor(0.6)",
    "ImageType": [
      "ORIGINAL",
      "PRIMARY",
      "M",
      "ND",
      "NORM",
      "MAGNITUDE"
    ],
    "ImagingFrequency": 123.243081,
    "InPlanePhaseEncodingDirectionDICOM": "ROW",
    "InstitutionAddress": "Street StreetNo,Chengdu,District,CN,ZIP",
    "InstitutionName": "Sichuan Normal University",
    "InstitutionalDepartmentName": "Department",
    "Interpolation2D": 1,
    "InversionTime": 1.1,
    "MRAcquisitionType": "3D",
    "MagneticFieldStrength": 3,
    "Manufacturer": "Siemens",
    "ManufacturersModelName": "Prisma",
    "MatrixCoilMode": "GRAPPA",
    "Modality": "MR",
    "NonlinearGradientCorrection": false,
    "NumberOfVolumes": 1,
    "ParallelReductionFactorInPlane": 2,
    "PartialFourier": 1,
    "PatientPosition": "HFS",
    "PercentPhaseFOV": 87.5,
    "PercentSampling": 100,
    "PhaseEncodingSteps": 250,
    "PhaseOversampling": 0.12,
    "PhaseResolution": 1,
    "PixelBandwidth": 240,
    "ProcedureStepDescription": "PKU_ALL^WeiZijie",
    "ProtocolName": "t1_mprage_sag_iso_mww64CH",
    "PulseSequenceDetails": "%SiemensSeq%\\tfl",
    "ReceiveCoilActiveElements": "HC1-7;NC1,2",
    "ReceiveCoilName": "HeadNeck_64",
    "ReconMatrixPE": 448,
    "RefLinesPE": 32,
    "RepetitionTime": 2.53,
    "SAR": 0.0572192,
    "ScanOptions": "IR",
    "ScanningSequence": "GR\\IR",
    "SequenceName": "*tfl3d1_16ns",
    "SequenceVariant": "SK\\SP\\MP\\OSP",
    "SeriesDescription": "t1_mprage_sag_iso_mww64CH",
    "SeriesNumber": 9,
    "ShimSetting": [
      -156,
      -8279,
      10131,
      357,
      22,
      -272,
      -189,
      40
    ],
    "SliceThickness": 1,
    "SoftwareVersions": "syngo MR E11",
    "SpoilingState": true,
    "StationName": "AWP166231",
    "StudyDescription": "PKU_ALL^WeiZijie",
    "TablePosition": [
      0,
      0,
      0
    ],
    "TxRefAmp": 244.679,
    "acquisition": "t1mpragesagisomww64CH",
    "dataset": "<unset>",
    "datatype": "anat",
    "extension": ".nii.gz",
    "modality": "T1w",
    "subject": "016",
    "suffix": "T1w"
  },
  "cjv": 0.6361819742489271,
  "cnr": 1.6439357604784002,
  "efc": 0.6059,
  "fber": 33805.454,
  "fwhm_avg": 6.175116666666667,
  "fwhm_x": 3.89517,
  "fwhm_y": 7.3124,
  "fwhm_z": 7.31778,
  "icvs_csf": 0.2688682727798005,
  "icvs_gm": 0.37981506151386957,
  "icvs_wm": 0.3513166657063299,
  "inu_med": 0.5460235476493835,
  "inu_range": 0.24503262341022491,
  "provenance": {
    "md5sum": "b65e86601f7b85b1bf9ff43c52d12cc5",
    "settings": {
      "testing": false
    },
    "software": "mriqc",
    "version": "25.1.0.dev45+g699d1691",
    "warnings": {
      "large_rot_frame": true,
      "small_air_mask": false
    }
  },
  "qi_1": 0.0,
  "qi_2": 0.0008790542701672668,
  "rpve_csf": 6.931577394252074,
  "rpve_gm": 6.8415822064604646,
  "rpve_wm": 6.9268426262825615,
  "size_x": 192,
  "size_y": 448,
  "size_z": 512,
  "snr_csf": 2.3260518485936217,
  "snr_gm": 6.579744499234466,
  "snr_total": 6.72752538172272,
  "snr_wm": 11.276779797340073,
  "snrd_csf": 9.354565026139426,
  "snrd_gm": 15.540648349876786,
  "snrd_total": 15.152670998562249,
  "snrd_wm": 20.562799619670532,
  "spacing_x": 1.0,
  "spacing_y": 0.5,
  "spacing_z": 0.5,
  "summary_bg_k": 338.7825,
  "summary_bg_mad": 0.0,
  "summary_bg_mean": 7.1062,
  "summary_bg_median": 0.0,
  "summary_bg_n": 11300171.0,
  "summary_bg_p05": 0.0,
  "summary_bg_p95": 26.0,
  "summary_bg_stdv": 30.3947,
  "summary_csf_k": -0.3362,
  "summary_csf_mad": 146.2334,
  "summary_csf_mean": 442.107,
  "summary_csf_median": 434.0,
  "summary_csf_n": 1685105.551284222,
  "summary_csf_p05": 159.0,
  "summary_csf_p95": 754.0,
  "summary_csf_stdv": 186.5822,
  "summary_gm_k": -0.6328,
  "summary_gm_mad": 81.6342,
  "summary_gm_mean": 721.562,
  "summary_gm_median": 721.0,
  "summary_gm_n": 2380453.6771899243,
  "summary_gm_p05": 541.0,
  "summary_gm_p95": 916.0,
  "summary_gm_stdv": 109.5787,
  "summary_wm_k": -0.0185,
  "summary_wm_mad": 66.5962,
  "summary_wm_mean": 936.235,
  "summary_wm_median": 954.0,
  "summary_wm_n": 2201842.7742318423,
  "summary_wm_p05": 775.0,
  "summary_wm_p95": 1049.0,
  "summary_wm_stdv": 84.5986,
  "tpm_overlap_csf": 0.20826588997583245,
  "tpm_overlap_gm": 0.514541823768277,
  "tpm_overlap_wm": 0.5393628399635921,
  "wm2max": 0.6631891807042651
}
