{
  "aor": 0.0026217777777777776,
  "aqi": 0.013020818074074075,
  "bids_meta": {
    "AcquisitionMatrixPE": 112,
    "AcquisitionNumber": 1,
    "AcquisitionTime": "10:54:1.667500",
    "BandwidthPerPixelPhaseEncode": 33.069,
    "BaseResolution": 112,
    "BidsGuess": [
      "func",
      "_acq-epfid2m2_dir-AP_run-12_bold"
    ],
    "BodyPart": "HEAD",
    "CoilCombinationMethod": "Sum of Squares",
    "ConsistencyInfo": "N4_VE11E_LATEST_20181129",
    "ConversionSoftware": "dcm2niix",
    "ConversionSoftwareVersion": "v1.0.20250505",
    "DerivedVendorReportedEchoSpacing": 0.000539996,
    "DeviceSerialNumber": "166231",
    "DwellTime": 2e-6,
    "EchoTime": 0.03,
    "EchoTrainLength": 55,
    "EffectiveEchoSpacing": 0.000269998,
    "FileSize": 0.10771406535059214,
    "FileSizeUnits": "GB",
    "FlipAngle": 90,
    "ImageOrientationPatientDICOM": [
      0.999923,
      0.012343,
      0.00156035,
      -0.012217,
      0.997852,
      -0.0643657
    ],
    "ImageOrientationText": "Tra>Cor(-3.7)>Sag(0.1)",
    "ImageType": [
      "ORIGINAL",
      "PRIMARY",
      "M",
      "ND",
      "MOSAIC",
      "MAGNITUDE"
    ],
    "ImagingFrequency": 123.242987,
    "InPlanePhaseEncodingDirectionDICOM": "COL",
    "InstitutionAddress": "Street StreetNo,Chengdu,District,CN,ZIP",
    "InstitutionName": "Sichuan Normal University",
    "InstitutionalDepartmentName": "Department",
    "MRAcquisitionType": "2D",
    "MagneticFieldStrength": 3,
    "Manufacturer": "Siemens",
    "ManufacturersModelName": "Prisma",
    "Modality": "MR",
    "MultibandAccelerationFactor": 2,
    "NonlinearGradientCorrection": false,
    "NumberOfVolumes": 135,
    "ParallelReductionFactorInPlane": 2,
    "PartialFourier": 1,
    "PatientPosition": "HFS",
    "PercentPhaseFOV": 100,
    "PercentSampling": 100,
    "PhaseEncodingDirection": "j-",
    "PhaseEncodingSteps": 111,
    "PhaseResolution": 1,
    "PixelBandwidth": 2230,
    "ProcedureStepDescription": "PKU_ALL^WeiZijie",
    "ProtocolName": "sms_bold_2mm_run6",
    "PulseSequenceDetails": "%SiemensSeq%\\ep2d_bold",
    "ReceiveCoilActiveElements": "HC1-6",
    "ReceiveCoilName": "HeadNeck_64",
    "ReconMatrixPE": 112,
    "RefLinesPE": 32,
    "RepetitionTime": 2,
    "SAR": 0.0927229,
    "ScanOptions": "FS",
    "ScanningSequence": "EP",
    "SequenceName": "*epfid2d1_112",
    "SequenceVariant": "SK",
    "SeriesDescription": "sms_bold_2mm_run6",
    "SeriesNumber": 12,
    "ShimSetting": [
      -149,
      -8323,
      10124,
      459,
      51,
      -293,
      -60,
      31
    ],
    "SliceThickness": 2,
    "SliceTiming": [
      0.96,
      0,
      1.0225,
      0.065,
      1.0875,
      0.13,
      1.15,
      0.1925,
      1.215,
      0.2575,
      1.2775,
      0.32,
      1.3425,
      0.385,
      1.4075,
      0.4475,
      1.47,
      0.5125,
      1.535,
      0.575,
      1.5975,
      0.64,
      1.6625,
      0.7025,
      1.725,
      0.7675,
      1.79,
      0.8325,
      1.8525,
      0.895,
      1.9175,
      0.96,
      0,
      1.0225,
      0.065,
      1.0875,
      0.13,
      1.15,
      0.1925,
      1.215,
      0.2575,
      1.2775,
      0.32,
      1.3425,
      0.385,
      1.4075,
      0.4475,
      1.47,
      0.5125,
      1.535,
      0.575,
      1.5975,
      0.64,
      1.6625,
      0.7025,
      1.725,
      0.7675,
      1.79,
      0.8325,
      1.8525,
      0.895,
      1.9175
    ],
    "SoftwareVersions": "syngo MR E11",
    "SpacingBetweenSlices": 2.3,
    "StationName": "AWP166231",
    "StudyDescription": "PKU_ALL^WeiZijie",
    "TablePosition": [
      0,
      0,
      0
    ],
    "TaskName": "sms_bold_2mm_run6",
    "TotalReadoutTime": 0.0299698,
    "TxRefAmp": 242.57,
    "VendorReportedEchoSpacing": 0.00054,
    "dataset": "<unset>",
    "datatype": "func",
    "direction": "AP",
    "extension": ".nii.gz",
    "modality": "bold",
    "subject": "059",
    "suffix": "bold",
    "task": "smsbold2mmrun6"
  },
  "dummy_trs": 0,
  "dvars_nstd": 41.00898315641792,
  "dvars_std": 1.0387802523880596,
  "dvars_vstd": 0.9873737879850751,
  "efc": 0.522,
  "fber": 231.918,
  "fd_mean": 0.09659748238973989,
  "fd_num": 2,
  "fd_perc": 1.4814814814814814,
  "fwhm_avg": 3.5401333575027585,
  "fwhm_x": 3.42248,
  "fwhm_y": 3.70052,
  "fwhm_z": 3.4974000725082743,
  "gcor": 0.00211862,
  "gsr_x": 0.025735657662153244,
  "gsr_y": 0.01713353767991066,
  "provenance": {
    "md5sum": "ef4454b8a109290de4b5b33c8929ec97",
    "settings": {
      "fd_thres": 0.5,
      "testing": false
    },
    "software": "mriqc",
    "version": "25.1.0.dev45+g699d1691"
  },
  "size_t": 135,
  "size_x": 112,
  "size_y": 112,
  "size_z": 62,
  "snr": 1.865419724456695,
  "spacing_tr": 2.0,
  "spacing_x": 2.0,
  "spacing_y": 2.0,
  "spacing_z": 2.299999952316284,
  "summary_bg_k": 31.0855,
  "summary_bg_mad": 7.5997,
  "summary_bg_mean": 64.4066,
  "summary_bg_median": 35.0,
  "summary_bg_n": 638854.0,
  "summary_bg_p05": 28.0,
  "summary_bg_p95": 228.0,
  "summary_bg_stdv": 93.8648,
  "summary_fg_k": 0.3999,
  "summary_fg_mad": 262.0911,
  "summary_fg_mean": 560.3752,
  "summary_fg_median": 528.0,
  "summary_fg_n": 138874.0,
  "summary_fg_p05": 99.0,
  "summary_fg_p95": 1075.0,
  "summary_fg_stdv": 283.0452,
  "tsnr": 30.832995519856922
}
