{
  "bids_meta": {
    "AcquisitionMatrixPE": 224,
    "AcquisitionNumber": 1,
    "AcquisitionTime": "19:49:58.105000",
    "BaseResolution": 256,
    "BidsGuess": [
      "anat",
      "_acq-tfl3p2_run-18_T1w"
    ],
    "BodyPart": "HEAD",
    "CoilCombinationMethod": "Adaptive Combine",
    "ConsistencyInfo": "N4_VE11E_LATEST_20181129",
    "ConversionSoftware": "dcm2niix",
    "ConversionSoftwareVersion": "v1.0.20250505",
    "Defaced": true,
    "DeviceSerialNumber": "166231",
    "DwellTime": 8.2e-6,
    "EchoTime": 0.00298,
    "FileSize": 0.0375755624845624,
    "FileSizeUnits": "GB",
    "FlipAngle": 7,
    "ImageOrientationPatientDICOM": [
      0.00563157,
      0.99997,
      0.00523592,
      0.00315328,
      0.00521822,
      -0.999981
    ],
    "ImageOrientationText": "Sag>Cor(0.3)>Tra(-0.2)",
    "ImageType": [
      "ORIGINAL",
      "PRIMARY",
      "M",
      "ND",
      "NORM",
      "MAGNITUDE"
    ],
    "ImagingFrequency": 123.243024,
    "InPlanePhaseEncodingDirectionDICOM": "ROW",
    "InstitutionAddress": "Street StreetNo,Chengdu,District,CN,ZIP",
    "InstitutionName": "Sichuan Normal University",
    "InstitutionalDepartmentName": "Department",
    "Interpolation2D": 1,
    "InversionTime": 1.1,
    "MRAcquisitionType": "3D",
    "MagneticFieldStrength": 3,
    "Manufacturer": "Siemens",
    "ManufacturersModelName": "Prisma",
    "MatrixCoilMode": "GRAPPA",
    "Modality": "MR",
    "NonlinearGradientCorrection": false,
    "NumberOfVolumes": 1,
    "ParallelReductionFactorInPlane": 2,
    "PartialFourier": 1,
    "PatientPosition": "HFS",
    "PercentPhaseFOV": 87.5,
    "PercentSampling": 100,
    "PhaseEncodingSteps": 250,
    "PhaseOversampling": 0.12,
    "PhaseResolution": 1,
    "PixelBandwidth": 240,
    "ProcedureStepDescription": "PKU_ALL^WeiZijie",
    "ProtocolName": "t1_mprage_sag_iso_mww64CH",
    "PulseSequenceDetails": "%SiemensSeq%\\tfl",
    "ReceiveCoilActiveElements": "HC1-7;NC1,2",
    "ReceiveCoilName": "HeadNeck_64",
    "ReconMatrixPE": 448,
    "RefLinesPE": 32,
    "RepetitionTime": 2.53,
    "SAR": 0.06721,
    "ScanOptions": "IR",
    "ScanningSequence": "GR\\IR",
    "SequenceName": "*tfl3d1_16ns",
    "SequenceVariant": "SK\\SP\\MP\\OSP",
    "SeriesDescription": "t1_mprage_sag_iso_mww64CH",
    "SeriesNumber": 18,
    "ShimSetting": [
      -145,
      -8337,
      10084,
      192,
      -40,
      -326,
      -96,
      0
    ],
    "SliceThickness": 1,
    "SoftwareVersions": "syngo MR E11",
    "SpoilingState": true,
    "StationName": "AWP166231",
    "StudyDescription": "PKU_ALL^WeiZijie",
    "TablePosition": [
      0,
      0,
      0
    ],
    "TxRefAmp": 270.622,
    "acquisition": "t1mpragesagisomww64CH",
    "dataset": "<unset>",
    "datatype": "anat",
    "extension": ".nii.gz",
    "modality": "T1w",
    "subject": "040",
    "suffix": "T1w"
  },
  "cjv": 0.509029365079365,
  "cnr": 1.9055292925562337,
  "efc": 0.5935,
  "fber": -1.0,
  "fwhm_avg": 6.606396666666666,
  "fwhm_x": 4.21435,
  "fwhm_y": 7.98696,
  "fwhm_z": 7.61788,
  "icvs_csf": 0.2728029911414604,
  "icvs_gm": 0.38059026028410936,
  "icvs_wm": 0.3466067485744303,
  "inu_med": 0.46678225696086884,
  "inu_range": 0.18740503340959547,
  "provenance": {
    "md5sum": "de470f7bcb07c46ca6e34b572e56c8d7",
    "settings": {
      "testing": false
    },
    "software": "mriqc",
    "version": "25.1.0.dev45+g699d1691",
    "warnings": {
      "large_rot_frame": true,
      "small_air_mask": false
    }
  },
  "qi_1": 0.0,
  "qi_2": 0.0006713412354736268,
  "rpve_csf": 6.216068023432917,
  "rpve_gm": 6.147828035363823,
  "rpve_wm": 6.218223880016137,
  "size_x": 192,
  "size_y": 448,
  "size_z": 512,
  "snr_csf": 2.199328916624735,
  "snr_gm": 6.761020038850594,
  "snr_total": 7.576637892534026,
  "snr_wm": 13.76956472212675,
  "snrd_csf": 7.60871668364167,
  "snrd_gm": 14.38087289421279,
  "snrd_total": 13.796608436830184,
  "snrd_wm": 19.40023573263609,
  "spacing_x": 1.0,
  "spacing_y": 0.5,
  "spacing_z": 0.5,
  "summary_bg_k": 279.0768,
  "summary_bg_mad": 0.0,
  "summary_bg_mean": 6.3024,
  "summary_bg_median": 0.0,
  "summary_bg_n": 12222640.0,
  "summary_bg_p05": 0.0,
  "summary_bg_p95": 19.0,
  "summary_bg_stdv": 32.8915,
  "summary_csf_k": -0.555,
  "summary_csf_mad": 153.4725,
  "summary_csf_mean": 402.8392,
  "summary_csf_median": 382.0,
  "summary_csf_n": 1909967.9457571916,
  "summary_csf_p05": 155.0,
  "summary_csf_p95": 716.0,
  "summary_csf_stdv": 173.6893,
  "summary_gm_k": -0.5257,
  "summary_gm_mad": 75.995,
  "summary_gm_mean": 723.094,
  "summary_gm_median": 722.0,
  "summary_gm_n": 2664615.936095428,
  "summary_gm_p05": 544.0,
  "summary_gm_p95": 915.0,
  "summary_gm_stdv": 106.7886,
  "summary_wm_k": -0.0781,
  "summary_wm_mad": 52.2804,
  "summary_wm_mean": 956.7215,
  "summary_wm_median": 974.0,
  "summary_wm_n": 2426688.1268065125,
  "summary_wm_p05": 814.0,
  "summary_wm_p95": 1044.0,
  "summary_wm_stdv": 70.7357,
  "tpm_overlap_csf": 0.18938841211157167,
  "tpm_overlap_gm": 0.49341663632846716,
  "tpm_overlap_wm": 0.5352255415565107,
  "wm2max": 0.6047212062763774
}
