{
  "aor": 0.0019361481481481482,
  "aqi": 0.005634558370370371,
  "bids_meta": {
    "AcquisitionMatrixPE": 112,
    "AcquisitionNumber": 1,
    "AcquisitionTime": "17:52:15.922500",
    "BandwidthPerPixelPhaseEncode": 33.069,
    "BaseResolution": 112,
    "BidsGuess": [
      "func",
      "_acq-epfid2m2_dir-PA_run-12_bold"
    ],
    "BodyPart": "HEAD",
    "CoilCombinationMethod": "Sum of Squares",
    "ConsistencyInfo": "N4_VE11E_LATEST_20181129",
    "ConversionSoftware": "dcm2niix",
    "ConversionSoftwareVersion": "v1.0.20250505",
    "DerivedVendorReportedEchoSpacing": 0.000539996,
    "DeviceSerialNumber": "166231",
    "DwellTime": 2e-6,
    "EchoTime": 0.03,
    "EchoTrainLength": 55,
    "EffectiveEchoSpacing": 0.000269998,
    "FileSize": 0.11494903918355703,
    "FileSizeUnits": "GB",
    "FlipAngle": 90,
    "ImageOrientationPatientDICOM": [
      0.99848,
      0.00442621,
      0.0549276,
      0.00697084,
      0.978616,
      -0.205576
    ],
    "ImageOrientationText": "Tra>Cor(-11.9)>Sag(3.1)",
    "ImageType": [
      "ORIGINAL",
      "PRIMARY",
      "M",
      "ND",
      "MOSAIC",
      "MAGNITUDE"
    ],
    "ImagingFrequency": 123.243012,
    "InPlanePhaseEncodingDirectionDICOM": "COL",
    "InstitutionAddress": "Street StreetNo,Chengdu,District,CN,ZIP",
    "InstitutionName": "Sichuan Normal University",
    "InstitutionalDepartmentName": "Department",
    "MRAcquisitionType": "2D",
    "MagneticFieldStrength": 3,
    "Manufacturer": "Siemens",
    "ManufacturersModelName": "Prisma",
    "Modality": "MR",
    "MultibandAccelerationFactor": 2,
    "NonlinearGradientCorrection": false,
    "NumberOfVolumes": 135,
    "ParallelReductionFactorInPlane": 2,
    "PartialFourier": 1,
    "PatientPosition": "HFS",
    "PercentPhaseFOV": 100,
    "PercentSampling": 100,
    "PhaseEncodingDirection": "j",
    "PhaseEncodingSteps": 111,
    "PhaseResolution": 1,
    "PixelBandwidth": 2230,
    "ProcedureStepDescription": "PKU_ALL^WeiZijie",
    "ProtocolName": "sms_bold_2mm_run6",
    "PulseSequenceDetails": "%SiemensSeq%\\ep2d_bold",
    "ReceiveCoilActiveElements": "HC1-7",
    "ReceiveCoilName": "HeadNeck_64",
    "ReconMatrixPE": 112,
    "RefLinesPE": 32,
    "RepetitionTime": 2,
    "SAR": 0.0832283,
    "ScanOptions": "FS",
    "ScanningSequence": "EP",
    "SequenceName": "*epfid2d1_112",
    "SequenceVariant": "SK",
    "SeriesDescription": "sms_bold_2mm_run6",
    "SeriesNumber": 12,
    "ShimSetting": [
      -111,
      -8283,
      10115,
      356,
      -91,
      -238,
      -72,
      -4
    ],
    "SliceThickness": 2,
    "SliceTiming": [
      0.9575,
      0,
      1.0225,
      0.0625,
      1.085,
      0.1275,
      1.15,
      0.1925,
      1.2125,
      0.255,
      1.2775,
      0.32,
      1.34,
      0.3825,
      1.405,
      0.4475,
      1.47,
      0.51,
      1.5325,
      0.575,
      1.5975,
      0.6375,
      1.66,
      0.7025,
      1.725,
      0.765,
      1.7875,
      0.83,
      1.8525,
      0.895,
      1.915,
      0.9575,
      0,
      1.0225,
      0.0625,
      1.085,
      0.1275,
      1.15,
      0.1925,
      1.2125,
      0.255,
      1.2775,
      0.32,
      1.34,
      0.3825,
      1.405,
      0.4475,
      1.47,
      0.51,
      1.5325,
      0.575,
      1.5975,
      0.6375,
      1.66,
      0.7025,
      1.725,
      0.765,
      1.7875,
      0.83,
      1.8525,
      0.895,
      1.915
    ],
    "SoftwareVersions": "syngo MR E11",
    "SpacingBetweenSlices": 2.3,
    "StationName": "AWP166231",
    "StudyDescription": "PKU_ALL^WeiZijie",
    "TablePosition": [
      0,
      0,
      0
    ],
    "TaskName": "sms_bold_2mm_run6",
    "TotalReadoutTime": 0.0299698,
    "TxRefAmp": 263.108,
    "VendorReportedEchoSpacing": 0.00054,
    "dataset": "<unset>",
    "datatype": "func",
    "direction": "PA",
    "extension": ".nii.gz",
    "modality": "bold",
    "subject": "043",
    "suffix": "bold",
    "task": "smsbold2mmrun6"
  },
  "dummy_trs": 0,
  "dvars_nstd": 43.22116928701491,
  "dvars_std": 1.1090307867910454,
  "dvars_vstd": 1.025493719104478,
  "efc": 0.5603,
  "fber": 180.2684,
  "fd_mean": 0.07543896880864706,
  "fd_num": 0,
  "fd_perc": 0.0,
  "fwhm_avg": 3.5471319808574413,
  "fwhm_x": 3.481815,
  "fwhm_y": 3.63812,
  "fwhm_z": 3.521460942572323,
  "gcor": 0.0037406,
  "gsr_x": 0.031227558851242065,
  "gsr_y": 0.03549228236079216,
  "provenance": {
    "md5sum": "1813a0e90680a9ed534229a56423691b",
    "settings": {
      "fd_thres": 0.5,
      "testing": false
    },
    "software": "mriqc",
    "version": "25.1.0.dev45+g699d1691"
  },
  "size_t": 135,
  "size_x": 112,
  "size_y": 112,
  "size_z": 62,
  "snr": 1.7891477311176214,
  "spacing_tr": 2.0,
  "spacing_x": 2.0,
  "spacing_y": 2.0,
  "spacing_z": 2.299999952316284,
  "summary_bg_k": 39.0537,
  "summary_bg_mad": 10.488,
  "summary_bg_mean": 84.6628,
  "summary_bg_median": 42.0,
  "summary_bg_n": 600734.0,
  "summary_bg_p05": 33.0,
  "summary_bg_p95": 321.0,
  "summary_bg_stdv": 129.5736,
  "summary_fg_k": 0.6685,
  "summary_fg_mad": 297.9536,
  "summary_fg_mean": 617.9839,
  "summary_fg_median": 564.0,
  "summary_fg_n": 176994.0,
  "summary_fg_p05": 172.0,
  "summary_fg_p95": 1196.0,
  "summary_fg_stdv": 315.233,
  "tsnr": 36.23161267186515
}
