{
  "bids_meta": {
    "AcquisitionMatrixPE": 224,
    "AcquisitionNumber": 1,
    "AcquisitionTime": "17:47:2.200000",
    "BaseResolution": 256,
    "BidsGuess": [
      "anat",
      "_acq-tfl3p2_run-9_T1w"
    ],
    "BodyPart": "HEAD",
    "CoilCombinationMethod": "Adaptive Combine",
    "ConsistencyInfo": "N4_VE11E_LATEST_20181129",
    "ConversionSoftware": "dcm2niix",
    "ConversionSoftwareVersion": "v1.0.20250505",
    "Defaced": true,
    "DeviceSerialNumber": "166231",
    "DwellTime": 8.2e-6,
    "EchoTime": 0.00298,
    "FileSize": 0.034683491103351116,
    "FileSizeUnits": "GB",
    "FlipAngle": 7,
    "ImageOrientationPatientDICOM": [
      -0.0262669,
      0.999641,
      0.00522398,
      0.067426,
      0.00698554,
      -0.9977
    ],
    "ImageOrientationText": "Sag>Tra(-3.9)>Cor(-1.5)",
    "ImageType": [
      "ORIGINAL",
      "PRIMARY",
      "M",
      "ND",
      "NORM",
      "MAGNITUDE"
    ],
    "ImagingFrequency": 123.243064,
    "InPlanePhaseEncodingDirectionDICOM": "ROW",
    "InstitutionAddress": "Street StreetNo,Chengdu,District,CN,ZIP",
    "InstitutionName": "Sichuan Normal University",
    "InstitutionalDepartmentName": "Department",
    "Interpolation2D": 1,
    "InversionTime": 1.1,
    "MRAcquisitionType": "3D",
    "MagneticFieldStrength": 3,
    "Manufacturer": "Siemens",
    "ManufacturersModelName": "Prisma",
    "MatrixCoilMode": "GRAPPA",
    "Modality": "MR",
    "NonlinearGradientCorrection": false,
    "NumberOfVolumes": 1,
    "ParallelReductionFactorInPlane": 2,
    "PartialFourier": 1,
    "PatientPosition": "HFS",
    "PercentPhaseFOV": 87.5,
    "PercentSampling": 100,
    "PhaseEncodingSteps": 250,
    "PhaseOversampling": 0.12,
    "PhaseResolution": 1,
    "PixelBandwidth": 240,
    "ProcedureStepDescription": "PKU_ALL^WeiZijie",
    "ProtocolName": "t1_mprage_sag_iso_mww64CH",
    "PulseSequenceDetails": "%SiemensSeq%\\tfl",
    "ReceiveCoilActiveElements": "HC1-7;NC1,2",
    "ReceiveCoilName": "HeadNeck_64",
    "ReconMatrixPE": 448,
    "RefLinesPE": 32,
    "RepetitionTime": 2.53,
    "SAR": 0.0732344,
    "ScanOptions": "IR",
    "ScanningSequence": "GR\\IR",
    "SequenceName": "*tfl3d1_16ns",
    "SequenceVariant": "SK\\SP\\MP\\OSP",
    "SeriesDescription": "t1_mprage_sag_iso_mww64CH",
    "SeriesNumber": 9,
    "ShimSetting": [
      -133,
      -8290,
      10102,
      326,
      -26,
      -496,
      -162,
      -18
    ],
    "SliceThickness": 1,
    "SoftwareVersions": "syngo MR E11",
    "SpoilingState": true,
    "StationName": "AWP166231",
    "StudyDescription": "PKU_ALL^WeiZijie",
    "TablePosition": [
      0,
      0,
      0
    ],
    "TxRefAmp": 254.734,
    "acquisition": "t1mpragesagisomww64CH",
    "dataset": "<unset>",
    "datatype": "anat",
    "extension": ".nii.gz",
    "modality": "T1w",
    "subject": "028",
    "suffix": "T1w"
  },
  "cjv": 0.5104457364341085,
  "cnr": 1.900752755789378,
  "efc": 0.5951,
  "fber": 30688.9019,
  "fwhm_avg": 6.4696066666666665,
  "fwhm_x": 4.05096,
  "fwhm_y": 7.94476,
  "fwhm_z": 7.4131,
  "icvs_csf": 0.2626839199172867,
  "icvs_gm": 0.3937898699886475,
  "icvs_wm": 0.34352621009406575,
  "inu_med": 0.5023823976516724,
  "inu_range": 0.1892436519265175,
  "provenance": {
    "md5sum": "0056277907c8fe6842c1eb3ba44c6e18",
    "settings": {
      "testing": false
    },
    "software": "mriqc",
    "version": "25.1.0.dev45+g699d1691",
    "warnings": {
      "large_rot_frame": true,
      "small_air_mask": false
    }
  },
  "qi_1": 0.0,
  "qi_2": 0.0006294121579911136,
  "rpve_csf": 6.619715153931891,
  "rpve_gm": 6.550534546167565,
  "rpve_wm": 6.6310078448586545,
  "size_x": 192,
  "size_y": 448,
  "size_z": 512,
  "snr_csf": 2.234251295395137,
  "snr_gm": 7.828522841340836,
  "snr_total": 6.982422166727932,
  "snr_wm": 10.884492363447823,
  "snrd_csf": 5.936572059095485,
  "snrd_gm": 9.530823169704316,
  "snrd_total": 9.490438325764892,
  "snrd_wm": 13.003919748494873,
  "spacing_x": 1.0,
  "spacing_y": 0.5,
  "spacing_z": 0.5,
  "summary_bg_k": 294.8131,
  "summary_bg_mad": 0.0,
  "summary_bg_mean": 7.9326,
  "summary_bg_median": 0.0,
  "summary_bg_n": 10797471.0,
  "summary_bg_p05": 0.0,
  "summary_bg_p95": 19.0,
  "summary_bg_stdv": 48.667,
  "summary_csf_k": -0.4335,
  "summary_csf_mad": 154.0596,
  "summary_csf_mean": 444.4437,
  "summary_csf_median": 441.0,
  "summary_csf_n": 1723491.7898007045,
  "summary_csf_p05": 145.0,
  "summary_csf_p95": 756.0,
  "summary_csf_stdv": 197.3815,
  "summary_gm_k": -0.5074,
  "summary_gm_mad": 69.0619,
  "summary_gm_mean": 709.3671,
  "summary_gm_median": 708.0,
  "summary_gm_n": 2583689.2035333808,
  "summary_gm_p05": 561.0,
  "summary_gm_p95": 863.0,
  "summary_gm_stdv": 90.4385,
  "summary_wm_k": -0.0011,
  "summary_wm_mad": 62.6331,
  "summary_wm_mean": 941.7011,
  "summary_wm_median": 966.0,
  "summary_wm_n": 2253905.00821254,
  "summary_wm_p05": 761.0,
  "summary_wm_p95": 1050.0,
  "summary_wm_stdv": 88.7501,
  "tpm_overlap_csf": 0.1977982296788619,
  "tpm_overlap_gm": 0.4945179500173812,
  "tpm_overlap_wm": 0.5157131534101848,
  "wm2max": 0.6270585387043062
}
