{
    "Modality": "MR",
    "MagneticFieldStrength": 3,
    "ImagingFrequency": 123.243013,
    "Manufacturer": "Siemens",
    "ManufacturersModelName": "Prisma",
    "InstitutionName": "Sichuan Normal University",
    "InstitutionalDepartmentName": "Department",
    "InstitutionAddress": "Street StreetNo,Chengdu,District,CN,ZIP",
    "DeviceSerialNumber": "166231",
    "StationName": "AWP166231",
    "BodyPart": "HEAD",
    "PatientPosition": "HFS",
    "ProcedureStepDescription": "PKU_ALL^WeiZijie",
    "SoftwareVersions": "syngo MR E11",
    "MRAcquisitionType": "3D",
    "StudyDescription": "PKU_ALL^WeiZijie",
    "SeriesDescription": "t1_mprage_sag_iso_mww64CH",
    "ProtocolName": "t1_mprage_sag_iso_mww64CH",
    "ScanningSequence": "GR\\IR",
    "SequenceVariant": "SK\\SP\\MP\\OSP",
    "ScanOptions": "IR",
    "SequenceName": "*tfl3d1_16ns",
    "ImageType": [
        "ORIGINAL",
        "PRIMARY",
        "M",
        "ND",
        "NORM",
        "MAGNITUDE"
    ],
    "NonlinearGradientCorrection": false,
    "SeriesNumber": 11,
    "AcquisitionTime": "22:11:8.095000",
    "AcquisitionNumber": 1,
    "SliceThickness": 1,
    "SAR": 0.0745127,
    "TablePosition": [
        0,
        0,
        0
    ],
    "EchoTime": 0.00298,
    "RepetitionTime": 2.53,
    "SpoilingState": true,
    "InversionTime": 1.1,
    "FlipAngle": 7,
    "PartialFourier": 1,
    "Interpolation2D": 1,
    "BaseResolution": 256,
    "ShimSetting": [
        -139,
        -8364,
        10058,
        14,
        -35,
        -290,
        38,
        -18
    ],
    "TxRefAmp": 243.503,
    "PhaseResolution": 1,
    "PhaseOversampling": 0.12,
    "ReceiveCoilName": "HeadNeck_64",
    "ReceiveCoilActiveElements": "HC1-7;NC1,2",
    "PulseSequenceDetails": "%SiemensSeq%\\tfl",
    "RefLinesPE": 32,
    "CoilCombinationMethod": "Adaptive Combine",
    "ConsistencyInfo": "N4_VE11E_LATEST_20181129",
    "MatrixCoilMode": "GRAPPA",
    "PercentPhaseFOV": 87.5,
    "PercentSampling": 100,
    "PhaseEncodingSteps": 250,
    "AcquisitionMatrixPE": 224,
    "ReconMatrixPE": 448,
    "ParallelReductionFactorInPlane": 2,
    "PixelBandwidth": 240,
    "DwellTime": 8.2e-06,
    "ImageOrientationPatientDICOM": [
        -0.0487082,
        0.998799,
        0.00523253,
        0.0358627,
        0.00698423,
        -0.999332
    ],
    "ImageOrientationText": "Sag>Cor(-2.8)>Tra(-2.1)",
    "InPlanePhaseEncodingDirectionDICOM": "ROW",
    "BidsGuess": [
        "anat",
        "_acq-tfl3p2_run-11_T1w"
    ],
    "ConversionSoftware": "dcm2niix",
    "ConversionSoftwareVersion": "v1.0.20250505",
    "Defaced": true
}