{
  "bids_meta": {
    "AcquisitionMatrixPE": 224,
    "AcquisitionNumber": 1,
    "AcquisitionTime": "12:47:42.187500",
    "BaseResolution": 256,
    "BidsGuess": [
      "anat",
      "_acq-tfl3p2_run-9_T1w"
    ],
    "BodyPart": "HEAD",
    "CoilCombinationMethod": "Adaptive Combine",
    "ConsistencyInfo": "N4_VE11E_LATEST_20181129",
    "ConversionSoftware": "dcm2niix",
    "ConversionSoftwareVersion": "v1.0.20250505",
    "Defaced": true,
    "DeviceSerialNumber": "166231",
    "DwellTime": 8.2e-6,
    "EchoTime": 0.00298,
    "FileSize": 0.0390225388109684,
    "FileSizeUnits": "GB",
    "FlipAngle": 7,
    "ImageOrientationPatientDICOM": [
      -0.07125,
      0.997445,
      0.00523471,
      0.0217072,
      0.00679736,
      -0.999741
    ],
    "ImageOrientationText": "Sag>Cor(-4.1)>Tra(-1.3)",
    "ImageType": [
      "ORIGINAL",
      "PRIMARY",
      "M",
      "ND",
      "NORM",
      "MAGNITUDE"
    ],
    "ImagingFrequency": 123.243006,
    "InPlanePhaseEncodingDirectionDICOM": "ROW",
    "InstitutionAddress": "Street StreetNo,Chengdu,District,CN,ZIP",
    "InstitutionName": "Sichuan Normal University",
    "InstitutionalDepartmentName": "Department",
    "Interpolation2D": 1,
    "InversionTime": 1.1,
    "MRAcquisitionType": "3D",
    "MagneticFieldStrength": 3,
    "Manufacturer": "Siemens",
    "ManufacturersModelName": "Prisma",
    "MatrixCoilMode": "GRAPPA",
    "Modality": "MR",
    "NonlinearGradientCorrection": false,
    "NumberOfVolumes": 1,
    "ParallelReductionFactorInPlane": 2,
    "PartialFourier": 1,
    "PatientPosition": "HFS",
    "PercentPhaseFOV": 87.5,
    "PercentSampling": 100,
    "PhaseEncodingSteps": 250,
    "PhaseOversampling": 0.12,
    "PhaseResolution": 1,
    "PixelBandwidth": 240,
    "ProcedureStepDescription": "PKU_ALL^WeiZijie",
    "ProtocolName": "t1_mprage_sag_iso_mww64CH",
    "PulseSequenceDetails": "%SiemensSeq%\\tfl",
    "ReceiveCoilActiveElements": "HC1-7;NC1,2",
    "ReceiveCoilName": "HeadNeck_64",
    "ReconMatrixPE": 448,
    "RefLinesPE": 32,
    "RepetitionTime": 2.53,
    "SAR": 0.0475793,
    "ScanOptions": "IR",
    "ScanningSequence": "GR\\IR",
    "SequenceName": "*tfl3d1_16ns",
    "SequenceVariant": "SK\\SP\\MP\\OSP",
    "SeriesDescription": "t1_mprage_sag_iso_mww64CH",
    "SeriesNumber": 9,
    "ShimSetting": [
      -157,
      -8315,
      10065,
      -101,
      -37,
      -364,
      77,
      -39
    ],
    "SliceThickness": 1,
    "SoftwareVersions": "syngo MR E11",
    "SpoilingState": true,
    "StationName": "AWP166231",
    "StudyDescription": "PKU_ALL^WeiZijie",
    "TablePosition": [
      0,
      0,
      0
    ],
    "TxRefAmp": 245.785,
    "acquisition": "t1mpragesagisomww64CH",
    "dataset": "<unset>",
    "datatype": "anat",
    "extension": ".nii.gz",
    "modality": "T1w",
    "subject": "031",
    "suffix": "T1w"
  },
  "cjv": 0.5140346007604563,
  "cnr": 2.0062906211051024,
  "efc": 0.6114,
  "fber": -1.0,
  "fwhm_avg": 6.56101,
  "fwhm_x": 4.24473,
  "fwhm_y": 7.97398,
  "fwhm_z": 7.46432,
  "icvs_csf": 0.26901537095486855,
  "icvs_gm": 0.384929518351923,
  "icvs_wm": 0.34605511069320843,
  "inu_med": 0.4804299622774124,
  "inu_range": 0.2020015925168991,
  "provenance": {
    "md5sum": "eb6e92f919ca8676f899ba1ea43bca6a",
    "settings": {
      "testing": false
    },
    "software": "mriqc",
    "version": "25.1.0.dev45+g699d1691",
    "warnings": {
      "large_rot_frame": true,
      "small_air_mask": false
    }
  },
  "qi_1": 0.0,
  "qi_2": 0.000990109626858494,
  "rpve_csf": 6.616674525006885,
  "rpve_gm": 6.563107727205359,
  "rpve_wm": 6.645230561468837,
  "size_x": 192,
  "size_y": 448,
  "size_z": 512,
  "snr_csf": 2.139786714145575,
  "snr_gm": 6.825937216569661,
  "snr_total": 7.903563830343223,
  "snr_wm": 14.744967560314434,
  "snrd_csf": 6.339870833176744,
  "snrd_gm": 11.002445742042166,
  "snrd_total": 10.797271928670748,
  "snrd_wm": 15.04949921079334,
  "spacing_x": 1.0,
  "spacing_y": 0.5,
  "spacing_z": 0.5,
  "summary_bg_k": 185.4583,
  "summary_bg_mad": 0.0,
  "summary_bg_mean": 8.0889,
  "summary_bg_median": 0.0,
  "summary_bg_n": 10388087.0,
  "summary_bg_p05": 0.0,
  "summary_bg_p95": 21.0,
  "summary_bg_stdv": 42.5744,
  "summary_csf_k": -0.3172,
  "summary_csf_mad": 156.5609,
  "summary_csf_mean": 420.4102,
  "summary_csf_median": 412.0,
  "summary_csf_n": 1766850.9912846233,
  "summary_csf_p05": 122.0,
  "summary_csf_p95": 741.0,
  "summary_csf_stdv": 192.5425,
  "summary_gm_k": -0.5254,
  "summary_gm_mad": 83.6459,
  "summary_gm_mean": 715.0256,
  "summary_gm_median": 715.0,
  "summary_gm_n": 2528157.0293204812,
  "summary_gm_p05": 541.0,
  "summary_gm_p95": 891.0,
  "summary_gm_stdv": 104.7475,
  "summary_wm_k": -0.1469,
  "summary_wm_mad": 51.5452,
  "summary_wm_mean": 964.301,
  "summary_wm_median": 978.0,
  "summary_wm_n": 2272835.9840448736,
  "summary_wm_p05": 833.0,
  "summary_wm_p95": 1051.0,
  "summary_wm_stdv": 66.3277,
  "tpm_overlap_csf": 0.1931060682932641,
  "tpm_overlap_gm": 0.49862760605653195,
  "tpm_overlap_wm": 0.5240433660437248,
  "wm2max": 0.5255136363715802
}
