{
  "aor": 0.0017134074074074074,
  "aqi": 0.005434553777777778,
  "bids_meta": {
    "AcquisitionMatrixPE": 112,
    "AcquisitionNumber": 1,
    "AcquisitionTime": "20:24:7.897500",
    "BandwidthPerPixelPhaseEncode": 33.069,
    "BaseResolution": 112,
    "BidsGuess": [
      "func",
      "_acq-epfid2m2_dir-PA_run-8_bold"
    ],
    "BodyPart": "HEAD",
    "CoilCombinationMethod": "Sum of Squares",
    "ConsistencyInfo": "N4_VE11E_LATEST_20181129",
    "ConversionSoftware": "dcm2niix",
    "ConversionSoftwareVersion": "v1.0.20250505",
    "DerivedVendorReportedEchoSpacing": 0.000539996,
    "DeviceSerialNumber": "166231",
    "DwellTime": 2e-6,
    "EchoTime": 0.03,
    "EchoTrainLength": 55,
    "EffectiveEchoSpacing": 0.000269998,
    "FileSize": 0.1112380288541317,
    "FileSizeUnits": "GB",
    "FlipAngle": 90,
    "ImageOrientationPatientDICOM": [
      0.998389,
      -0.00337371,
      0.0566475,
      0.00697017,
      0.997963,
      -0.0634114
    ],
    "ImageOrientationText": "Tra>Cor(-3.7)>Sag(3.2)",
    "ImageType": [
      "ORIGINAL",
      "PRIMARY",
      "M",
      "ND",
      "MOSAIC",
      "MAGNITUDE"
    ],
    "ImagingFrequency": 123.243013,
    "InPlanePhaseEncodingDirectionDICOM": "COL",
    "InstitutionAddress": "Street StreetNo,Chengdu,District,CN,ZIP",
    "InstitutionName": "Sichuan Normal University",
    "InstitutionalDepartmentName": "Department",
    "MRAcquisitionType": "2D",
    "MagneticFieldStrength": 3,
    "Manufacturer": "Siemens",
    "ManufacturersModelName": "Prisma",
    "Modality": "MR",
    "MultibandAccelerationFactor": 2,
    "NonlinearGradientCorrection": false,
    "NumberOfVolumes": 135,
    "ParallelReductionFactorInPlane": 2,
    "PartialFourier": 1,
    "PatientPosition": "HFS",
    "PercentPhaseFOV": 100,
    "PercentSampling": 100,
    "PhaseEncodingDirection": "j",
    "PhaseEncodingSteps": 111,
    "PhaseResolution": 1,
    "PixelBandwidth": 2230,
    "ProcedureStepDescription": "PKU_ALL^WeiZijie",
    "ProtocolName": "sms_bold_2mm_run4",
    "PulseSequenceDetails": "%SiemensSeq%\\ep2d_bold",
    "ReceiveCoilActiveElements": "HC1-7",
    "ReceiveCoilName": "HeadNeck_64",
    "ReconMatrixPE": 112,
    "RefLinesPE": 32,
    "RepetitionTime": 2,
    "SAR": 0.109472,
    "ScanOptions": "FS",
    "ScanningSequence": "EP",
    "SequenceName": "*epfid2d1_112",
    "SequenceVariant": "SK",
    "SeriesDescription": "sms_bold_2mm_run4",
    "SeriesNumber": 8,
    "ShimSetting": [
      -122,
      -8315,
      10102,
      373,
      13,
      -144,
      -88,
      26
    ],
    "SliceThickness": 2,
    "SliceTiming": [
      0.9575,
      0,
      1.0225,
      0.0625,
      1.085,
      0.1275,
      1.15,
      0.1925,
      1.2125,
      0.255,
      1.2775,
      0.32,
      1.34,
      0.3825,
      1.405,
      0.4475,
      1.47,
      0.51,
      1.5325,
      0.575,
      1.5975,
      0.6375,
      1.66,
      0.7025,
      1.725,
      0.7675,
      1.7875,
      0.83,
      1.8525,
      0.895,
      1.915,
      0.9575,
      0,
      1.0225,
      0.0625,
      1.085,
      0.1275,
      1.15,
      0.1925,
      1.2125,
      0.255,
      1.2775,
      0.32,
      1.34,
      0.3825,
      1.405,
      0.4475,
      1.47,
      0.51,
      1.5325,
      0.575,
      1.5975,
      0.6375,
      1.66,
      0.7025,
      1.725,
      0.7675,
      1.7875,
      0.83,
      1.8525,
      0.895,
      1.915
    ],
    "SoftwareVersions": "syngo MR E11",
    "SpacingBetweenSlices": 2.3,
    "StationName": "AWP166231",
    "StudyDescription": "PKU_ALL^WeiZijie",
    "TablePosition": [
      0,
      0,
      0
    ],
    "TaskName": "sms_bold_2mm_run4",
    "TotalReadoutTime": 0.0299698,
    "TxRefAmp": 272.09,
    "VendorReportedEchoSpacing": 0.00054,
    "dataset": "<unset>",
    "datatype": "func",
    "direction": "PA",
    "extension": ".nii.gz",
    "modality": "bold",
    "subject": "042",
    "suffix": "bold",
    "task": "smsbold2mmrun4"
  },
  "dummy_trs": 0,
  "dvars_nstd": 43.43843166880598,
  "dvars_std": 1.08573848761194,
  "dvars_vstd": 1.017421619850746,
  "efc": 0.5589,
  "fber": 170.2004,
  "fd_mean": 0.04696604891224321,
  "fd_num": 0,
  "fd_perc": 0.0,
  "fwhm_avg": 3.263391036272554,
  "fwhm_x": 3.291315,
  "fwhm_y": 3.347245,
  "fwhm_z": 3.1516131088176627,
  "gcor": 0.00189577,
  "gsr_x": 0.037316787987947464,
  "gsr_y": 0.014748801477253437,
  "provenance": {
    "md5sum": "f69aba7468651de9a46382fe807a7d25",
    "settings": {
      "fd_thres": 0.5,
      "testing": false
    },
    "software": "mriqc",
    "version": "25.1.0.dev45+g699d1691"
  },
  "size_t": 135,
  "size_x": 112,
  "size_y": 112,
  "size_z": 62,
  "snr": 1.8582985528289284,
  "spacing_tr": 2.0,
  "spacing_x": 2.0,
  "spacing_y": 2.0,
  "spacing_z": 2.299999952316284,
  "summary_bg_k": 30.0766,
  "summary_bg_mad": 8.1708,
  "summary_bg_mean": 78.6413,
  "summary_bg_median": 40.0,
  "summary_bg_n": 611158.0,
  "summary_bg_p05": 33.0,
  "summary_bg_p95": 311.0,
  "summary_bg_stdv": 120.5522,
  "summary_fg_k": 0.5764,
  "summary_fg_mad": 264.5127,
  "summary_fg_mean": 564.2193,
  "summary_fg_median": 519.0,
  "summary_fg_n": 166570.0,
  "summary_fg_p05": 172.0,
  "summary_fg_p95": 1084.0,
  "summary_fg_stdv": 279.2869,
  "tsnr": 35.465029262937605
}
