{
  "bids_meta": {
    "AcquisitionMatrixPE": 224,
    "AcquisitionNumber": 1,
    "AcquisitionTime": "20:27:11.127500",
    "BaseResolution": 256,
    "BidsGuess": [
      "anat",
      "_acq-tfl3p2_run-9_T1w"
    ],
    "BodyPart": "HEAD",
    "CoilCombinationMethod": "Adaptive Combine",
    "ConsistencyInfo": "N4_VE11E_LATEST_20181129",
    "ConversionSoftware": "dcm2niix",
    "ConversionSoftwareVersion": "v1.0.20250505",
    "Defaced": true,
    "DeviceSerialNumber": "166231",
    "DwellTime": 8.2e-6,
    "EchoTime": 0.00298,
    "FileSize": 0.027614201419055462,
    "FileSizeUnits": "GB",
    "FlipAngle": 7,
    "ImageOrientationPatientDICOM": [
      0.0315748,
      0.999488,
      0.00523181,
      0.0399033,
      0.00396969,
      -0.999196
    ],
    "ImageOrientationText": "Sag>Tra(-2.3)>Cor(1.8)",
    "ImageType": [
      "ORIGINAL",
      "PRIMARY",
      "M",
      "ND",
      "NORM",
      "MAGNITUDE"
    ],
    "ImagingFrequency": 123.243024,
    "InPlanePhaseEncodingDirectionDICOM": "ROW",
    "InstitutionAddress": "Street StreetNo,Chengdu,District,CN,ZIP",
    "InstitutionName": "Sichuan Normal University",
    "InstitutionalDepartmentName": "Department",
    "Interpolation2D": 1,
    "InversionTime": 1.1,
    "MRAcquisitionType": "3D",
    "MagneticFieldStrength": 3,
    "Manufacturer": "Siemens",
    "ManufacturersModelName": "Prisma",
    "MatrixCoilMode": "GRAPPA",
    "Modality": "MR",
    "NonlinearGradientCorrection": false,
    "NumberOfVolumes": 1,
    "ParallelReductionFactorInPlane": 2,
    "PartialFourier": 1,
    "PatientPosition": "HFS",
    "PercentPhaseFOV": 87.5,
    "PercentSampling": 100,
    "PhaseEncodingSteps": 250,
    "PhaseOversampling": 0.12,
    "PhaseResolution": 1,
    "PixelBandwidth": 240,
    "ProcedureStepDescription": "PKU_ALL^WeiZijie",
    "ProtocolName": "t1_mprage_sag_iso_mww64CH",
    "PulseSequenceDetails": "%SiemensSeq%\\tfl",
    "ReceiveCoilActiveElements": "HC1-7;NC1,2",
    "ReceiveCoilName": "HeadNeck_64",
    "ReconMatrixPE": 448,
    "RefLinesPE": 32,
    "RepetitionTime": 2.53,
    "SAR": 0.0633513,
    "ScanOptions": "IR",
    "ScanningSequence": "GR\\IR",
    "SequenceName": "*tfl3d1_16ns",
    "SequenceVariant": "SK\\SP\\MP\\OSP",
    "SeriesDescription": "t1_mprage_sag_iso_mww64CH",
    "SeriesNumber": 9,
    "ShimSetting": [
      -140,
      -8330,
      10009,
      -140,
      -104,
      -245,
      28,
      -32
    ],
    "SliceThickness": 1,
    "SoftwareVersions": "syngo MR E11",
    "SpoilingState": true,
    "StationName": "AWP166231",
    "StudyDescription": "PKU_ALL^WeiZijie",
    "TablePosition": [
      0,
      0,
      0
    ],
    "TxRefAmp": 236.183,
    "acquisition": "t1mpragesagisomww64CH",
    "dataset": "<unset>",
    "datatype": "anat",
    "extension": ".nii.gz",
    "modality": "T1w",
    "subject": "033",
    "suffix": "T1w"
  },
  "cjv": 0.5128996015936255,
  "cnr": 1.9958006262596688,
  "efc": 0.5818,
  "fber": -1.0,
  "fwhm_avg": 6.716083333333333,
  "fwhm_x": 4.19639,
  "fwhm_y": 8.08404,
  "fwhm_z": 7.86782,
  "icvs_csf": 0.2669266650475924,
  "icvs_gm": 0.3865355047424827,
  "icvs_wm": 0.3465378302099249,
  "inu_med": 0.43345531821250916,
  "inu_range": 0.1588677257299423,
  "provenance": {
    "md5sum": "8903d7c29e5ebcbea5ce8a0497842a10",
    "settings": {
      "testing": false
    },
    "software": "mriqc",
    "version": "25.1.0.dev45+g699d1691",
    "warnings": {
      "large_rot_frame": true,
      "small_air_mask": false
    }
  },
  "qi_1": 0.0,
  "qi_2": 0.0013971420716289438,
  "rpve_csf": 8.008546043674656,
  "rpve_gm": 7.950447147860178,
  "rpve_wm": 8.019088151945125,
  "size_x": 192,
  "size_y": 448,
  "size_z": 512,
  "snr_csf": 1.922133395746736,
  "snr_gm": 7.361561374160652,
  "snr_total": 8.013543792197192,
  "snr_wm": 14.75693660668419,
  "snrd_csf": 6.31340935795524,
  "snrd_gm": 11.64936193714076,
  "snrd_total": 11.211375839549957,
  "snrd_wm": 15.671356223553868,
  "spacing_x": 1.0,
  "spacing_y": 0.5,
  "spacing_z": 0.5,
  "summary_bg_k": 312.6569,
  "summary_bg_mad": 0.0,
  "summary_bg_mean": 6.5137,
  "summary_bg_median": 0.0,
  "summary_bg_n": 10265867.0,
  "summary_bg_p05": 0.0,
  "summary_bg_p95": 17.0,
  "summary_bg_stdv": 40.885,
  "summary_csf_k": 0.3616,
  "summary_csf_mad": 172.3387,
  "summary_csf_mean": 399.6921,
  "summary_csf_median": 394.0,
  "summary_csf_n": 1454163.0869550821,
  "summary_csf_p05": 68.0,
  "summary_csf_p95": 743.0,
  "summary_csf_stdv": 204.9805,
  "summary_gm_k": -0.5951,
  "summary_gm_mad": 79.2818,
  "summary_gm_mean": 726.918,
  "summary_gm_median": 727.0,
  "summary_gm_n": 2105768.124341759,
  "summary_gm_p05": 561.0,
  "summary_gm_p95": 892.0,
  "summary_gm_stdv": 98.7562,
  "summary_wm_k": -0.1347,
  "summary_wm_mad": 49.456,
  "summary_wm_mean": 961.1965,
  "summary_wm_median": 978.0,
  "summary_wm_n": 1887868.7928571408,
  "summary_wm_p05": 829.0,
  "summary_wm_p95": 1044.0,
  "summary_wm_stdv": 66.2739,
  "tpm_overlap_csf": 0.18324977145834243,
  "tpm_overlap_gm": 0.5125048767794588,
  "tpm_overlap_wm": 0.531630020202215,
  "wm2max": 0.6282610950862197
}
