{
  "bids_meta": {
    "AcquisitionMatrixPE": 224,
    "AcquisitionNumber": 1,
    "AcquisitionTime": "16:03:29.882500",
    "BaseResolution": 256,
    "BidsGuess": [
      "anat",
      "_acq-tfl3p2_run-10_T1w"
    ],
    "BodyPart": "HEAD",
    "CoilCombinationMethod": "Adaptive Combine",
    "ConsistencyInfo": "N4_VE11E_LATEST_20181129",
    "ConversionSoftware": "dcm2niix",
    "ConversionSoftwareVersion": "v1.0.20250505",
    "Defaced": true,
    "DeviceSerialNumber": "166231",
    "DwellTime": 8.2e-6,
    "EchoTime": 0.00298,
    "FileSize": 0.030507338233292103,
    "FileSizeUnits": "GB",
    "FlipAngle": 7,
    "ImageOrientationPatientDICOM": [
      0.0246218,
      0.999683,
      0.00523214,
      0.0381476,
      0.00429038,
      -0.999263
    ],
    "ImageOrientationText": "Sag>Tra(-2.2)>Cor(1.4)",
    "ImageType": [
      "ORIGINAL",
      "PRIMARY",
      "M",
      "ND",
      "NORM",
      "MAGNITUDE"
    ],
    "ImagingFrequency": 123.243044,
    "InPlanePhaseEncodingDirectionDICOM": "ROW",
    "InstitutionAddress": "Street StreetNo,Chengdu,District,CN,ZIP",
    "InstitutionName": "Sichuan Normal University",
    "InstitutionalDepartmentName": "Department",
    "Interpolation2D": 1,
    "InversionTime": 1.1,
    "MRAcquisitionType": "3D",
    "MagneticFieldStrength": 3,
    "Manufacturer": "Siemens",
    "ManufacturersModelName": "Prisma",
    "MatrixCoilMode": "GRAPPA",
    "Modality": "MR",
    "NonlinearGradientCorrection": false,
    "NumberOfVolumes": 1,
    "ParallelReductionFactorInPlane": 2,
    "PartialFourier": 1,
    "PatientPosition": "HFS",
    "PercentPhaseFOV": 87.5,
    "PercentSampling": 100,
    "PhaseEncodingSteps": 250,
    "PhaseOversampling": 0.12,
    "PhaseResolution": 1,
    "PixelBandwidth": 240,
    "ProcedureStepDescription": "PKU_ALL^WeiZijie",
    "ProtocolName": "t1_mprage_sag_iso_mww64CH",
    "PulseSequenceDetails": "%SiemensSeq%\\tfl",
    "ReceiveCoilActiveElements": "HC1-7;NC1,2",
    "ReceiveCoilName": "HeadNeck_64",
    "ReconMatrixPE": 448,
    "RefLinesPE": 32,
    "RepetitionTime": 2.53,
    "SAR": 0.0819234,
    "ScanOptions": "IR",
    "ScanningSequence": "GR\\IR",
    "SequenceName": "*tfl3d1_16ns",
    "SequenceVariant": "SK\\SP\\MP\\OSP",
    "SeriesDescription": "t1_mprage_sag_iso_mww64CH",
    "SeriesNumber": 10,
    "ShimSetting": [
      -118,
      -8311,
      10144,
      386,
      -3,
      -316,
      -147,
      8
    ],
    "SliceThickness": 1,
    "SoftwareVersions": "syngo MR E11",
    "SpoilingState": true,
    "StationName": "AWP166231",
    "StudyDescription": "PKU_ALL^WeiZijie",
    "TablePosition": [
      0,
      0,
      0
    ],
    "TxRefAmp": 248.967,
    "acquisition": "t1mpragesagisomww64CH",
    "dataset": "<unset>",
    "datatype": "anat",
    "extension": ".nii.gz",
    "modality": "T1w",
    "subject": "017",
    "suffix": "T1w"
  },
  "cjv": 0.5207679012345678,
  "cnr": 1.9670745463692063,
  "efc": 0.5681,
  "fber": -1.0,
  "fwhm_avg": 6.727893333333333,
  "fwhm_x": 4.28828,
  "fwhm_y": 8.046,
  "fwhm_z": 7.8494,
  "icvs_csf": 0.26512585224952734,
  "icvs_gm": 0.3873292096981466,
  "icvs_wm": 0.347544938052326,
  "inu_med": 0.41875794529914856,
  "inu_range": 0.15830991864204402,
  "provenance": {
    "md5sum": "3fad74e35264600a9b557e118bb24b7c",
    "settings": {
      "testing": false
    },
    "software": "mriqc",
    "version": "25.1.0.dev45+g699d1691",
    "warnings": {
      "large_rot_frame": true,
      "small_air_mask": false
    }
  },
  "qi_1": 0.0,
  "qi_2": 0.0020773444343464833,
  "rpve_csf": 7.664295109287674,
  "rpve_gm": 7.600322165999027,
  "rpve_wm": 7.667655646318845,
  "size_x": 192,
  "size_y": 448,
  "size_z": 512,
  "snr_csf": 1.9638449033356447,
  "snr_gm": 7.517413125669749,
  "snr_total": 7.884763499786106,
  "snr_wm": 14.173032470352926,
  "snrd_csf": 8.0805279743302,
  "snrd_gm": 14.824427261177211,
  "snrd_total": 14.21686876686667,
  "snrd_wm": 19.7456510650926,
  "spacing_x": 1.0,
  "spacing_y": 0.5,
  "spacing_z": 0.5,
  "summary_bg_k": 256.5367,
  "summary_bg_mad": 0.0,
  "summary_bg_mean": 5.0151,
  "summary_bg_median": 0.0,
  "summary_bg_n": 11772875.0,
  "summary_bg_p05": 0.0,
  "summary_bg_p95": 15.0,
  "summary_bg_stdv": 32.3493,
  "summary_csf_k": -0.4193,
  "summary_csf_mad": 173.9993,
  "summary_csf_mean": 405.1794,
  "summary_csf_median": 399.0,
  "summary_csf_n": 1508808.425814201,
  "summary_csf_p05": 75.0,
  "summary_csf_p95": 747.0,
  "summary_csf_stdv": 203.1728,
  "summary_gm_k": -0.5189,
  "summary_gm_mad": 75.0778,
  "summary_gm_mean": 732.7552,
  "summary_gm_median": 732.0,
  "summary_gm_n": 2204257.224250227,
  "summary_gm_p05": 570.0,
  "summary_gm_p95": 900.0,
  "summary_gm_stdv": 97.3739,
  "summary_wm_k": -0.2673,
  "summary_wm_mad": 51.4688,
  "summary_wm_mean": 958.5941,
  "summary_wm_median": 975.0,
  "summary_wm_n": 1977848.3555383224,
  "summary_wm_p05": 820.0,
  "summary_wm_p95": 1045.0,
  "summary_wm_stdv": 68.7926,
  "tpm_overlap_csf": 0.18496954148093492,
  "tpm_overlap_gm": 0.5025375426166105,
  "tpm_overlap_wm": 0.5292856966817212,
  "wm2max": 0.6080040983270841
}
