{
  "bids_meta": {
    "AcquisitionMatrixPE": 224,
    "AcquisitionNumber": 1,
    "AcquisitionTime": "11:09:19.975000",
    "BaseResolution": 256,
    "BidsGuess": [
      "anat",
      "_acq-tfl3p2_run-17_T1w"
    ],
    "BodyPart": "HEAD",
    "CoilCombinationMethod": "Adaptive Combine",
    "ConsistencyInfo": "N4_VE11E_LATEST_20181129",
    "ConversionSoftware": "dcm2niix",
    "ConversionSoftwareVersion": "v1.0.20250505",
    "Defaced": true,
    "DeviceSerialNumber": "166231",
    "DwellTime": 8.2e-6,
    "EchoTime": 0.00298,
    "FileSize": 0.03442394267767668,
    "FileSizeUnits": "GB",
    "FlipAngle": 7,
    "ImageOrientationPatientDICOM": [
      -0.134225,
      0.976842,
      -0.166621,
      0.0649021,
      -0.159116,
      -0.985124
    ],
    "ImageOrientationText": "Sag>Cor(-8.2)>Tra(-2.4)",
    "ImageType": [
      "ORIGINAL",
      "PRIMARY",
      "M",
      "ND",
      "NORM",
      "MAGNITUDE"
    ],
    "ImagingFrequency": 123.243002,
    "InPlanePhaseEncodingDirectionDICOM": "ROW",
    "InstitutionAddress": "Street StreetNo,Chengdu,District,CN,ZIP",
    "InstitutionName": "Sichuan Normal University",
    "InstitutionalDepartmentName": "Department",
    "Interpolation2D": 1,
    "InversionTime": 1.1,
    "MRAcquisitionType": "3D",
    "MagneticFieldStrength": 3,
    "Manufacturer": "Siemens",
    "ManufacturersModelName": "Prisma",
    "MatrixCoilMode": "GRAPPA",
    "Modality": "MR",
    "NonlinearGradientCorrection": false,
    "NumberOfVolumes": 1,
    "ParallelReductionFactorInPlane": 2,
    "PartialFourier": 1,
    "PatientPosition": "HFS",
    "PercentPhaseFOV": 87.5,
    "PercentSampling": 100,
    "PhaseEncodingSteps": 250,
    "PhaseOversampling": 0.12,
    "PhaseResolution": 1,
    "PixelBandwidth": 240,
    "ProcedureStepDescription": "PKU_ALL^WeiZijie",
    "ProtocolName": "t1_mprage_sag_iso_mww64CH",
    "PulseSequenceDetails": "%SiemensSeq%\\tfl",
    "ReceiveCoilActiveElements": "HC1-7;NC1,2",
    "ReceiveCoilName": "HeadNeck_64",
    "ReconMatrixPE": 448,
    "RefLinesPE": 32,
    "RepetitionTime": 2.53,
    "SAR": 0.056188,
    "ScanOptions": "IR",
    "ScanningSequence": "GR\\IR",
    "SequenceName": "*tfl3d1_16ns",
    "SequenceVariant": "SK\\SP\\MP\\OSP",
    "SeriesDescription": "t1_mprage_sag_iso_mww64CH",
    "SeriesNumber": 17,
    "ShimSetting": [
      -152,
      -8321,
      10057,
      75,
      -63,
      -255,
      -58,
      0
    ],
    "SliceThickness": 1,
    "SoftwareVersions": "syngo MR E11",
    "SpoilingState": true,
    "StationName": "AWP166231",
    "StudyDescription": "PKU_ALL^WeiZijie",
    "TablePosition": [
      0,
      0,
      0
    ],
    "TxRefAmp": 242.219,
    "acquisition": "t1mpragesagisomww64CH",
    "dataset": "<unset>",
    "datatype": "anat",
    "extension": ".nii.gz",
    "modality": "T1w",
    "subject": "053",
    "suffix": "T1w"
  },
  "cjv": 0.5139155102040817,
  "cnr": 2.166700101295906,
  "efc": 0.5667,
  "fber": -1.0,
  "fwhm_avg": 6.655456666666666,
  "fwhm_x": 4.28693,
  "fwhm_y": 7.90198,
  "fwhm_z": 7.77746,
  "icvs_csf": 0.2555851771605772,
  "icvs_gm": 0.3980527316398625,
  "icvs_wm": 0.34636209119956035,
  "inu_med": 0.49074462056159973,
  "inu_range": 0.19946101307868958,
  "provenance": {
    "md5sum": "486de1a6c107264ef966c7e72c934538",
    "settings": {
      "testing": false
    },
    "software": "mriqc",
    "version": "25.1.0.dev45+g699d1691",
    "warnings": {
      "large_rot_frame": true,
      "small_air_mask": false
    }
  },
  "qi_1": 0.0,
  "qi_2": 0.0009057616312921899,
  "rpve_csf": 7.045284669046153,
  "rpve_gm": 7.00290255172616,
  "rpve_wm": 7.0804671395454095,
  "size_x": 192,
  "size_y": 448,
  "size_z": 512,
  "snr_csf": 2.181467933627071,
  "snr_gm": 8.850382988833191,
  "snr_total": 8.464817234746944,
  "snr_wm": 14.362600781780566,
  "snrd_csf": 8.51964748764316,
  "snrd_gm": 12.753230017437092,
  "snrd_total": 12.77072416012219,
  "snrd_wm": 17.03929497528632,
  "spacing_x": 1.0,
  "spacing_y": 0.5,
  "spacing_z": 0.5,
  "summary_bg_k": 213.9068,
  "summary_bg_mad": 0.0,
  "summary_bg_mean": 7.9185,
  "summary_bg_median": 0.0,
  "summary_bg_n": 11829357.0,
  "summary_bg_p05": 0.0,
  "summary_bg_p95": 24.0,
  "summary_bg_stdv": 37.4489,
  "summary_csf_k": 2.9595,
  "summary_csf_mad": 147.7495,
  "summary_csf_mean": 478.4091,
  "summary_csf_median": 487.0,
  "summary_csf_n": 1576270.7198635305,
  "summary_csf_p05": 91.0,
  "summary_csf_p95": 819.0,
  "summary_csf_stdv": 223.2441,
  "summary_gm_k": -0.3504,
  "summary_gm_mad": 70.9733,
  "summary_gm_mean": 730.3665,
  "summary_gm_median": 729.0,
  "summary_gm_n": 2454911.011726662,
  "summary_gm_p05": 595.0,
  "summary_gm_p95": 866.0,
  "summary_gm_stdv": 82.3693,
  "summary_wm_k": 0.1651,
  "summary_wm_mad": 54.936,
  "summary_wm_mean": 962.1422,
  "summary_wm_median": 974.0,
  "summary_wm_n": 2136119.273010722,
  "summary_wm_p05": 832.0,
  "summary_wm_p95": 1053.0,
  "summary_wm_stdv": 67.815,
  "tpm_overlap_csf": 0.1987033651525956,
  "tpm_overlap_gm": 0.49923733160981315,
  "tpm_overlap_wm": 0.5225332179449188,
  "wm2max": 0.5391275539735495
}
