{
  "bids_meta": {
    "AcquisitionMatrixPE": 224,
    "AcquisitionNumber": 1,
    "AcquisitionTime": "15:34:10.175000",
    "BaseResolution": 256,
    "BidsGuess": [
      "anat",
      "_acq-tfl3p2_run-16_T1w"
    ],
    "BodyPart": "HEAD",
    "CoilCombinationMethod": "Adaptive Combine",
    "ConsistencyInfo": "N4_VE11E_LATEST_20181129",
    "ConversionSoftware": "dcm2niix",
    "ConversionSoftwareVersion": "v1.0.20250505",
    "Defaced": true,
    "DeviceSerialNumber": "166231",
    "DwellTime": 8.2e-6,
    "EchoTime": 0.00298,
    "FileSize": 0.040012880228459835,
    "FileSizeUnits": "GB",
    "FlipAngle": 7,
    "ImageOrientationPatientDICOM": [
      -0.0601627,
      0.985302,
      -0.159874,
      0.000308728,
      -0.160146,
      -0.987093
    ],
    "ImageOrientationText": "Sag>Cor(-3.4)>Tra(0.5)",
    "ImageType": [
      "ORIGINAL",
      "PRIMARY",
      "M",
      "ND",
      "NORM",
      "MAGNITUDE"
    ],
    "ImagingFrequency": 123.242974,
    "InPlanePhaseEncodingDirectionDICOM": "ROW",
    "InstitutionAddress": "Street StreetNo,Chengdu,District,CN,ZIP",
    "InstitutionName": "Sichuan Normal University",
    "InstitutionalDepartmentName": "Department",
    "Interpolation2D": 1,
    "InversionTime": 1.1,
    "MRAcquisitionType": "3D",
    "MagneticFieldStrength": 3,
    "Manufacturer": "Siemens",
    "ManufacturersModelName": "Prisma",
    "MatrixCoilMode": "GRAPPA",
    "Modality": "MR",
    "NonlinearGradientCorrection": false,
    "NumberOfVolumes": 1,
    "ParallelReductionFactorInPlane": 2,
    "PartialFourier": 1,
    "PatientPosition": "HFS",
    "PercentPhaseFOV": 87.5,
    "PercentSampling": 100,
    "PhaseEncodingSteps": 250,
    "PhaseOversampling": 0.12,
    "PhaseResolution": 1,
    "PixelBandwidth": 240,
    "ProcedureStepDescription": "PKU_ALL^WeiZijie",
    "ProtocolName": "t1_mprage_sag_iso_mww64CH",
    "PulseSequenceDetails": "%SiemensSeq%\\tfl",
    "ReceiveCoilActiveElements": "HC1-7;NC1,2",
    "ReceiveCoilName": "HeadNeck_64",
    "ReconMatrixPE": 448,
    "RefLinesPE": 32,
    "RepetitionTime": 2.53,
    "SAR": 0.0531016,
    "ScanOptions": "IR",
    "ScanningSequence": "GR\\IR",
    "SequenceName": "*tfl3d1_16ns",
    "SequenceVariant": "SK\\SP\\MP\\OSP",
    "SeriesDescription": "t1_mprage_sag_iso_mww64CH",
    "SeriesNumber": 16,
    "ShimSetting": [
      -168,
      -8260,
      10072,
      -237,
      38,
      -379,
      24,
      -54
    ],
    "SliceThickness": 1,
    "SoftwareVersions": "syngo MR E11",
    "SpoilingState": true,
    "StationName": "AWP166231",
    "StudyDescription": "PKU_ALL^WeiZijie",
    "TablePosition": [
      0,
      0,
      0
    ],
    "TxRefAmp": 244.877,
    "acquisition": "t1mpragesagisomww64CH",
    "dataset": "<unset>",
    "datatype": "anat",
    "extension": ".nii.gz",
    "modality": "T1w",
    "subject": "056",
    "suffix": "T1w"
  },
  "cjv": 0.4933996062992126,
  "cnr": 2.0613864505644943,
  "efc": 0.5646,
  "fber": -1.0,
  "fwhm_avg": 6.829926666666666,
  "fwhm_x": 4.3388,
  "fwhm_y": 8.31446,
  "fwhm_z": 7.83652,
  "icvs_csf": 0.2695616046397986,
  "icvs_gm": 0.39025834041356705,
  "icvs_wm": 0.3401800549466344,
  "inu_med": 0.446650967001915,
  "inu_range": 0.17769428044557573,
  "provenance": {
    "md5sum": "80cdb4295923120ba88a407d8fb08093",
    "settings": {
      "testing": false
    },
    "software": "mriqc",
    "version": "25.1.0.dev45+g699d1691",
    "warnings": {
      "large_rot_frame": true,
      "small_air_mask": false
    }
  },
  "qi_1": 0.0,
  "qi_2": 0.0009450831468986489,
  "rpve_csf": 7.425098838885402,
  "rpve_gm": 7.36287174480901,
  "rpve_wm": 7.428655602975435,
  "size_x": 192,
  "size_y": 448,
  "size_z": 512,
  "snr_csf": 2.1259300894610904,
  "snr_gm": 8.118136906231085,
  "snr_total": 7.548018239142422,
  "snr_wm": 12.39998772173509,
  "snrd_csf": 7.605253967745971,
  "snrd_gm": 13.704705771452012,
  "snrd_total": 13.285368459947222,
  "snrd_wm": 18.546145640643683,
  "spacing_x": 1.0,
  "spacing_y": 0.5,
  "spacing_z": 0.5,
  "summary_bg_k": 249.9319,
  "summary_bg_mad": 0.0,
  "summary_bg_mean": 6.4227,
  "summary_bg_median": 0.0,
  "summary_bg_n": 13536382.0,
  "summary_bg_p05": 0.0,
  "summary_bg_p95": 17.0,
  "summary_bg_stdv": 34.3709,
  "summary_csf_k": -0.7115,
  "summary_csf_mad": 163.5456,
  "summary_csf_mean": 408.5175,
  "summary_csf_median": 399.0,
  "summary_csf_n": 1583525.63097818,
  "summary_csf_p05": 112.0,
  "summary_csf_p95": 727.0,
  "summary_csf_stdv": 187.6825,
  "summary_gm_k": -0.4781,
  "summary_gm_mad": 68.0658,
  "summary_gm_mean": 719.6543,
  "summary_gm_median": 719.0,
  "summary_gm_n": 2292552.3298233505,
  "summary_gm_p05": 572.0,
  "summary_gm_p95": 868.0,
  "summary_gm_stdv": 88.5671,
  "summary_wm_k": -0.2943,
  "summary_wm_mad": 57.2577,
  "summary_wm_mean": 952.7109,
  "summary_wm_median": 973.0,
  "summary_wm_n": 1998370.045598211,
  "summary_wm_p05": 794.0,
  "summary_wm_p95": 1049.0,
  "summary_wm_stdv": 78.4678,
  "tpm_overlap_csf": 0.182181078226256,
  "tpm_overlap_gm": 0.49783474802316274,
  "tpm_overlap_wm": 0.5309254590960008,
  "wm2max": 0.5314069803001759
}
