{
  "aor": 0.001501333333333333,
  "aqi": 0.0035580969629629626,
  "bids_meta": {
    "AcquisitionMatrixPE": 112,
    "AcquisitionNumber": 1,
    "AcquisitionTime": "16:51:50.230000",
    "BandwidthPerPixelPhaseEncode": 33.069,
    "BaseResolution": 112,
    "BidsGuess": [
      "func",
      "_acq-epfid2m2_dir-AP_run-6_bold"
    ],
    "BodyPart": "HEAD",
    "CoilCombinationMethod": "Sum of Squares",
    "ConsistencyInfo": "N4_VE11E_LATEST_20181129",
    "ConversionSoftware": "dcm2niix",
    "ConversionSoftwareVersion": "v1.0.20250505",
    "DerivedVendorReportedEchoSpacing": 0.000539996,
    "DeviceSerialNumber": "166231",
    "DwellTime": 2e-6,
    "EchoTime": 0.03,
    "EchoTrainLength": 55,
    "EffectiveEchoSpacing": 0.000269998,
    "FileSize": 0.10686544422060251,
    "FileSizeUnits": "GB",
    "FlipAngle": 90,
    "ImageOrientationPatientDICOM": [
      0.977348,
      -0.132723,
      0.164851,
      0.140838,
      0.989284,
      -0.0385
    ],
    "ImageOrientationText": "Tra>Sag(9.1)>Cor(-3.5)",
    "ImageType": [
      "ORIGINAL",
      "PRIMARY",
      "M",
      "ND",
      "MOSAIC",
      "MAGNITUDE"
    ],
    "ImagingFrequency": 123.243074,
    "InPlanePhaseEncodingDirectionDICOM": "COL",
    "InstitutionAddress": "Street StreetNo,Chengdu,District,CN,ZIP",
    "InstitutionName": "Sichuan Normal University",
    "InstitutionalDepartmentName": "Department",
    "MRAcquisitionType": "2D",
    "MagneticFieldStrength": 3,
    "Manufacturer": "Siemens",
    "ManufacturersModelName": "Prisma",
    "Modality": "MR",
    "MultibandAccelerationFactor": 2,
    "NonlinearGradientCorrection": false,
    "NumberOfVolumes": 135,
    "ParallelReductionFactorInPlane": 2,
    "PartialFourier": 1,
    "PatientPosition": "HFS",
    "PercentPhaseFOV": 100,
    "PercentSampling": 100,
    "PhaseEncodingDirection": "j-",
    "PhaseEncodingSteps": 111,
    "PhaseResolution": 1,
    "PixelBandwidth": 2230,
    "ProcedureStepDescription": "PKU_ALL^WeiZijie",
    "ProtocolName": "sms_bold_2mm_run4",
    "PulseSequenceDetails": "%SiemensSeq%\\ep2d_bold",
    "ReceiveCoilActiveElements": "HC1-7",
    "ReceiveCoilName": "HeadNeck_64",
    "ReconMatrixPE": 112,
    "RefLinesPE": 32,
    "RepetitionTime": 2,
    "SAR": 0.127557,
    "ScanOptions": "FS",
    "ScanningSequence": "EP",
    "SequenceName": "*epfid2d1_112",
    "SequenceVariant": "SK",
    "SeriesDescription": "sms_bold_2mm_run4",
    "SeriesNumber": 6,
    "ShimSetting": [
      -90,
      -8322,
      10132,
      521,
      101,
      -255,
      -1,
      -50
    ],
    "SliceThickness": 2,
    "SliceTiming": [
      0.9575,
      0,
      1.02,
      0.0625,
      1.085,
      0.1275,
      1.1475,
      0.19,
      1.2125,
      0.255,
      1.275,
      0.3175,
      1.34,
      0.3825,
      1.405,
      0.445,
      1.4675,
      0.51,
      1.5325,
      0.5725,
      1.595,
      0.6375,
      1.66,
      0.7025,
      1.7225,
      0.765,
      1.7875,
      0.83,
      1.85,
      0.8925,
      1.915,
      0.9575,
      0,
      1.02,
      0.0625,
      1.085,
      0.1275,
      1.1475,
      0.19,
      1.2125,
      0.255,
      1.275,
      0.3175,
      1.34,
      0.3825,
      1.405,
      0.445,
      1.4675,
      0.51,
      1.5325,
      0.5725,
      1.595,
      0.6375,
      1.66,
      0.7025,
      1.7225,
      0.765,
      1.7875,
      0.83,
      1.85,
      0.8925,
      1.915
    ],
    "SoftwareVersions": "syngo MR E11",
    "SpacingBetweenSlices": 2.3,
    "StationName": "AWP166231",
    "StudyDescription": "PKU_ALL^WeiZijie",
    "TablePosition": [
      0,
      0,
      0
    ],
    "TaskName": "sms_bold_2mm_run4",
    "TotalReadoutTime": 0.0299698,
    "TxRefAmp": 249.139,
    "VendorReportedEchoSpacing": 0.00054,
    "dataset": "<unset>",
    "datatype": "func",
    "direction": "AP",
    "extension": ".nii.gz",
    "modality": "bold",
    "subject": "014",
    "suffix": "bold",
    "task": "smsbold2mmrun4"
  },
  "dummy_trs": 0,
  "dvars_nstd": 38.655488597835834,
  "dvars_std": 1.1222348007462684,
  "dvars_vstd": 1.0204764723134325,
  "efc": 0.5148,
  "fber": 255.6738,
  "fd_mean": 0.05322194032399294,
  "fd_num": 0,
  "fd_perc": 0.0,
  "fwhm_avg": 3.7289317644461017,
  "fwhm_x": 3.61736,
  "fwhm_y": 3.90617,
  "fwhm_z": 3.6632652933383043,
  "gcor": 0.00465165,
  "gsr_x": 0.008720161393284798,
  "gsr_y": 0.01311498787254095,
  "provenance": {
    "md5sum": "4dc2c49bf70546ac82a716be29483a5d",
    "settings": {
      "fd_thres": 0.5,
      "testing": false
    },
    "software": "mriqc",
    "version": "25.1.0.dev45+g699d1691"
  },
  "size_t": 135,
  "size_x": 112,
  "size_y": 112,
  "size_z": 62,
  "snr": 1.941614053018171,
  "spacing_tr": 2.0,
  "spacing_x": 2.0,
  "spacing_y": 2.0,
  "spacing_z": 2.299999952316284,
  "summary_bg_k": 99.7304,
  "summary_bg_mad": 6.3587,
  "summary_bg_mean": 62.1635,
  "summary_bg_median": 38.0,
  "summary_bg_n": 620742.0,
  "summary_bg_p05": 32.0,
  "summary_bg_p95": 179.0,
  "summary_bg_stdv": 98.2,
  "summary_fg_k": 0.8543,
  "summary_fg_mad": 290.0299,
  "summary_fg_mean": 645.1547,
  "summary_fg_median": 604.0,
  "summary_fg_n": 156986.0,
  "summary_fg_p05": 176.0,
  "summary_fg_p95": 1207.0,
  "summary_fg_stdv": 311.0804,
  "tsnr": 42.01019665785134
}
