{
  "aor": 0.0007954074074074074,
  "aqi": 0.004952768814814815,
  "bids_meta": {
    "AcquisitionMatrixPE": 112,
    "AcquisitionNumber": 1,
    "AcquisitionTime": "17:20:23.455000",
    "BandwidthPerPixelPhaseEncode": 33.069,
    "BaseResolution": 112,
    "BidsGuess": [
      "func",
      "_acq-epfid2m2_dir-AP_run-6_bold"
    ],
    "BodyPart": "HEAD",
    "CoilCombinationMethod": "Sum of Squares",
    "ConsistencyInfo": "N4_VE11E_LATEST_20181129",
    "ConversionSoftware": "dcm2niix",
    "ConversionSoftwareVersion": "v1.0.20250505",
    "DerivedVendorReportedEchoSpacing": 0.000539996,
    "DeviceSerialNumber": "166231",
    "DwellTime": 2e-6,
    "EchoTime": 0.03,
    "EchoTrainLength": 55,
    "EffectiveEchoSpacing": 0.000269998,
    "FileSize": 0.1113194739446044,
    "FileSizeUnits": "GB",
    "FlipAngle": 90,
    "ImageOrientationPatientDICOM": [
      0.998365,
      0.0367379,
      0.0437825,
      -0.0313749,
      0.992584,
      -0.117442
    ],
    "ImageOrientationText": "Tra>Cor(-6.7)>Sag(2.7)",
    "ImageType": [
      "ORIGINAL",
      "PRIMARY",
      "M",
      "ND",
      "MOSAIC",
      "MAGNITUDE"
    ],
    "ImagingFrequency": 123.243054,
    "InPlanePhaseEncodingDirectionDICOM": "COL",
    "InstitutionAddress": "Street StreetNo,Chengdu,District,CN,ZIP",
    "InstitutionName": "Sichuan Normal University",
    "InstitutionalDepartmentName": "Department",
    "MRAcquisitionType": "2D",
    "MagneticFieldStrength": 3,
    "Manufacturer": "Siemens",
    "ManufacturersModelName": "Prisma",
    "Modality": "MR",
    "MultibandAccelerationFactor": 2,
    "NonlinearGradientCorrection": false,
    "NumberOfVolumes": 135,
    "ParallelReductionFactorInPlane": 2,
    "PartialFourier": 1,
    "PatientPosition": "HFS",
    "PercentPhaseFOV": 100,
    "PercentSampling": 100,
    "PhaseEncodingDirection": "j-",
    "PhaseEncodingSteps": 111,
    "PhaseResolution": 1,
    "PixelBandwidth": 2230,
    "ProcedureStepDescription": "PKU_ALL^WeiZijie",
    "ProtocolName": "sms_bold_2mm_run4",
    "PulseSequenceDetails": "%SiemensSeq%\\ep2d_bold",
    "ReceiveCoilActiveElements": "HC1-7",
    "ReceiveCoilName": "HeadNeck_64",
    "ReconMatrixPE": 112,
    "RefLinesPE": 32,
    "RepetitionTime": 2,
    "SAR": 0.116132,
    "ScanOptions": "FS",
    "ScanningSequence": "EP",
    "SequenceName": "*epfid2d1_112",
    "SequenceVariant": "SK",
    "SeriesDescription": "sms_bold_2mm_run4",
    "SeriesNumber": 6,
    "ShimSetting": [
      -139,
      -8272,
      10142,
      467,
      -16,
      -158,
      -221,
      -21
    ],
    "SliceThickness": 2,
    "SliceTiming": [
      0.9575,
      0,
      1.02,
      0.0625,
      1.085,
      0.1275,
      1.15,
      0.19,
      1.2125,
      0.255,
      1.2775,
      0.3175,
      1.34,
      0.3825,
      1.405,
      0.445,
      1.4675,
      0.51,
      1.5325,
      0.575,
      1.595,
      0.6375,
      1.66,
      0.7025,
      1.7225,
      0.765,
      1.7875,
      0.83,
      1.8525,
      0.8925,
      1.915,
      0.9575,
      0,
      1.02,
      0.0625,
      1.085,
      0.1275,
      1.15,
      0.19,
      1.2125,
      0.255,
      1.2775,
      0.3175,
      1.34,
      0.3825,
      1.405,
      0.445,
      1.4675,
      0.51,
      1.5325,
      0.575,
      1.595,
      0.6375,
      1.66,
      0.7025,
      1.7225,
      0.765,
      1.7875,
      0.83,
      1.8525,
      0.8925,
      1.915
    ],
    "SoftwareVersions": "syngo MR E11",
    "SpacingBetweenSlices": 2.3,
    "StationName": "AWP166231",
    "StudyDescription": "PKU_ALL^WeiZijie",
    "TablePosition": [
      0,
      0,
      0
    ],
    "TaskName": "sms_bold_2mm_run4",
    "TotalReadoutTime": 0.0299698,
    "TxRefAmp": 254.734,
    "VendorReportedEchoSpacing": 0.00054,
    "dataset": "<unset>",
    "datatype": "func",
    "direction": "AP",
    "extension": ".nii.gz",
    "modality": "bold",
    "subject": "028",
    "suffix": "bold",
    "task": "smsbold2mmrun4"
  },
  "dummy_trs": 0,
  "dvars_nstd": 38.383815281492545,
  "dvars_std": 1.0506456410447764,
  "dvars_vstd": 1.0144250831343282,
  "efc": 0.5539,
  "fber": 200.6998,
  "fd_mean": 0.05336467088597008,
  "fd_num": 0,
  "fd_perc": 0.0,
  "fwhm_avg": 3.648208647911797,
  "fwhm_x": 3.584255,
  "fwhm_y": 3.78281,
  "fwhm_z": 3.577560943735391,
  "gcor": 0.00685309,
  "gsr_x": 0.032969918102025986,
  "gsr_y": 0.04838009923696518,
  "provenance": {
    "md5sum": "bcc83b9df20defdb250ec61d4c7cf3d7",
    "settings": {
      "fd_thres": 0.5,
      "testing": false
    },
    "software": "mriqc",
    "version": "25.1.0.dev45+g699d1691"
  },
  "size_t": 135,
  "size_x": 112,
  "size_y": 112,
  "size_z": 62,
  "snr": 1.9467350761379727,
  "spacing_tr": 2.0,
  "spacing_x": 2.0,
  "spacing_y": 2.0,
  "spacing_z": 2.299999952316284,
  "summary_bg_k": 29.6877,
  "summary_bg_mad": 7.7535,
  "summary_bg_mean": 87.4867,
  "summary_bg_median": 39.0,
  "summary_bg_n": 612551.0,
  "summary_bg_p05": 32.0,
  "summary_bg_p95": 379.0,
  "summary_bg_stdv": 154.1129,
  "summary_fg_k": 0.5473,
  "summary_fg_mad": 263.5847,
  "summary_fg_mean": 600.0762,
  "summary_fg_median": 553.0,
  "summary_fg_n": 165177.0,
  "summary_fg_p05": 211.0,
  "summary_fg_p95": 1138.0,
  "summary_fg_stdv": 284.0645,
  "tsnr": 38.583880979567766
}
