{
  "bids_meta": {
    "AcquisitionMatrixPE": 224,
    "AcquisitionNumber": 1,
    "AcquisitionTime": "17:29:31.170000",
    "BaseResolution": 256,
    "BidsGuess": [
      "anat",
      "_acq-tfl3p2_run-9_T1w"
    ],
    "BodyPart": "HEAD",
    "CoilCombinationMethod": "Adaptive Combine",
    "ConsistencyInfo": "N4_VE11E_LATEST_20181129",
    "ConversionSoftware": "dcm2niix",
    "ConversionSoftwareVersion": "v1.0.20250505",
    "Defaced": true,
    "DeviceSerialNumber": "166231",
    "DwellTime": 8.2e-6,
    "EchoTime": 0.00298,
    "FileSize": 0.033592923544347286,
    "FileSizeUnits": "GB",
    "FlipAngle": 7,
    "ImageOrientationPatientDICOM": [
      0.0173906,
      0.999835,
      0.00522207,
      0.072885,
      0.00394127,
      -0.997333
    ],
    "ImageOrientationText": "Sag>Tra(-4.2)>Cor(1.0)",
    "ImageType": [
      "ORIGINAL",
      "PRIMARY",
      "M",
      "ND",
      "NORM",
      "MAGNITUDE"
    ],
    "ImagingFrequency": 123.243014,
    "InPlanePhaseEncodingDirectionDICOM": "ROW",
    "InstitutionAddress": "Street StreetNo,Chengdu,District,CN,ZIP",
    "InstitutionName": "Sichuan Normal University",
    "InstitutionalDepartmentName": "Department",
    "Interpolation2D": 1,
    "InversionTime": 1.1,
    "MRAcquisitionType": "3D",
    "MagneticFieldStrength": 3,
    "Manufacturer": "Siemens",
    "ManufacturersModelName": "Prisma",
    "MatrixCoilMode": "GRAPPA",
    "Modality": "MR",
    "NonlinearGradientCorrection": false,
    "NumberOfVolumes": 1,
    "ParallelReductionFactorInPlane": 2,
    "PartialFourier": 1,
    "PatientPosition": "HFS",
    "PercentPhaseFOV": 87.5,
    "PercentSampling": 100,
    "PhaseEncodingSteps": 250,
    "PhaseOversampling": 0.12,
    "PhaseResolution": 1,
    "PixelBandwidth": 240,
    "ProcedureStepDescription": "PKU_ALL^WeiZijie",
    "ProtocolName": "t1_mprage_sag_iso_mww64CH",
    "PulseSequenceDetails": "%SiemensSeq%\\tfl",
    "ReceiveCoilActiveElements": "HC1-7;NC1,2",
    "ReceiveCoilName": "HeadNeck_64",
    "ReconMatrixPE": 448,
    "RefLinesPE": 32,
    "RepetitionTime": 2.53,
    "SAR": 0.0627,
    "ScanOptions": "IR",
    "ScanningSequence": "GR\\IR",
    "SequenceName": "*tfl3d1_16ns",
    "SequenceVariant": "SK\\SP\\MP\\OSP",
    "SeriesDescription": "t1_mprage_sag_iso_mww64CH",
    "SeriesNumber": 9,
    "ShimSetting": [
      -136,
      -8324,
      10105,
      57,
      -55,
      -245,
      29,
      9
    ],
    "SliceThickness": 1,
    "SoftwareVersions": "syngo MR E11",
    "SpoilingState": true,
    "StationName": "AWP166231",
    "StudyDescription": "PKU_ALL^WeiZijie",
    "TablePosition": [
      0,
      0,
      0
    ],
    "TxRefAmp": 249.251,
    "acquisition": "t1mpragesagisomww64CH",
    "dataset": "<unset>",
    "datatype": "anat",
    "extension": ".nii.gz",
    "modality": "T1w",
    "subject": "022",
    "suffix": "T1w"
  },
  "cjv": 0.5291181434599157,
  "cnr": 1.9320525333841518,
  "efc": 0.575,
  "fber": -1.0,
  "fwhm_avg": 6.327003333333333,
  "fwhm_x": 3.97973,
  "fwhm_y": 7.6679,
  "fwhm_z": 7.33338,
  "icvs_csf": 0.2606626099980171,
  "icvs_gm": 0.39318833076442655,
  "icvs_wm": 0.34614905923755634,
  "inu_med": 0.44365184009075165,
  "inu_range": 0.17062556743621826,
  "provenance": {
    "md5sum": "fbeab5be5c2f415626aff27d68535b2d",
    "settings": {
      "testing": false
    },
    "software": "mriqc",
    "version": "25.1.0.dev45+g699d1691",
    "warnings": {
      "large_rot_frame": true,
      "small_air_mask": false
    }
  },
  "qi_1": 0.0,
  "qi_2": 0.0005622721467636593,
  "rpve_csf": 7.080086341879649,
  "rpve_gm": 7.016071332528131,
  "rpve_wm": 7.088976294815123,
  "size_x": 192,
  "size_y": 448,
  "size_z": 512,
  "snr_csf": 2.1138345325132186,
  "snr_gm": 8.249573187435727,
  "snr_total": 7.694806423443798,
  "snr_wm": 12.721011550382451,
  "snrd_csf": 8.269464749541383,
  "snrd_gm": 13.506792424250925,
  "snrd_total": 13.212767010933897,
  "snrd_wm": 17.862043859009386,
  "spacing_x": 1.0,
  "spacing_y": 0.5,
  "spacing_z": 0.5,
  "summary_bg_k": 212.5178,
  "summary_bg_mad": 0.0,
  "summary_bg_mean": 6.8208,
  "summary_bg_median": 0.0,
  "summary_bg_n": 11548426.0,
  "summary_bg_p05": 0.0,
  "summary_bg_p95": 20.0,
  "summary_bg_stdv": 35.6506,
  "summary_csf_k": 1.9422,
  "summary_csf_mad": 157.2498,
  "summary_csf_mean": 447.0734,
  "summary_csf_median": 450.0,
  "summary_csf_n": 1602015.7195215067,
  "summary_csf_p05": 91.0,
  "summary_csf_p95": 781.0,
  "summary_csf_stdv": 212.8832,
  "summary_gm_k": 0.3091,
  "summary_gm_mad": 69.5339,
  "summary_gm_mean": 733.6944,
  "summary_gm_median": 735.0,
  "summary_gm_n": 2416510.3181535113,
  "summary_gm_p05": 585.0,
  "summary_gm_p95": 883.0,
  "summary_gm_stdv": 89.0955,
  "summary_wm_k": 0.72,
  "summary_wm_mad": 55.8671,
  "summary_wm_mean": 953.8682,
  "summary_wm_median": 972.0,
  "summary_wm_n": 2127409.9657038073,
  "summary_wm_p05": 801.0,
  "summary_wm_p95": 1050.0,
  "summary_wm_stdv": 76.409,
  "tpm_overlap_csf": 0.1936822875463553,
  "tpm_overlap_gm": 0.5168684992143256,
  "tpm_overlap_wm": 0.5294198076588859,
  "wm2max": 0.5848160040631264
}
