{
  "bids_meta": {
    "AcquisitionMatrixPE": 224,
    "AcquisitionNumber": 1,
    "AcquisitionTime": "16:17:28.917500",
    "BaseResolution": 256,
    "BidsGuess": [
      "anat",
      "_acq-tfl3p2_run-10_T1w"
    ],
    "BodyPart": "HEAD",
    "CoilCombinationMethod": "Adaptive Combine",
    "ConsistencyInfo": "N4_VE11E_LATEST_20181129",
    "ConversionSoftware": "dcm2niix",
    "ConversionSoftwareVersion": "v1.0.20250505",
    "Defaced": true,
    "DeviceSerialNumber": "166231",
    "DwellTime": 8.2e-6,
    "EchoTime": 0.00298,
    "FileSize": 0.03592586889863014,
    "FileSizeUnits": "GB",
    "FlipAngle": 7,
    "ImageOrientationPatientDICOM": [
      -0.0120663,
      0.999914,
      0.00523217,
      0.0379226,
      0.00568639,
      -0.999264
    ],
    "ImageOrientationText": "Sag>Tra(-2.2)>Cor(-0.7)",
    "ImageType": [
      "ORIGINAL",
      "PRIMARY",
      "M",
      "ND",
      "NORM",
      "MAGNITUDE"
    ],
    "ImagingFrequency": 123.242993,
    "InPlanePhaseEncodingDirectionDICOM": "ROW",
    "InstitutionAddress": "Street StreetNo,Chengdu,District,CN,ZIP",
    "InstitutionName": "Sichuan Normal University",
    "InstitutionalDepartmentName": "Department",
    "Interpolation2D": 1,
    "InversionTime": 1.1,
    "MRAcquisitionType": "3D",
    "MagneticFieldStrength": 3,
    "Manufacturer": "Siemens",
    "ManufacturersModelName": "Prisma",
    "MatrixCoilMode": "GRAPPA",
    "Modality": "MR",
    "NonlinearGradientCorrection": false,
    "NumberOfVolumes": 1,
    "ParallelReductionFactorInPlane": 2,
    "PartialFourier": 1,
    "PatientPosition": "HFS",
    "PercentPhaseFOV": 87.5,
    "PercentSampling": 100,
    "PhaseEncodingSteps": 250,
    "PhaseOversampling": 0.12,
    "PhaseResolution": 1,
    "PixelBandwidth": 240,
    "ProcedureStepDescription": "PKU_ALL^WeiZijie",
    "ProtocolName": "t1_mprage_sag_iso_mww64CH",
    "PulseSequenceDetails": "%SiemensSeq%\\tfl",
    "ReceiveCoilActiveElements": "HC1-7;NC1,2",
    "ReceiveCoilName": "HeadNeck_64",
    "ReconMatrixPE": 448,
    "RefLinesPE": 32,
    "RepetitionTime": 2.53,
    "SAR": 0.0497846,
    "ScanOptions": "IR",
    "ScanningSequence": "GR\\IR",
    "SequenceName": "*tfl3d1_16ns",
    "SequenceVariant": "SK\\SP\\MP\\OSP",
    "SeriesDescription": "t1_mprage_sag_iso_mww64CH",
    "SeriesNumber": 10,
    "ShimSetting": [
      -143,
      -8311,
      10139,
      339,
      6,
      -176,
      -111,
      24
    ],
    "SliceThickness": 1,
    "SoftwareVersions": "syngo MR E11",
    "SpoilingState": true,
    "StationName": "AWP166231",
    "StudyDescription": "PKU_ALL^WeiZijie",
    "TablePosition": [
      0,
      0,
      0
    ],
    "TxRefAmp": 248.846,
    "acquisition": "t1mpragesagisomww64CH",
    "dataset": "<unset>",
    "datatype": "anat",
    "extension": ".nii.gz",
    "modality": "T1w",
    "subject": "008",
    "suffix": "T1w"
  },
  "cjv": 0.5802937254901961,
  "cnr": 1.9316187276728356,
  "efc": 0.6104,
  "fber": 22521.1588,
  "fwhm_avg": 6.756853333333333,
  "fwhm_x": 4.11812,
  "fwhm_y": 8.17552,
  "fwhm_z": 7.97692,
  "icvs_csf": 0.2627521037729893,
  "icvs_gm": 0.3857203140816887,
  "icvs_wm": 0.351527582145322,
  "inu_med": 0.5558057129383087,
  "inu_range": 0.22586983889341355,
  "provenance": {
    "md5sum": "0f1dea2b5df55b5060b59ec5bc014db7",
    "settings": {
      "testing": false
    },
    "software": "mriqc",
    "version": "25.1.0.dev45+g699d1691",
    "warnings": {
      "large_rot_frame": true,
      "small_air_mask": false
    }
  },
  "qi_1": 0.0,
  "qi_2": 0.0006151370138654102,
  "rpve_csf": 6.327464688923403,
  "rpve_gm": 6.260427554718941,
  "rpve_wm": 6.343079588299764,
  "size_x": 192,
  "size_y": 448,
  "size_z": 512,
  "snr_csf": 2.312582627920233,
  "snr_gm": 6.960905838279751,
  "snr_total": 7.27301220512492,
  "snr_wm": 12.545548149174778,
  "snrd_csf": 47.171058073654386,
  "snrd_gm": 78.43431201942533,
  "snrd_total": 77.40325064076622,
  "snrd_wm": 106.60438182921894,
  "spacing_x": 1.0,
  "spacing_y": 0.5,
  "spacing_z": 0.5,
  "summary_bg_k": 244.176,
  "summary_bg_mad": 5.9304,
  "summary_bg_mean": 8.5785,
  "summary_bg_median": 4.0,
  "summary_bg_n": 10763687.0,
  "summary_bg_p05": 0.0,
  "summary_bg_p95": 26.0,
  "summary_bg_stdv": 33.2765,
  "summary_csf_k": -0.7626,
  "summary_csf_mad": 148.6158,
  "summary_csf_mean": 435.0974,
  "summary_csf_median": 427.0,
  "summary_csf_n": 1802972.8817162649,
  "summary_csf_p05": 155.0,
  "summary_csf_p95": 742.0,
  "summary_csf_stdv": 184.642,
  "summary_gm_k": -0.7857,
  "summary_gm_mad": 84.0142,
  "summary_gm_mean": 712.7918,
  "summary_gm_median": 710.0,
  "summary_gm_n": 2646765.7393799946,
  "summary_gm_p05": 547.0,
  "summary_gm_p95": 886.0,
  "summary_gm_stdv": 101.9982,
  "summary_wm_k": -0.3743,
  "summary_wm_mad": 63.9607,
  "summary_wm_mean": 949.826,
  "summary_wm_median": 965.0,
  "summary_wm_n": 2412139.384166011,
  "summary_wm_p05": 803.0,
  "summary_wm_p95": 1053.0,
  "summary_wm_stdv": 76.9197,
  "tpm_overlap_csf": 0.21265626691072329,
  "tpm_overlap_gm": 0.5195951984354221,
  "tpm_overlap_wm": 0.5395736719534248,
  "wm2max": 0.6930720438451455
}
