{
  "aor": 0.0007807407407407407,
  "aqi": 0.004355665333333334,
  "bids_meta": {
    "AcquisitionMatrixPE": 112,
    "AcquisitionNumber": 1,
    "AcquisitionTime": "14:07:53.242500",
    "BandwidthPerPixelPhaseEncode": 33.069,
    "BaseResolution": 112,
    "BidsGuess": [
      "func",
      "_acq-epfid2m2_dir-AP_run-8_bold"
    ],
    "BodyPart": "HEAD",
    "CoilCombinationMethod": "Sum of Squares",
    "ConsistencyInfo": "N4_VE11E_LATEST_20181129",
    "ConversionSoftware": "dcm2niix",
    "ConversionSoftwareVersion": "v1.0.20250505",
    "DerivedVendorReportedEchoSpacing": 0.000539996,
    "DeviceSerialNumber": "166231",
    "DwellTime": 2e-6,
    "EchoTime": 0.03,
    "EchoTrainLength": 55,
    "EffectiveEchoSpacing": 0.000269998,
    "FileSize": 0.10747877322137356,
    "FileSizeUnits": "GB",
    "FlipAngle": 90,
    "ImageOrientationPatientDICOM": [
      0.998424,
      0.0560806,
      0.00222445,
      -0.0558206,
      0.996354,
      -0.0645264
    ],
    "ImageOrientationText": "Tra>Cor(-3.7)>Sag(0.3)",
    "ImageType": [
      "ORIGINAL",
      "PRIMARY",
      "M",
      "ND",
      "MOSAIC",
      "MAGNITUDE"
    ],
    "ImagingFrequency": 123.242957,
    "InPlanePhaseEncodingDirectionDICOM": "COL",
    "InstitutionAddress": "Street StreetNo,Chengdu,District,CN,ZIP",
    "InstitutionName": "Sichuan Normal University",
    "InstitutionalDepartmentName": "Department",
    "MRAcquisitionType": "2D",
    "MagneticFieldStrength": 3,
    "Manufacturer": "Siemens",
    "ManufacturersModelName": "Prisma",
    "Modality": "MR",
    "MultibandAccelerationFactor": 2,
    "NonlinearGradientCorrection": false,
    "NumberOfVolumes": 135,
    "ParallelReductionFactorInPlane": 2,
    "PartialFourier": 1,
    "PatientPosition": "HFS",
    "PercentPhaseFOV": 100,
    "PercentSampling": 100,
    "PhaseEncodingDirection": "j-",
    "PhaseEncodingSteps": 111,
    "PhaseResolution": 1,
    "PixelBandwidth": 2230,
    "ProcedureStepDescription": "PKU_ALL^WeiZijie",
    "ProtocolName": "sms_bold_2mm_run4",
    "PulseSequenceDetails": "%SiemensSeq%\\ep2d_bold",
    "ReceiveCoilActiveElements": "HC1-7",
    "ReceiveCoilName": "HeadNeck_64",
    "ReconMatrixPE": 112,
    "RefLinesPE": 32,
    "RepetitionTime": 2,
    "SAR": 0.098151,
    "ScanOptions": "FS",
    "ScanningSequence": "EP",
    "SequenceName": "*epfid2d1_112",
    "SequenceVariant": "SK",
    "SeriesDescription": "sms_bold_2mm_run4",
    "SeriesNumber": 8,
    "ShimSetting": [
      -158,
      -8309,
      10126,
      448,
      -22,
      3,
      43,
      40
    ],
    "SliceThickness": 2,
    "SliceTiming": [
      0.9575,
      0,
      1.0225,
      0.0625,
      1.085,
      0.1275,
      1.15,
      0.1925,
      1.2125,
      0.255,
      1.2775,
      0.32,
      1.34,
      0.3825,
      1.405,
      0.4475,
      1.47,
      0.51,
      1.5325,
      0.575,
      1.5975,
      0.6375,
      1.66,
      0.7025,
      1.725,
      0.765,
      1.7875,
      0.83,
      1.8525,
      0.895,
      1.915,
      0.9575,
      0,
      1.0225,
      0.0625,
      1.085,
      0.1275,
      1.15,
      0.1925,
      1.2125,
      0.255,
      1.2775,
      0.32,
      1.34,
      0.3825,
      1.405,
      0.4475,
      1.47,
      0.51,
      1.5325,
      0.575,
      1.5975,
      0.6375,
      1.66,
      0.7025,
      1.725,
      0.765,
      1.7875,
      0.83,
      1.8525,
      0.895,
      1.915
    ],
    "SoftwareVersions": "syngo MR E11",
    "SpacingBetweenSlices": 2.3,
    "StationName": "AWP166231",
    "StudyDescription": "PKU_ALL^WeiZijie",
    "TablePosition": [
      0,
      0,
      0
    ],
    "TaskName": "sms_bold_2mm_run4",
    "TotalReadoutTime": 0.0299698,
    "TxRefAmp": 251.24,
    "VendorReportedEchoSpacing": 0.00054,
    "dataset": "<unset>",
    "datatype": "func",
    "direction": "AP",
    "extension": ".nii.gz",
    "modality": "bold",
    "subject": "055",
    "suffix": "bold",
    "task": "smsbold2mmrun4"
  },
  "dummy_trs": 0,
  "dvars_nstd": 40.369478310746295,
  "dvars_std": 1.0865942697761197,
  "dvars_vstd": 1.0120966712686565,
  "efc": 0.5425,
  "fber": 225.9979,
  "fd_mean": 0.07525945072465201,
  "fd_num": 0,
  "fd_perc": 0.0,
  "fwhm_avg": 3.2721783555788235,
  "fwhm_x": 3.222215,
  "fwhm_y": 3.37532,
  "fwhm_z": 3.2190000667364713,
  "gcor": 0.0021011,
  "gsr_x": -0.015593530610203743,
  "gsr_y": 0.03632950037717819,
  "provenance": {
    "md5sum": "4d76d6df364b2b216571aeeb761a92f3",
    "settings": {
      "fd_thres": 0.5,
      "testing": false
    },
    "software": "mriqc",
    "version": "25.1.0.dev45+g699d1691"
  },
  "size_t": 135,
  "size_x": 112,
  "size_y": 112,
  "size_z": 62,
  "snr": 2.258690128801364,
  "spacing_tr": 2.0,
  "spacing_x": 2.0,
  "spacing_y": 2.0,
  "spacing_z": 2.299999952316284,
  "summary_bg_k": 56.168,
  "summary_bg_mad": 5.6009,
  "summary_bg_mean": 60.4029,
  "summary_bg_median": 37.0,
  "summary_bg_n": 618233.0,
  "summary_bg_p05": 32.0,
  "summary_bg_p95": 181.0,
  "summary_bg_stdv": 80.9232,
  "summary_fg_k": 0.2913,
  "summary_fg_mad": 237.1834,
  "summary_fg_mean": 575.5416,
  "summary_fg_median": 553.0,
  "summary_fg_n": 159495.0,
  "summary_fg_p05": 186.0,
  "summary_fg_p95": 1005.0,
  "summary_fg_stdv": 244.8314,
  "tsnr": 40.24904725793749
}
